{
  "aor": 0.002363333333333333,
  "aqi": 0.0054289739333333335,
  "bids_meta": {
    "AcquisitionMatrixPE": 96,
    "AcquisitionNumber": 1,
    "AcquisitionTime": "10:17:20.142500",
    "BandwidthPerPixelPhaseEncode": 16.276,
    "BaseResolution": 96,
    "BodyPartExamined": "BRAIN",
    "ConsistencyInfo": "N4_VE11C_LATEST_20160120",
    "ConversionSoftware": "dcm2niix",
    "ConversionSoftwareVersion": "v1.0.20190410  GCC6.3.0",
    "DerivedVendorReportedEchoSpacing": 0.000640002,
    "DeviceSerialNumber": "66044",
    "EchoTime": 0.0302,
    "EchoTrainLength": 84,
    "EffectiveEchoSpacing": 0.000640002,
    "FlipAngle": 90,
    "ImageComments": "Unaliased_MB3_PE3_CBPD0212@mackeylab:CBPD_data",
    "ImageOrientationPatientDICOM": [
      0.993781,
      0.0912422,
      0.0638224,
      -0.0969158,
      0.991002,
      0.0923182
    ],
    "ImageType": [
      "ORIGINAL",
      "PRIMARY",
      "M",
      "MB",
      "ND",
      "MOSAIC"
    ],
    "ImagingFrequency": 123.263,
    "InPlanePhaseEncodingDirectionDICOM": "COL",
    "InstitutionAddress": "Curie_Blvd._422_Philadelphia_PA_US_19104",
    "InstitutionName": "Hospital_Univ._of_Pennsylvania",
    "MRAcquisitionType": "2D",
    "MagneticFieldStrength": 3,
    "Manufacturer": "Siemens",
    "ManufacturersModelName": "Prisma",
    "Modality": "MR",
    "MultibandAccelerationFactor": 3,
    "PartialFourier": 0.875,
    "PatientPosition": "HFS",
    "PercentPhaseFOV": 100,
    "PhaseEncodingDirection": "j-",
    "PhaseEncodingSteps": 84,
    "PhaseResolution": 1,
    "PixelBandwidth": 1860,
    "ProcedureStepDescription": "CAMRIS_Mackey",
    "ProtocolName": "Mackey_BOLD_piper",
    "PulseSequenceDetails": "%CustomerSeq%_cmrr_mbep2d_bold",
    "ReceiveCoilActiveElements": "HEA;HEP",
    "ReceiveCoilName": "Head_32",
    "ReconMatrixPE": 96,
    "RepetitionTime": 2,
    "SAR": 0.0813251,
    "ScanOptions": "PFP_FS_EXT",
    "ScanningSequence": "EP",
    "SequenceName": "epfid2d1_96",
    "SequenceVariant": "SK_SS",
    "SeriesDescription": "Mackey_BOLD_piper",
    "SeriesNumber": 7,
    "ShimSetting": [
      3773,
      2493,
      457,
      410,
      -129,
      149,
      -13,
      122
    ],
    "SliceThickness": 2,
    "SliceTiming": [
      0,
      0.08,
      0.1575,
      0.2375,
      0.3175,
      0.395,
      0.475,
      0.555,
      0.6325,
      0.7125,
      0.7925,
      0.87,
      0.95,
      1.03,
      1.1075,
      1.1875,
      1.2675,
      1.345,
      1.425,
      1.505,
      1.5825,
      1.6625,
      1.7425,
      1.82,
      1.9,
      0,
      0.08,
      0.1575,
      0.2375,
      0.3175,
      0.395,
      0.475,
      0.555,
      0.6325,
      0.7125,
      0.7925,
      0.87,
      0.95,
      1.03,
      1.1075,
      1.1875,
      1.2675,
      1.345,
      1.425,
      1.505,
      1.5825,
      1.6625,
      1.7425,
      1.82,
      1.9,
      0,
      0.08,
      0.1575,
      0.2375,
      0.3175,
      0.395,
      0.475,
      0.555,
      0.6325,
      0.7125,
      0.7925,
      0.87,
      0.95,
      1.03,
      1.1075,
      1.1875,
      1.2675,
      1.345,
      1.425,
      1.505,
      1.5825,
      1.6625,
      1.7425,
      1.82,
      1.9
    ],
    "SoftwareVersions": "syngo_MR_E11",
    "SpacingBetweenSlices": 2,
    "StationName": "AWP66044",
    "TaskName": "piper",
    "TotalReadoutTime": 0.0608002,
    "TxRefAmp": 217.628,
    "WipMemBlock": "6c8d13de-063b-4aae-af49-1a1cb2fa830b||Sequence: R016 ve11c/master r/e634e98; Dec 19 2017 11:00:25 by eja",
    "dataset": "ds004228",
    "modality": "bold",
    "run_id": 1,
    "session_id": "01",
    "subject_id": "30",
    "task_id": "piper"
  },
  "dummy_trs": 0,
  "dvars_nstd": 37.9496739666443,
  "dvars_std": 1.2576233617449666,
  "dvars_vstd": 1.0273186220805368,
  "efc": 0.5212154317036151,
  "fber": 671.3807983398438,
  "fd_mean": 0.22256278738089397,
  "fd_num": 56,
  "fd_perc": 37.333333333333336,
  "fwhm_avg": 3.5869983333333333,
  "fwhm_x": 3.39622,
  "fwhm_y": 3.60938,
  "fwhm_z": 3.755395,
  "gcor": 0.0222195,
  "gsr_x": -0.007179204374551773,
  "gsr_y": 0.04257647693157196,
  "provenance": {
    "md5sum": "5bce46add6601f65946c74c1739b522b",
    "settings": {
      "fd_thres": 0.2,
      "testing": false
    },
    "software": "mriqc",
    "version": "23.0.1",
    "webapi_port": null,
    "webapi_url": "https://mriqc.nimh.nih.gov/api/v1"
  },
  "size_t": 150,
  "size_x": 96,
  "size_y": 96,
  "size_z": 75,
  "snr": 2.204208189569683,
  "spacing_tr": 2.0,
  "spacing_x": 2.0,
  "spacing_y": 2.0,
  "spacing_z": 2.0,
  "summary_bg_k": 36.70923545672594,
  "summary_bg_mad": 73.84348113236527,
  "summary_bg_mean": 400.66729736328125,
  "summary_bg_median": 233.4733428955078,
  "summary_bg_n": 443178.0,
  "summary_bg_p05": 172.07333374023438,
  "summary_bg_p95": 1286.0470336914045,
  "summary_bg_stdv": 498.24688720703125,
  "summary_fg_k": 2.01432416523161,
  "summary_fg_mad": 2243.6317826698846,
  "summary_fg_mean": 6754.00048828125,
  "summary_fg_median": 6130.48681640625,
  "summary_fg_n": 154235.0,
  "summary_fg_p05": 3546.780029296875,
  "summary_fg_p95": 12427.041992187496,
  "summary_fg_stdv": 2781.255859375,
  "tsnr": 46.471257055643946
}