{
  "bids_meta": {
    "AcquisitionMatrixPE": 256,
    "AcquisitionNumber": 1,
    "AcquisitionTime": "09:57:56.697500",
    "BaseResolution": 256,
    "BodyPartExamined": "BRAIN",
    "ConsistencyInfo": "N4_VE11C_LATEST_20160120",
    "ConversionSoftware": "dcm2niix",
    "ConversionSoftwareVersion": "v1.0.20190410  GCC6.3.0",
    "DeviceSerialNumber": "66044",
    "EchoTime": 0.00169,
    "FlipAngle": 7,
    "ImageComments": "CBPD0193@mackeylab:CBPD_data",
    "ImageOrientationPatientDICOM": [
      0.205926,
      0.962381,
      0.177248,
      0.0465956,
      0.171282,
      -0.98412
    ],
    "ImageType": [
      "ORIGINAL",
      "PRIMARY",
      "OTHER",
      "ND",
      "NORM",
      "MEAN"
    ],
    "ImagingFrequency": 123.263,
    "InPlanePhaseEncodingDirectionDICOM": "ROW",
    "InstitutionAddress": "Curie_Blvd._422_Philadelphia_PA_US_19104",
    "InstitutionName": "Hospital_Univ._of_Pennsylvania",
    "InversionTime": 1.33,
    "MRAcquisitionType": "3D",
    "MagneticFieldStrength": 3,
    "Manufacturer": "Siemens",
    "ManufacturersModelName": "Prisma",
    "Modality": "MR",
    "NumberOfAverages": 4,
    "PartialFourier": 1,
    "PatientPosition": "HFS",
    "PercentPhaseFOV": 100,
    "PhaseEncodingSteps": 255,
    "PhaseResolution": 1,
    "PixelBandwidth": 650,
    "ProcedureStepDescription": "CAMRIS_Mackey",
    "ProtocolName": "vNav_MPRAGE_1mm_p3",
    "PulseSequenceDetails": "%CustomerSeq%_tfl_mgh_epinav_ABCD",
    "ReceiveCoilActiveElements": "HEA;HEP",
    "ReceiveCoilName": "Head_32",
    "ReconMatrixPE": 256,
    "RefLinesPE": 32,
    "RepetitionTime": 2.53,
    "SAR": 0.0342421,
    "ScanOptions": "IR_WE",
    "ScanningSequence": "GR_IR",
    "SequenceName": "tfl3d4_16ns",
    "SequenceVariant": "SK_SP_MP",
    "SeriesDescription": "vNav_MPRAGE_1mm_p3_RMS",
    "SeriesNumber": 9,
    "ShimSetting": [
      3755,
      2382,
      426,
      391,
      -11,
      -507,
      152,
      79
    ],
    "SliceThickness": 1,
    "SoftwareVersions": "syngo_MR_E11",
    "StationName": "AWP66044",
    "TxRefAmp": 216.645,
    "WipMemBlock": "Prisma_epi_moco_navigator_ABCD_tfl.prot",
    "dataset": "ds004228",
    "modality": "T1w",
    "run_id": 1,
    "session_id": "01",
    "subject_id": "19"
  },
  "cjv": 0.31370747427056994,
  "cnr": 4.286834627483769,
  "efc": 0.5695650037884397,
  "fber": 27305.942425990008,
  "fwhm_avg": 3.5654391127784897,
  "fwhm_x": 3.6473173383354696,
  "fwhm_y": 3.70853,
  "fwhm_z": 3.34047,
  "icvs_csf": 0.1698036544389182,
  "icvs_gm": 0.5222288878232615,
  "icvs_wm": 0.3079674577378203,
  "inu_med": 0.45583897829055786,
  "inu_range": 0.17721543908119197,
  "provenance": {
    "md5sum": "6b6f6f1de37a917bac48cb340d3dabd0",
    "settings": {
      "testing": false
    },
    "software": "mriqc",
    "version": "23.0.1",
    "warnings": {
      "large_rot_frame": true,
      "small_air_mask": false
    },
    "webapi_port": null,
    "webapi_url": "https://mriqc.nimh.nih.gov/api/v1"
  },
  "qi_1": 0.0,
  "qi_2": 0.0026950748866285804,
  "rpve_csf": 33.37898705235202,
  "rpve_gm": 12.506983806777692,
  "rpve_wm": 21.71050528691753,
  "size_x": 176,
  "size_y": 256,
  "size_z": 256,
  "snr_csf": 2.7655280626349117,
  "snr_gm": 17.014679342867698,
  "snr_total": 15.476119660867463,
  "snr_wm": 26.64815157709978,
  "snrd_csf": 36.33150561198522,
  "snrd_gm": 85.58444084619615,
  "snrd_total": 78.67536877523655,
  "snrd_wm": 114.1101598675283,
  "spacing_x": 1.000549077987671,
  "spacing_y": 1.0,
  "spacing_z": 1.0,
  "summary_bg_k": 164.05478619947297,
  "summary_bg_mad": 5.7412624567430335,
  "summary_bg_mean": 5.140204782702963,
  "summary_bg_median": 3.872422680258751,
  "summary_bg_n": 1817106.0,
  "summary_bg_p05": 0.0,
  "summary_bg_p95": 18.298261016607285,
  "summary_bg_stdv": 7.022607583524291,
  "summary_csf_k": 3.739113384301115,
  "summary_csf_mad": 82.96439703974823,
  "summary_csf_mean": 326.4036609384555,
  "summary_csf_median": 318.38974168896675,
  "summary_csf_n": 24158.0,
  "summary_csf_p05": 129.52828324511648,
  "summary_csf_p95": 529.102728114277,
  "summary_csf_stdv": 115.1256268866942,
  "summary_gm_k": 0.35081616563379514,
  "summary_gm_mad": 42.36546966706535,
  "summary_gm_mean": 748.8803017019868,
  "summary_gm_median": 750.0159312039614,
  "summary_gm_n": 50981.0,
  "summary_gm_p05": 674.6100741773844,
  "summary_gm_p95": 818.9961198270321,
  "summary_gm_stdv": 44.08008874081468,
  "summary_wm_k": 0.569475257537412,
  "summary_wm_mad": 36.056390044270806,
  "summary_wm_mean": 999.5126580731395,
  "summary_wm_median": 999.9999645575881,
  "summary_wm_n": 128809.0,
  "summary_wm_p05": 937.5305525287986,
  "summary_wm_p95": 1059.5246331855653,
  "summary_wm_stdv": 37.52590793926599,
  "tpm_overlap_csf": 0.13394441972733304,
  "tpm_overlap_gm": 0.4793290932754779,
  "tpm_overlap_wm": 0.471871700310425,
  "wm2max": 0.9078949910174435
}