{
  "bids_meta": {
    "AcquisitionMatrixPE": 256,
    "AcquisitionNumber": 1,
    "AcquisitionTime": "11:10:23.017500",
    "BaseResolution": 256,
    "BodyPartExamined": "BRAIN",
    "ConsistencyInfo": "N4_VE11C_LATEST_20160120",
    "ConversionSoftware": "dcm2niix",
    "ConversionSoftwareVersion": "v1.0.20190410  GCC6.3.0",
    "DeviceSerialNumber": "66044",
    "EchoTime": 0.00169,
    "FlipAngle": 7,
    "ImageComments": "CBPD0191@mackeylab:CBPD_data",
    "ImageOrientationPatientDICOM": [
      -0.00274895,
      0.999094,
      -0.0424701,
      -0.0694981,
      -0.0425584,
      -0.996674
    ],
    "ImageType": [
      "ORIGINAL",
      "PRIMARY",
      "OTHER",
      "ND",
      "NORM",
      "MEAN"
    ],
    "ImagingFrequency": 123.263,
    "InPlanePhaseEncodingDirectionDICOM": "ROW",
    "InstitutionAddress": "Curie_Blvd._422_Philadelphia_PA_US_19104",
    "InstitutionName": "SC3T",
    "InversionTime": 1.33,
    "MRAcquisitionType": "3D",
    "MagneticFieldStrength": 3,
    "Manufacturer": "Siemens",
    "ManufacturersModelName": "Prisma",
    "Modality": "MR",
    "NumberOfAverages": 4,
    "PartialFourier": 1,
    "PatientPosition": "HFS",
    "PercentPhaseFOV": 100,
    "PhaseEncodingSteps": 255,
    "PhaseResolution": 1,
    "PixelBandwidth": 650,
    "ProcedureStepDescription": "CAMRIS_Mackey",
    "ProtocolName": "vNav_MPRAGE_1mm_p3",
    "PulseSequenceDetails": "%CustomerSeq%_tfl_mgh_epinav_ABCD",
    "ReceiveCoilActiveElements": "HEA;HEP",
    "ReceiveCoilName": "Head_32",
    "ReconMatrixPE": 256,
    "RefLinesPE": 32,
    "RepetitionTime": 2.53,
    "SAR": 0.0413661,
    "ScanOptions": "IR_WE",
    "ScanningSequence": "GR_IR",
    "SequenceName": "tfl3d4_16ns",
    "SequenceVariant": "SK_SP_MP",
    "SeriesDescription": "vNav_MPRAGE_1mm_p3_RMS",
    "SeriesNumber": 9,
    "ShimSetting": [
      3746,
      2429,
      450,
      231,
      50,
      -165,
      37,
      58
    ],
    "SliceThickness": 1,
    "SoftwareVersions": "syngo_MR_E11",
    "StationName": "AWP66044",
    "TxRefAmp": 219.418,
    "WipMemBlock": "Prisma_epi_moco_navigator_ABCD_tfl.prot",
    "dataset": "ds004228",
    "modality": "T1w",
    "run_id": 1,
    "session_id": "01",
    "subject_id": "17"
  },
  "cjv": 0.28908519528587806,
  "cnr": 4.522970242212052,
  "efc": 0.570791402650976,
  "fber": 26635.142496124357,
  "fwhm_avg": 3.8265833333333332,
  "fwhm_x": 3.88176,
  "fwhm_y": 3.99482,
  "fwhm_z": 3.60317,
  "icvs_csf": 0.14315686495619911,
  "icvs_gm": 0.5137608565598512,
  "icvs_wm": 0.34308227848394973,
  "inu_med": 0.4454278200864792,
  "inu_range": 0.20614749938249588,
  "provenance": {
    "md5sum": "c83cae2d749a2a0f829a88407d26ee37",
    "settings": {
      "testing": false
    },
    "software": "mriqc",
    "version": "23.0.1",
    "warnings": {
      "large_rot_frame": true,
      "small_air_mask": false
    },
    "webapi_port": null,
    "webapi_url": "https://mriqc.nimh.nih.gov/api/v1"
  },
  "qi_1": 0.0,
  "qi_2": 0.0026104368310468752,
  "rpve_csf": 32.73414543690982,
  "rpve_gm": 10.5913344842236,
  "rpve_wm": 16.492136462617953,
  "size_x": 176,
  "size_y": 256,
  "size_z": 256,
  "snr_csf": 3.2652807707424745,
  "snr_gm": 17.2320495078891,
  "snr_total": 15.850679395385574,
  "snr_wm": 27.054707907525145,
  "snrd_csf": 40.59121752340304,
  "snrd_gm": 83.96223849629682,
  "snrd_total": 79.27550040147418,
  "snrd_wm": 113.27304518472266,
  "spacing_x": 1.0,
  "spacing_y": 1.0,
  "spacing_z": 1.0,
  "summary_bg_k": 5.393498127035215,
  "summary_bg_mad": 5.7836920758234385,
  "summary_bg_mean": 5.783877042999577,
  "summary_bg_median": 3.9010410234332085,
  "summary_bg_n": 2281403.0,
  "summary_bg_p05": 0.0,
  "summary_bg_p95": 22.03292047418654,
  "summary_bg_stdv": 7.523462703999499,
  "summary_csf_k": 1.2936128264295599,
  "summary_csf_mad": 83.7455005672802,
  "summary_csf_mean": 369.92694458707234,
  "summary_csf_median": 358.34843421634287,
  "summary_csf_n": 23544.0,
  "summary_csf_p05": 204.9728363662027,
  "summary_csf_p95": 570.4187768527306,
  "summary_csf_stdv": 109.74272937274549,
  "summary_gm_k": 0.4973519019289916,
  "summary_gm_mad": 39.984197769085505,
  "summary_gm_mean": 742.0565855434224,
  "summary_gm_median": 741.237600993365,
  "summary_gm_n": 79540.0,
  "summary_gm_p05": 672.9494798127562,
  "summary_gm_p95": 814.5224382399582,
  "summary_gm_stdv": 43.01478713324748,
  "summary_wm_k": 0.5916840831762733,
  "summary_wm_mad": 34.82018698710029,
  "summary_wm_mean": 999.4634382735273,
  "summary_wm_median": 1000.0000211242586,
  "summary_wm_n": 191631.0,
  "summary_wm_p05": 938.4790119230747,
  "summary_wm_p95": 1058.9435567921028,
  "summary_wm_stdv": 36.96204798653428,
  "tpm_overlap_csf": 0.14749307731432734,
  "tpm_overlap_gm": 0.472748714478663,
  "tpm_overlap_wm": 0.49965556571073594,
  "wm2max": 0.9123976247117148
}