{
  "aor": 0.0008180666666666665,
  "aqi": 0.002745619133333333,
  "bids_meta": {
    "AcquisitionMatrixPE": 96,
    "AcquisitionNumber": 1,
    "AcquisitionTime": "11:58:45.775000",
    "BandwidthPerPixelPhaseEncode": 16.276,
    "BaseResolution": 96,
    "BodyPartExamined": "BRAIN",
    "ConsistencyInfo": "N4_VE11C_LATEST_20160120",
    "ConversionSoftware": "dcm2niix",
    "ConversionSoftwareVersion": "v1.0.20190410  GCC6.3.0",
    "DerivedVendorReportedEchoSpacing": 0.000640002,
    "DeviceSerialNumber": "66044",
    "EchoTime": 0.0302,
    "EchoTrainLength": 84,
    "EffectiveEchoSpacing": 0.000640002,
    "FlipAngle": 90,
    "ImageComments": "Unaliased_MB3_PE3_CBPD0126_2@mackeylab:CBPD_data",
    "ImageOrientationPatientDICOM": [
      0.999314,
      0.0230736,
      0.0289672,
      -0.0242482,
      0.99887,
      0.0408764
    ],
    "ImageType": [
      "ORIGINAL",
      "PRIMARY",
      "M",
      "MB",
      "ND",
      "MOSAIC"
    ],
    "ImagingFrequency": 123.263,
    "InPlanePhaseEncodingDirectionDICOM": "COL",
    "InstitutionAddress": "Curie_Blvd._422_Philadelphia_PA_US_19104",
    "InstitutionName": "Hospital_Univ._of_Pennsylvania",
    "MRAcquisitionType": "2D",
    "MagneticFieldStrength": 3,
    "Manufacturer": "Siemens",
    "ManufacturersModelName": "Prisma",
    "Modality": "MR",
    "MultibandAccelerationFactor": 3,
    "PartialFourier": 0.875,
    "PatientPosition": "HFS",
    "PercentPhaseFOV": 100,
    "PhaseEncodingDirection": "j-",
    "PhaseEncodingSteps": 84,
    "PhaseResolution": 1,
    "PixelBandwidth": 1860,
    "ProcedureStepDescription": "CAMRIS_Mackey",
    "ProtocolName": "BOLD_piper",
    "PulseSequenceDetails": "%CustomerSeq%_cmrr_mbep2d_bold",
    "ReceiveCoilActiveElements": "HEA;HEP",
    "ReceiveCoilName": "Head_32",
    "ReconMatrixPE": 96,
    "RepetitionTime": 2,
    "SAR": 0.0851978,
    "ScanOptions": "PFP_FS_EXT",
    "ScanningSequence": "EP",
    "SequenceName": "epfid2d1_96",
    "SequenceVariant": "SK_SS",
    "SeriesDescription": "BOLD_piper",
    "SeriesNumber": 15,
    "ShimSetting": [
      3762,
      2490,
      379,
      267,
      -80,
      59,
      -25,
      47
    ],
    "SliceThickness": 2,
    "SliceTiming": [
      0,
      0.0775,
      0.1575,
      0.2375,
      0.315,
      0.395,
      0.475,
      0.5525,
      0.6325,
      0.7125,
      0.7925,
      0.87,
      0.95,
      1.03,
      1.1075,
      1.1875,
      1.2675,
      1.345,
      1.425,
      1.505,
      1.5825,
      1.6625,
      1.7425,
      1.82,
      1.9,
      0,
      0.0775,
      0.1575,
      0.2375,
      0.315,
      0.395,
      0.475,
      0.5525,
      0.6325,
      0.7125,
      0.7925,
      0.87,
      0.95,
      1.03,
      1.1075,
      1.1875,
      1.2675,
      1.345,
      1.425,
      1.505,
      1.5825,
      1.6625,
      1.7425,
      1.82,
      1.9,
      0,
      0.0775,
      0.1575,
      0.2375,
      0.315,
      0.395,
      0.475,
      0.5525,
      0.6325,
      0.7125,
      0.7925,
      0.87,
      0.95,
      1.03,
      1.1075,
      1.1875,
      1.2675,
      1.345,
      1.425,
      1.505,
      1.5825,
      1.6625,
      1.7425,
      1.82,
      1.9
    ],
    "SoftwareVersions": "syngo_MR_E11",
    "SpacingBetweenSlices": 2,
    "StationName": "AWP66044",
    "TaskName": "piper",
    "TotalReadoutTime": 0.0608002,
    "TxRefAmp": 220.32,
    "WipMemBlock": "37b3d97b-e56e-4096-a198-b9071dfa5c3f||Sequence: R016 ve11c/master r/e634e98; Dec 19 2017 11:00:25 by eja",
    "dataset": "ds004228",
    "modality": "bold",
    "run_id": 1,
    "session_id": "01",
    "subject_id": "11",
    "task_id": "piper"
  },
  "dummy_trs": 0,
  "dvars_nstd": 32.719799963489926,
  "dvars_std": 1.2323998844966435,
  "dvars_vstd": 1.0174447097315438,
  "efc": 0.5551139881631536,
  "fber": 525.3108520507812,
  "fd_mean": 0.08739671920082777,
  "fd_num": 2,
  "fd_perc": 1.3333333333333333,
  "fwhm_avg": 3.5201766666666665,
  "fwhm_x": 3.33548,
  "fwhm_y": 3.500155,
  "fwhm_z": 3.724895,
  "gcor": 0.0124273,
  "gsr_x": -0.013615109957754612,
  "gsr_y": 0.0489114373922348,
  "provenance": {
    "md5sum": "6f3e72095ddc986be9e5866e9bfd3e5c",
    "settings": {
      "fd_thres": 0.2,
      "testing": false
    },
    "software": "mriqc",
    "version": "23.0.1",
    "webapi_port": null,
    "webapi_url": "https://mriqc.nimh.nih.gov/api/v1"
  },
  "size_t": 150,
  "size_x": 96,
  "size_y": 96,
  "size_z": 75,
  "snr": 2.145365830899674,
  "spacing_tr": 2.0,
  "spacing_x": 2.0,
  "spacing_y": 2.0,
  "spacing_z": 2.0,
  "summary_bg_k": 22.329113325501076,
  "summary_bg_mad": 99.18607936893896,
  "summary_bg_mean": 558.7542724609375,
  "summary_bg_median": 269.94000244140625,
  "summary_bg_n": 423216.0,
  "summary_bg_p05": 186.72666931152344,
  "summary_bg_p95": 2100.2017822265625,
  "summary_bg_stdv": 783.98095703125,
  "summary_fg_k": 1.4590801419178563,
  "summary_fg_mad": 2556.8365688172444,
  "summary_fg_mean": 6909.9443359375,
  "summary_fg_median": 6308.2568359375,
  "summary_fg_n": 169192.0,
  "summary_fg_p05": 3367.817102050781,
  "summary_fg_p95": 12783.704150390622,
  "summary_fg_stdv": 2940.402099609375,
  "tsnr": 60.95402644062415
}