{
  "aor": 0.011341866666666667,
  "aqi": 0.009989698200000001,
  "bids_meta": {
    "AcquisitionMatrixPE": 96,
    "AcquisitionNumber": 1,
    "AcquisitionTime": "11:05:33.365000",
    "BandwidthPerPixelPhaseEncode": 16.276,
    "BaseResolution": 96,
    "BodyPartExamined": "BRAIN",
    "ConsistencyInfo": "N4_VE11C_LATEST_20160120",
    "ConversionSoftware": "dcm2niix",
    "ConversionSoftwareVersion": "v1.0.20190410  GCC6.3.0",
    "DerivedVendorReportedEchoSpacing": 0.000640002,
    "DeviceSerialNumber": "66044",
    "EchoTime": 0.0302,
    "EchoTrainLength": 84,
    "EffectiveEchoSpacing": 0.000640002,
    "FlipAngle": 90,
    "ImageComments": "Unaliased_MB3_PE3_CBPD0208@mackeylab:CBPD_data",
    "ImageOrientationPatientDICOM": [
      0.99931,
      -0.000815863,
      0.0371427,
      -0.00488359,
      0.988199,
      0.153098
    ],
    "ImageType": [
      "ORIGINAL",
      "PRIMARY",
      "M",
      "MB",
      "ND",
      "MOSAIC"
    ],
    "ImagingFrequency": 123.263,
    "InPlanePhaseEncodingDirectionDICOM": "COL",
    "InstitutionAddress": "Curie_Blvd._422_Philadelphia_PA_US_19104",
    "InstitutionName": "SC3T",
    "MRAcquisitionType": "2D",
    "MagneticFieldStrength": 3,
    "Manufacturer": "Siemens",
    "ManufacturersModelName": "Prisma",
    "Modality": "MR",
    "MultibandAccelerationFactor": 3,
    "PartialFourier": 0.875,
    "PatientPosition": "HFS",
    "PercentPhaseFOV": 100,
    "PhaseEncodingDirection": "j-",
    "PhaseEncodingSteps": 84,
    "PhaseResolution": 1,
    "PixelBandwidth": 1860,
    "ProcedureStepDescription": "CAMRIS_Mackey",
    "ProtocolName": "Mackey_BOLD_piper",
    "PulseSequenceDetails": "%CustomerSeq%_cmrr_mbep2d_bold",
    "ReceiveCoilActiveElements": "HEA;HEP",
    "ReceiveCoilName": "Head_32",
    "ReconMatrixPE": 96,
    "RepetitionTime": 2,
    "SAR": 0.0857255,
    "ScanOptions": "PFP_FS_EXT",
    "ScanningSequence": "EP",
    "SequenceName": "epfid2d1_96",
    "SequenceVariant": "SK_SS",
    "SeriesDescription": "Mackey_BOLD_piper",
    "SeriesNumber": 20,
    "ShimSetting": [
      3756,
      2434,
      415,
      348,
      14,
      -333,
      -34,
      101
    ],
    "SliceThickness": 2,
    "SliceTiming": [
      0,
      0.08,
      0.16,
      0.2375,
      0.3175,
      0.3975,
      0.475,
      0.555,
      0.635,
      0.7125,
      0.7925,
      0.8725,
      0.95,
      1.03,
      1.11,
      1.1875,
      1.2675,
      1.3475,
      1.425,
      1.505,
      1.585,
      1.6625,
      1.7425,
      1.8225,
      1.9,
      0,
      0.08,
      0.16,
      0.2375,
      0.3175,
      0.3975,
      0.475,
      0.555,
      0.635,
      0.7125,
      0.7925,
      0.8725,
      0.95,
      1.03,
      1.11,
      1.1875,
      1.2675,
      1.3475,
      1.425,
      1.505,
      1.585,
      1.6625,
      1.7425,
      1.8225,
      1.9,
      0,
      0.08,
      0.16,
      0.2375,
      0.3175,
      0.3975,
      0.475,
      0.555,
      0.635,
      0.7125,
      0.7925,
      0.8725,
      0.95,
      1.03,
      1.11,
      1.1875,
      1.2675,
      1.3475,
      1.425,
      1.505,
      1.585,
      1.6625,
      1.7425,
      1.8225,
      1.9
    ],
    "SoftwareVersions": "syngo_MR_E11",
    "SpacingBetweenSlices": 2,
    "StationName": "AWP66044",
    "TaskName": "piper",
    "TotalReadoutTime": 0.0608002,
    "TxRefAmp": 220.362,
    "WipMemBlock": "59021642-0c2c-4668-adb0-980a1041c7e0||Sequence: R016 ve11c/master r/e634e98; Dec 19 2017 11:00:25 by eja",
    "dataset": "ds004228",
    "modality": "bold",
    "run_id": 1,
    "session_id": "01",
    "subject_id": "28",
    "task_id": "piper"
  },
  "dummy_trs": 0,
  "dvars_nstd": 52.782768902751705,
  "dvars_std": 1.276884078724832,
  "dvars_vstd": 1.0754812075167786,
  "efc": 0.5017148840556062,
  "fber": 660.74609375,
  "fd_mean": 0.4439068276031965,
  "fd_num": 94,
  "fd_perc": 62.666666666666664,
  "fwhm_avg": 3.6577916666666668,
  "fwhm_x": 3.38463,
  "fwhm_y": 3.75571,
  "fwhm_z": 3.833035,
  "gcor": 0.0151226,
  "gsr_x": -0.010839889757335186,
  "gsr_y": 0.04820007458329201,
  "provenance": {
    "md5sum": "4525c8935c506817433986f6707e1c08",
    "settings": {
      "fd_thres": 0.2,
      "testing": false
    },
    "software": "mriqc",
    "version": "23.0.1",
    "webapi_port": null,
    "webapi_url": "https://mriqc.nimh.nih.gov/api/v1"
  },
  "size_t": 150,
  "size_x": 96,
  "size_y": 96,
  "size_z": 75,
  "snr": 2.3047444804796244,
  "spacing_tr": 2.0,
  "spacing_x": 2.0,
  "spacing_y": 2.0,
  "spacing_z": 2.0,
  "summary_bg_k": 16.549048845786974,
  "summary_bg_mad": 74.03127228556069,
  "summary_bg_mean": 503.0948181152344,
  "summary_bg_median": 235.2533416748047,
  "summary_bg_n": 485687.0,
  "summary_bg_p05": 173.17333984375,
  "summary_bg_p95": 1934.4426879882776,
  "summary_bg_stdv": 683.6870727539062,
  "summary_fg_k": 1.6707057585660667,
  "summary_fg_mad": 2124.005764017943,
  "summary_fg_mean": 6695.7607421875,
  "summary_fg_median": 6137.783203125,
  "summary_fg_n": 116280.0,
  "summary_fg_p05": 3391.786120605469,
  "summary_fg_p95": 12128.33012695312,
  "summary_fg_stdv": 2663.096435546875,
  "tsnr": 33.15960839949548
}