{
  "bids_meta": {
    "AcquisitionMatrixPE": 256,
    "AcquisitionNumber": 1,
    "AcquisitionTime": "09:29:30.650000",
    "BaseResolution": 256,
    "BodyPartExamined": "BRAIN",
    "ConsistencyInfo": "N4_VE11C_LATEST_20160120",
    "ConversionSoftware": "dcm2niix",
    "ConversionSoftwareVersion": "v1.0.20190410  GCC6.3.0",
    "DeviceSerialNumber": "66044",
    "EchoTime": 0.00169,
    "FlipAngle": 7,
    "ImageComments": "CBPD0048_3@mackeylab:CBPD_data",
    "ImageOrientationPatientDICOM": [
      0.0676416,
      0.994621,
      0.07844,
      -0.0167565,
      0.0797415,
      -0.996675
    ],
    "ImageType": [
      "ORIGINAL",
      "PRIMARY",
      "OTHER",
      "ND",
      "NORM",
      "MEAN"
    ],
    "ImagingFrequency": 123.263,
    "InPlanePhaseEncodingDirectionDICOM": "ROW",
    "InstitutionAddress": "Curie_Blvd._422_Philadelphia_PA_US_19104",
    "InstitutionName": "SC3T",
    "InversionTime": 1.33,
    "MRAcquisitionType": "3D",
    "MagneticFieldStrength": 3,
    "Manufacturer": "Siemens",
    "ManufacturersModelName": "Prisma",
    "Modality": "MR",
    "NumberOfAverages": 4,
    "PartialFourier": 1,
    "PatientPosition": "HFS",
    "PercentPhaseFOV": 100,
    "PhaseEncodingSteps": 255,
    "PhaseResolution": 1,
    "PixelBandwidth": 650,
    "ProcedureStepDescription": "CAMRIS_Mackey",
    "ProtocolName": "vNav_MPRAGE_1mm_p3",
    "PulseSequenceDetails": "%CustomerSeq%_tfl_mgh_epinav_ABCD",
    "ReceiveCoilActiveElements": "HEA;HEP",
    "ReceiveCoilName": "Head_32",
    "ReconMatrixPE": 256,
    "RefLinesPE": 32,
    "RepetitionTime": 2.53,
    "SAR": 0.0398556,
    "ScanOptions": "IR_WE",
    "ScanningSequence": "GR_IR",
    "SequenceName": "tfl3d4_16ns",
    "SequenceVariant": "SK_SP_MP",
    "SeriesDescription": "vNav_MPRAGE_1mm_p3_RMS",
    "SeriesNumber": 19,
    "ShimSetting": [
      3757,
      2439,
      391,
      407,
      6,
      -36,
      -21,
      87
    ],
    "SliceThickness": 1,
    "SoftwareVersions": "syngo_MR_E11",
    "StationName": "AWP66044",
    "TxRefAmp": 231.106,
    "WipMemBlock": "Prisma_epi_moco_navigator_ABCD_tfl.prot",
    "dataset": "ds004228",
    "modality": "T1w",
    "run_id": 1,
    "session_id": "01",
    "subject_id": "05"
  },
  "cjv": 0.366734599362828,
  "cnr": 3.6750131445359058,
  "efc": 0.5719389981942822,
  "fber": 22909.73030163314,
  "fwhm_avg": 3.8556166666666662,
  "fwhm_x": 3.79919,
  "fwhm_y": 4.11867,
  "fwhm_z": 3.64899,
  "icvs_csf": 0.1664550686143034,
  "icvs_gm": 0.4993029657890723,
  "icvs_wm": 0.33424196559662434,
  "inu_med": 0.4733193963766098,
  "inu_range": 0.18297400176525114,
  "provenance": {
    "md5sum": "7b776dd8198f4d9d4f7bbf8bc83e4803",
    "settings": {
      "testing": false
    },
    "software": "mriqc",
    "version": "23.0.1",
    "warnings": {
      "large_rot_frame": true,
      "small_air_mask": false
    },
    "webapi_port": null,
    "webapi_url": "https://mriqc.nimh.nih.gov/api/v1"
  },
  "qi_1": 0.0,
  "qi_2": 0.001845356371954759,
  "rpve_csf": 33.59839221047639,
  "rpve_gm": 12.489319928569314,
  "rpve_wm": 18.89429797993969,
  "size_x": 176,
  "size_y": 256,
  "size_z": 256,
  "snr_csf": 3.1242459684783763,
  "snr_gm": 18.015885489360098,
  "snr_total": 14.171181916507,
  "snr_wm": 21.37341429168253,
  "snrd_csf": 34.15753941812185,
  "snrd_gm": 78.04347724204499,
  "snrd_total": 71.4129097414618,
  "snrd_wm": 102.03771256421855,
  "spacing_x": 1.0,
  "spacing_y": 1.0,
  "spacing_z": 1.0,
  "summary_bg_k": 4.3080663591862205,
  "summary_bg_mad": 6.420678423478113,
  "summary_bg_mean": 8.535315508758085,
  "summary_bg_median": 4.330681785941124,
  "summary_bg_n": 2321616.0,
  "summary_bg_p05": 0.0,
  "summary_bg_p95": 29.97287657111883,
  "summary_bg_stdv": 10.14483641635352,
  "summary_csf_k": 1.459450121550816,
  "summary_csf_mad": 78.88986199794554,
  "summary_csf_mean": 344.61902324806357,
  "summary_csf_median": 334.7617020532489,
  "summary_csf_n": 26990.0,
  "summary_csf_p05": 170.50236087180673,
  "summary_csf_p95": 544.4476158630102,
  "summary_csf_stdv": 107.14761378764926,
  "summary_gm_k": 0.15334418963988306,
  "summary_gm_mad": 41.700616708273635,
  "summary_gm_mean": 764.226203486093,
  "summary_gm_median": 764.8667825832963,
  "summary_gm_n": 53339.0,
  "summary_gm_p05": 693.5905983053148,
  "summary_gm_p95": 832.9268658086658,
  "summary_gm_stdv": 42.4547332484499,
  "summary_wm_k": 0.3315139557033939,
  "summary_wm_mad": 44.53923243233765,
  "summary_wm_mean": 1002.081025229398,
  "summary_wm_median": 1000.0228035598993,
  "summary_wm_n": 143432.0,
  "summary_wm_p05": 929.0224153324962,
  "summary_wm_p95": 1083.3086522221565,
  "summary_wm_stdv": 46.788000450215456,
  "tpm_overlap_csf": 0.14909167813671825,
  "tpm_overlap_gm": 0.48873456393996134,
  "tpm_overlap_wm": 0.48463843222359226,
  "wm2max": 0.8899571999432038
}