{
  "bids_meta": {
    "AcquisitionMatrixPE": 256,
    "AcquisitionNumber": 1,
    "AcquisitionTime": "10:26:33.945000",
    "BaseResolution": 256,
    "BodyPartExamined": "BRAIN",
    "ConsistencyInfo": "N4_VE11C_LATEST_20160120",
    "ConversionSoftware": "dcm2niix",
    "ConversionSoftwareVersion": "v1.0.20190410  GCC6.3.0",
    "DeviceSerialNumber": "66044",
    "EchoTime": 0.00169,
    "FlipAngle": 7,
    "ImageComments": "CBPD0023_3@mackeylab:CBPD_data",
    "ImageOrientationPatientDICOM": [
      -0.0283321,
      0.991745,
      0.12506,
      -0.0700855,
      0.122831,
      -0.98995
    ],
    "ImageType": [
      "ORIGINAL",
      "PRIMARY",
      "OTHER",
      "ND",
      "NORM",
      "MEAN"
    ],
    "ImagingFrequency": 123.263,
    "InPlanePhaseEncodingDirectionDICOM": "ROW",
    "InstitutionAddress": "Curie_Blvd._422_Philadelphia_PA_US_19104",
    "InstitutionName": "SC3T",
    "InversionTime": 1.33,
    "MRAcquisitionType": "3D",
    "MagneticFieldStrength": 3,
    "Manufacturer": "Siemens",
    "ManufacturersModelName": "Prisma",
    "Modality": "MR",
    "NumberOfAverages": 4,
    "PartialFourier": 1,
    "PatientPosition": "HFS",
    "PercentPhaseFOV": 100,
    "PhaseEncodingSteps": 255,
    "PhaseResolution": 1,
    "PixelBandwidth": 650,
    "ProcedureStepDescription": "CAMRIS_Mackey",
    "ProtocolName": "vNav_MPRAGE_1mm_p3",
    "PulseSequenceDetails": "%CustomerSeq%_tfl_mgh_epinav_ABCD",
    "ReceiveCoilActiveElements": "HEA;HEP",
    "ReceiveCoilName": "Head_32",
    "ReconMatrixPE": 256,
    "RefLinesPE": 32,
    "RepetitionTime": 2.53,
    "SAR": 0.0353847,
    "ScanOptions": "IR_WE",
    "ScanningSequence": "GR_IR",
    "SequenceName": "tfl3d4_16ns",
    "SequenceVariant": "SK_SP_MP",
    "SeriesDescription": "vNav_MPRAGE_1mm_p3_RMS",
    "SeriesNumber": 9,
    "ShimSetting": [
      3726,
      2412,
      413,
      273,
      7,
      -192,
      40,
      -40
    ],
    "SliceThickness": 1,
    "SoftwareVersions": "syngo_MR_E11",
    "StationName": "AWP66044",
    "TxRefAmp": 215.027,
    "WipMemBlock": "Prisma_epi_moco_navigator_ABCD_tfl.prot",
    "dataset": "ds004228",
    "modality": "T1w",
    "run_id": 1,
    "session_id": "01",
    "subject_id": "03"
  },
  "cjv": 0.2874719848005502,
  "cnr": 4.49213496454148,
  "efc": 0.5697611909169847,
  "fber": 27783.626038781164,
  "fwhm_avg": 3.6740666666666666,
  "fwhm_x": 3.85422,
  "fwhm_y": 3.76714,
  "fwhm_z": 3.40084,
  "icvs_csf": 0.1485695151296533,
  "icvs_gm": 0.5228642441961052,
  "icvs_wm": 0.32856624067424156,
  "inu_med": 0.45345520973205566,
  "inu_range": 0.17482261359691625,
  "provenance": {
    "md5sum": "4eea1396fe04bddab4ae1a217dc0bd19",
    "settings": {
      "testing": false
    },
    "software": "mriqc",
    "version": "23.0.1",
    "warnings": {
      "large_rot_frame": true,
      "small_air_mask": false
    },
    "webapi_port": null,
    "webapi_url": "https://mriqc.nimh.nih.gov/api/v1"
  },
  "qi_1": 0.0001308906556054845,
  "qi_2": 0.001652716623500761,
  "rpve_csf": 36.48835627324454,
  "rpve_gm": 12.172189669131884,
  "rpve_wm": 20.06903070968555,
  "size_x": 176,
  "size_y": 256,
  "size_z": 256,
  "snr_csf": 2.522755895057947,
  "snr_gm": 17.50338730340727,
  "snr_total": 16.25010252276604,
  "snr_wm": 28.72416436983289,
  "snrd_csf": 38.67774039583389,
  "snrd_gm": 85.45824055567769,
  "snrd_total": 79.41523745375447,
  "snrd_wm": 114.10973140975184,
  "spacing_x": 1.0,
  "spacing_y": 1.0,
  "spacing_z": 1.0,
  "summary_bg_k": 59.54562373168933,
  "summary_bg_mad": 5.741284433252081,
  "summary_bg_mean": 5.710840484771327,
  "summary_bg_median": 3.8724375031888485,
  "summary_bg_n": 1973919.0,
  "summary_bg_p05": 0.0,
  "summary_bg_p95": 19.921309508383274,
  "summary_bg_stdv": 9.030740624163503,
  "summary_csf_k": 0.21217618727757692,
  "summary_csf_mad": 114.70288044187045,
  "summary_csf_mean": 342.36670167115426,
  "summary_csf_median": 338.95217674970627,
  "summary_csf_n": 17265.0,
  "summary_csf_p05": 102.76662221029402,
  "summary_csf_p95": 566.817167712748,
  "summary_csf_stdv": 134.35400591336142,
  "summary_gm_k": 0.5649576398943656,
  "summary_gm_mad": 39.51354580532315,
  "summary_gm_mean": 748.7711500377887,
  "summary_gm_median": 748.9128465391695,
  "summary_gm_n": 72811.0,
  "summary_gm_p05": 678.0596651639789,
  "summary_gm_p95": 819.1137189231813,
  "summary_gm_stdv": 42.786444171330096,
  "summary_wm_k": 0.5385810516852558,
  "summary_wm_mad": 32.66698736353056,
  "summary_wm_mean": 999.9637895013467,
  "summary_wm_median": 1000.0000375881791,
  "summary_wm_n": 160101.0,
  "summary_wm_p05": 942.8867614716291,
  "summary_wm_p95": 1056.9683561511338,
  "summary_wm_stdv": 34.81378610981728,
  "tpm_overlap_csf": 0.14147051173575292,
  "tpm_overlap_gm": 0.4722043355851184,
  "tpm_overlap_wm": 0.48653381326677436,
  "wm2max": 0.9152767247915087
}