{
  "aor": 0.0035978666666666662,
  "aqi": 0.0043982812000000005,
  "bids_meta": {
    "AcquisitionMatrixPE": 96,
    "AcquisitionNumber": 1,
    "AcquisitionTime": "09:22:31.575000",
    "BandwidthPerPixelPhaseEncode": 16.276,
    "BaseResolution": 96,
    "BodyPartExamined": "BRAIN",
    "ConsistencyInfo": "N4_VE11C_LATEST_20160120",
    "ConversionSoftware": "dcm2niix",
    "ConversionSoftwareVersion": "v1.0.20190410  GCC6.3.0",
    "DerivedVendorReportedEchoSpacing": 0.000640002,
    "DeviceSerialNumber": "66044",
    "EchoTime": 0.0302,
    "EchoTrainLength": 84,
    "EffectiveEchoSpacing": 0.000640002,
    "FlipAngle": 90,
    "ImageComments": "Unaliased_MB3_PE3_CBPD0048_3@mackeylab:CBPD_data",
    "ImageOrientationPatientDICOM": [
      0.997568,
      -0.0661173,
      -0.0220615,
      0.0676575,
      0.994616,
      0.0784943
    ],
    "ImageType": [
      "ORIGINAL",
      "PRIMARY",
      "M",
      "MB",
      "ND",
      "MOSAIC"
    ],
    "ImagingFrequency": 123.263,
    "InPlanePhaseEncodingDirectionDICOM": "COL",
    "InstitutionAddress": "Curie_Blvd._422_Philadelphia_PA_US_19104",
    "InstitutionName": "SC3T",
    "MRAcquisitionType": "2D",
    "MagneticFieldStrength": 3,
    "Manufacturer": "Siemens",
    "ManufacturersModelName": "Prisma",
    "Modality": "MR",
    "MultibandAccelerationFactor": 3,
    "PartialFourier": 0.875,
    "PatientPosition": "HFS",
    "PercentPhaseFOV": 100,
    "PhaseEncodingDirection": "j-",
    "PhaseEncodingSteps": 84,
    "PhaseResolution": 1,
    "PixelBandwidth": 1860,
    "ProcedureStepDescription": "CAMRIS_Mackey",
    "ProtocolName": "BOLD_piper",
    "PulseSequenceDetails": "%CustomerSeq%_cmrr_mbep2d_bold",
    "ReceiveCoilActiveElements": "HEA;HEP",
    "ReceiveCoilName": "Head_32",
    "ReconMatrixPE": 96,
    "RepetitionTime": 2,
    "SAR": 0.0947516,
    "ScanOptions": "PFP_FS_EXT",
    "ScanningSequence": "EP",
    "SequenceName": "epfid2d1_96",
    "SequenceVariant": "SK_SS",
    "SeriesDescription": "BOLD_piper",
    "SeriesNumber": 15,
    "ShimSetting": [
      3758,
      2445,
      401,
      458,
      -9,
      37,
      -29,
      87
    ],
    "SliceThickness": 2,
    "SliceTiming": [
      0,
      0.08,
      0.1575,
      0.2375,
      0.3175,
      0.395,
      0.475,
      0.555,
      0.6325,
      0.7125,
      0.7925,
      0.87,
      0.95,
      1.03,
      1.1075,
      1.1875,
      1.2675,
      1.345,
      1.425,
      1.505,
      1.5825,
      1.6625,
      1.7425,
      1.8225,
      1.9,
      0,
      0.08,
      0.1575,
      0.2375,
      0.3175,
      0.395,
      0.475,
      0.555,
      0.6325,
      0.7125,
      0.7925,
      0.87,
      0.95,
      1.03,
      1.1075,
      1.1875,
      1.2675,
      1.345,
      1.425,
      1.505,
      1.5825,
      1.6625,
      1.7425,
      1.8225,
      1.9,
      0,
      0.08,
      0.1575,
      0.2375,
      0.3175,
      0.395,
      0.475,
      0.555,
      0.6325,
      0.7125,
      0.7925,
      0.87,
      0.95,
      1.03,
      1.1075,
      1.1875,
      1.2675,
      1.345,
      1.425,
      1.505,
      1.5825,
      1.6625,
      1.7425,
      1.8225,
      1.9
    ],
    "SoftwareVersions": "syngo_MR_E11",
    "SpacingBetweenSlices": 2,
    "StationName": "AWP66044",
    "TaskName": "piper",
    "TotalReadoutTime": 0.0608002,
    "TxRefAmp": 231.106,
    "WipMemBlock": "9c0a0811-f29f-4d43-811a-7bfcac90d25c||Sequence: R016 ve11c/master r/e634e98; Dec 19 2017 11:00:25 by eja",
    "dataset": "ds004228",
    "modality": "bold",
    "run_id": 1,
    "session_id": "01",
    "subject_id": "05",
    "task_id": "piper"
  },
  "dummy_trs": 0,
  "dvars_nstd": 36.63479027966446,
  "dvars_std": 1.246999049463088,
  "dvars_vstd": 1.0282778755704693,
  "efc": 0.5444515077621037,
  "fber": 528.906982421875,
  "fd_mean": 0.16244902989010127,
  "fd_num": 25,
  "fd_perc": 16.666666666666668,
  "fwhm_avg": 3.6036266666666665,
  "fwhm_x": 3.349045,
  "fwhm_y": 3.64418,
  "fwhm_z": 3.817655,
  "gcor": 0.00513821,
  "gsr_x": -0.014267586171627045,
  "gsr_y": 0.06040305271744728,
  "provenance": {
    "md5sum": "c13f468d31dc08fc7b0edccfc19083ee",
    "settings": {
      "fd_thres": 0.2,
      "testing": false
    },
    "software": "mriqc",
    "version": "23.0.1",
    "webapi_port": null,
    "webapi_url": "https://mriqc.nimh.nih.gov/api/v1"
  },
  "size_t": 150,
  "size_x": 96,
  "size_y": 96,
  "size_z": 75,
  "snr": 2.29222001737541,
  "spacing_tr": 2.0,
  "spacing_x": 2.0,
  "spacing_y": 2.0,
  "spacing_z": 2.0,
  "summary_bg_k": 16.596573597280113,
  "summary_bg_mad": 71.71841644432628,
  "summary_bg_mean": 504.68023681640625,
  "summary_bg_median": 239.60667419433594,
  "summary_bg_n": 445833.0,
  "summary_bg_p05": 181.06666564941406,
  "summary_bg_p95": 1841.5680664062493,
  "summary_bg_stdv": 662.63671875,
  "summary_fg_k": 1.9804049447808705,
  "summary_fg_mad": 2006.790783788234,
  "summary_fg_mean": 6119.00048828125,
  "summary_fg_median": 5643.056640625,
  "summary_fg_n": 149100.0,
  "summary_fg_p05": 3144.717639160156,
  "summary_fg_p95": 10994.985107421873,
  "summary_fg_stdv": 2461.822021484375,
  "tsnr": 48.19441257696599
}