{
  "aor": 0.006352266666666666,
  "aqi": 0.005197639466666667,
  "bids_meta": {
    "AcquisitionMatrixPE": 96,
    "AcquisitionNumber": 1,
    "AcquisitionTime": "10:46:6.007500",
    "BandwidthPerPixelPhaseEncode": 16.276,
    "BaseResolution": 96,
    "BodyPartExamined": "BRAIN",
    "ConsistencyInfo": "N4_VE11C_LATEST_20160120",
    "ConversionSoftware": "dcm2niix",
    "ConversionSoftwareVersion": "v1.0.20190410  GCC6.3.0",
    "DerivedVendorReportedEchoSpacing": 0.000640002,
    "DeviceSerialNumber": "66044",
    "EchoTime": 0.0302,
    "EchoTrainLength": 84,
    "EffectiveEchoSpacing": 0.000640002,
    "FlipAngle": 90,
    "ImageComments": "Unaliased_MB3_PE3_CBPD0078_3@mackeylab:CBPD_data",
    "ImageOrientationPatientDICOM": [
      0.991887,
      -0.12093,
      -0.0392037,
      0.122843,
      0.991128,
      0.0507473
    ],
    "ImageType": [
      "ORIGINAL",
      "PRIMARY",
      "M",
      "MB",
      "ND",
      "MOSAIC"
    ],
    "ImagingFrequency": 123.263,
    "InPlanePhaseEncodingDirectionDICOM": "COL",
    "InstitutionAddress": "Curie_Blvd._422_Philadelphia_PA_US_19104",
    "InstitutionName": "SC3T",
    "MRAcquisitionType": "2D",
    "MagneticFieldStrength": 3,
    "Manufacturer": "Siemens",
    "ManufacturersModelName": "Prisma",
    "Modality": "MR",
    "MultibandAccelerationFactor": 3,
    "PartialFourier": 0.875,
    "PatientPosition": "HFS",
    "PercentPhaseFOV": 100,
    "PhaseEncodingDirection": "j-",
    "PhaseEncodingSteps": 84,
    "PhaseResolution": 1,
    "PixelBandwidth": 1860,
    "ProcedureStepDescription": "CAMRIS_Mackey",
    "ProtocolName": "BOLD_piper",
    "PulseSequenceDetails": "%CustomerSeq%_cmrr_mbep2d_bold",
    "ReceiveCoilActiveElements": "HEA;HEP",
    "ReceiveCoilName": "Head_32",
    "ReconMatrixPE": 96,
    "RepetitionTime": 2,
    "SAR": 0.0831468,
    "ScanOptions": "PFP_FS_EXT",
    "ScanningSequence": "EP",
    "SequenceName": "epfid2d1_96",
    "SequenceVariant": "SK_SS",
    "SeriesDescription": "BOLD_piper",
    "SeriesNumber": 20,
    "ShimSetting": [
      3758,
      2426,
      413,
      483,
      -5,
      -275,
      -53,
      77
    ],
    "SliceThickness": 2,
    "SliceTiming": [
      0,
      0.0775,
      0.1575,
      0.2375,
      0.315,
      0.395,
      0.475,
      0.5525,
      0.6325,
      0.7125,
      0.79,
      0.87,
      0.95,
      1.0275,
      1.1075,
      1.1875,
      1.2675,
      1.345,
      1.425,
      1.505,
      1.5825,
      1.6625,
      1.7425,
      1.82,
      1.9,
      0,
      0.0775,
      0.1575,
      0.2375,
      0.315,
      0.395,
      0.475,
      0.5525,
      0.6325,
      0.7125,
      0.79,
      0.87,
      0.95,
      1.0275,
      1.1075,
      1.1875,
      1.2675,
      1.345,
      1.425,
      1.505,
      1.5825,
      1.6625,
      1.7425,
      1.82,
      1.9,
      0,
      0.0775,
      0.1575,
      0.2375,
      0.315,
      0.395,
      0.475,
      0.5525,
      0.6325,
      0.7125,
      0.79,
      0.87,
      0.95,
      1.0275,
      1.1075,
      1.1875,
      1.2675,
      1.345,
      1.425,
      1.505,
      1.5825,
      1.6625,
      1.7425,
      1.82,
      1.9
    ],
    "SoftwareVersions": "syngo_MR_E11",
    "SpacingBetweenSlices": 2,
    "StationName": "AWP66044",
    "TaskName": "piper",
    "TotalReadoutTime": 0.0608002,
    "TxRefAmp": 217.748,
    "WipMemBlock": "1b346fd9-3048-4e9c-91d5-fe4a7adf27e0||Sequence: R016 ve11c/master r/e634e98; Dec 19 2017 11:00:25 by eja",
    "dataset": "ds004228",
    "modality": "bold",
    "run_id": 1,
    "session_id": "01",
    "subject_id": "07",
    "task_id": "piper"
  },
  "dummy_trs": 0,
  "dvars_nstd": 39.937102221812076,
  "dvars_std": 1.3672440021476508,
  "dvars_vstd": 1.080905801610738,
  "efc": 0.5051153972899532,
  "fber": 646.156494140625,
  "fd_mean": 0.12637991758396025,
  "fd_num": 10,
  "fd_perc": 6.666666666666667,
  "fwhm_avg": 3.554178333333333,
  "fwhm_x": 3.324185,
  "fwhm_y": 3.65287,
  "fwhm_z": 3.68548,
  "gcor": 0.00985499,
  "gsr_x": -0.000689749896991998,
  "gsr_y": 0.05528132617473602,
  "provenance": {
    "md5sum": "a419318b6ea62d43856d7923d878f750",
    "settings": {
      "fd_thres": 0.2,
      "testing": false
    },
    "software": "mriqc",
    "version": "23.0.1",
    "webapi_port": null,
    "webapi_url": "https://mriqc.nimh.nih.gov/api/v1"
  },
  "size_t": 150,
  "size_x": 96,
  "size_y": 96,
  "size_z": 75,
  "snr": 2.2669840753473043,
  "spacing_tr": 2.0,
  "spacing_x": 2.0,
  "spacing_y": 2.0,
  "spacing_z": 2.0,
  "summary_bg_k": 28.428428309863676,
  "summary_bg_mad": 55.30106727480185,
  "summary_bg_mean": 413.38470458984375,
  "summary_bg_median": 219.8000030517578,
  "summary_bg_n": 470094.0,
  "summary_bg_p05": 172.43333435058594,
  "summary_bg_p95": 1432.580078125,
  "summary_bg_stdv": 563.832763671875,
  "summary_fg_k": 2.226104656349989,
  "summary_fg_mad": 1923.903691546473,
  "summary_fg_mean": 6184.19091796875,
  "summary_fg_median": 5661.45361328125,
  "summary_fg_n": 130191.0,
  "summary_fg_p05": 3268.7701416015625,
  "summary_fg_p95": 11252.55712890625,
  "summary_fg_stdv": 2497.3408203125,
  "tsnr": 48.27807291503996
}