{
  "bids_meta": {
    "AcquisitionMatrixPE": 256,
    "AcquisitionNumber": 1,
    "AcquisitionTime": "11:29:54.582500",
    "BaseResolution": 256,
    "BodyPartExamined": "BRAIN",
    "ConsistencyInfo": "N4_VE11C_LATEST_20160120",
    "ConversionSoftware": "dcm2niix",
    "ConversionSoftwareVersion": "v1.0.20190410  GCC6.3.0",
    "DeviceSerialNumber": "66044",
    "EchoTime": 0.00169,
    "FlipAngle": 7,
    "ImageComments": "CBPD0197@mackeylab:CBPD_data",
    "ImageOrientationPatientDICOM": [
      -0.127072,
      0.938491,
      0.321071,
      0.0470974,
      0.329039,
      -0.943141
    ],
    "ImageType": [
      "ORIGINAL",
      "PRIMARY",
      "OTHER",
      "ND",
      "NORM",
      "MEAN"
    ],
    "ImagingFrequency": 123.263,
    "InPlanePhaseEncodingDirectionDICOM": "ROW",
    "InstitutionAddress": "Curie_Blvd._422_Philadelphia_PA_US_19104",
    "InstitutionName": "SC3T",
    "InversionTime": 1.33,
    "MRAcquisitionType": "3D",
    "MagneticFieldStrength": 3,
    "Manufacturer": "Siemens",
    "ManufacturersModelName": "Prisma",
    "Modality": "MR",
    "NumberOfAverages": 4,
    "PartialFourier": 1,
    "PatientPosition": "HFS",
    "PercentPhaseFOV": 100,
    "PhaseEncodingSteps": 255,
    "PhaseResolution": 1,
    "PixelBandwidth": 650,
    "ProcedureStepDescription": "CAMRIS_Mackey",
    "ProtocolName": "vNav_MPRAGE_1mm_p3",
    "PulseSequenceDetails": "%CustomerSeq%_tfl_mgh_epinav_ABCD",
    "ReceiveCoilActiveElements": "HEA;HEP",
    "ReceiveCoilName": "Head_32",
    "ReconMatrixPE": 256,
    "RefLinesPE": 32,
    "RepetitionTime": 2.53,
    "SAR": 0.0439427,
    "ScanOptions": "IR_WE",
    "ScanningSequence": "GR_IR",
    "SequenceName": "tfl3d4_16ns",
    "SequenceVariant": "SK_SP_MP",
    "SeriesDescription": "vNav_MPRAGE_1mm_p3_RMS",
    "SeriesNumber": 9,
    "ShimSetting": [
      3811,
      2346,
      474,
      335,
      -54,
      -361,
      77,
      37
    ],
    "SliceThickness": 1,
    "SoftwareVersions": "syngo_MR_E11",
    "StationName": "AWP66044",
    "TxRefAmp": 218.032,
    "WipMemBlock": "Prisma_epi_moco_navigator_ABCD_tfl.prot",
    "dataset": "ds004228",
    "modality": "T1w",
    "run_id": 1,
    "session_id": "01",
    "subject_id": "22"
  },
  "cjv": 0.36947449163684754,
  "cnr": 3.6866803672201627,
  "efc": 0.5836553038074103,
  "fber": 14582.909325874965,
  "fwhm_avg": 3.8012333333333337,
  "fwhm_x": 4.0709,
  "fwhm_y": 3.76762,
  "fwhm_z": 3.56518,
  "icvs_csf": 0.14922708329740872,
  "icvs_gm": 0.5219408301389278,
  "icvs_wm": 0.32883208656366353,
  "inu_med": 0.5660856366157532,
  "inu_range": 0.2862364947795868,
  "provenance": {
    "md5sum": "8eb901632b5944f1834f9f79d04a69ca",
    "settings": {
      "testing": false
    },
    "software": "mriqc",
    "version": "23.0.1",
    "warnings": {
      "large_rot_frame": true,
      "small_air_mask": false
    },
    "webapi_port": null,
    "webapi_url": "https://mriqc.nimh.nih.gov/api/v1"
  },
  "qi_1": 0.0,
  "qi_2": 0.0012042369160125748,
  "rpve_csf": 36.027934433638066,
  "rpve_gm": 11.740619125358663,
  "rpve_wm": 18.296133578901593,
  "size_x": 176,
  "size_y": 256,
  "size_z": 256,
  "snr_csf": 2.5169345853729177,
  "snr_gm": 17.246985300735847,
  "snr_total": 13.152994508932238,
  "snr_wm": 19.695063640687945,
  "snrd_csf": 30.310397405715335,
  "snrd_gm": 68.88242477141348,
  "snrd_total": 63.69293228142746,
  "snrd_wm": 91.88597466715356,
  "spacing_x": 1.0,
  "spacing_y": 1.0,
  "spacing_z": 1.0,
  "summary_bg_k": 9.019844251604304,
  "summary_bg_mad": 7.130037960956732,
  "summary_bg_mean": 8.398014027139665,
  "summary_bg_median": 4.809137523174286,
  "summary_bg_n": 1737852.0,
  "summary_bg_p05": 0.0,
  "summary_bg_p95": 32.955473652109504,
  "summary_bg_stdv": 12.00198275754535,
  "summary_csf_k": 0.8951946381370712,
  "summary_csf_mad": 111.12036840044621,
  "summary_csf_mean": 336.956995038481,
  "summary_csf_median": 329.8767769802362,
  "summary_csf_n": 21437.0,
  "summary_csf_p05": 118.48083185441791,
  "summary_csf_p95": 568.4486429847777,
  "summary_csf_stdv": 131.05985539277714,
  "summary_gm_k": 0.10563095002782852,
  "summary_gm_mad": 43.00304145202029,
  "summary_gm_mean": 748.9381114273332,
  "summary_gm_median": 749.6672501526773,
  "summary_gm_n": 62445.0,
  "summary_gm_p05": 676.0058624651283,
  "summary_gm_p95": 818.9274182319641,
  "summary_gm_stdv": 43.46621942539452,
  "summary_wm_k": 0.34289233644839934,
  "summary_wm_mad": 49.49646888074874,
  "summary_wm_mean": 1000.4472240346015,
  "summary_wm_median": 1000.0215030889958,
  "summary_wm_n": 137190.0,
  "summary_wm_p05": 918.7814299296588,
  "summary_wm_p95": 1084.1384710166603,
  "summary_wm_stdv": 50.77505087912196,
  "tpm_overlap_csf": 0.12589404024074555,
  "tpm_overlap_gm": 0.47248942129075905,
  "tpm_overlap_wm": 0.44869864271873827,
  "wm2max": 0.8850303675201465
}