{
  "aor": 0.0009672666666666667,
  "aqi": 0.0060610865333333335,
  "bids_meta": {
    "AcquisitionMatrixPE": 96,
    "AcquisitionNumber": 1,
    "AcquisitionTime": "11:50:8.615000",
    "BandwidthPerPixelPhaseEncode": 16.276,
    "BaseResolution": 96,
    "BodyPartExamined": "BRAIN",
    "ConsistencyInfo": "N4_VE11C_LATEST_20160120",
    "ConversionSoftware": "dcm2niix",
    "ConversionSoftwareVersion": "v1.0.20190410  GCC6.3.0",
    "DerivedVendorReportedEchoSpacing": 0.000640002,
    "DeviceSerialNumber": "66044",
    "EchoTime": 0.0302,
    "EchoTrainLength": 84,
    "EffectiveEchoSpacing": 0.000640002,
    "FlipAngle": 90,
    "ImageComments": "Unaliased_MB3_PE3_CBPD0202@mackeylab:CBPD_data",
    "ImageOrientationPatientDICOM": [
      0.993636,
      -0.0709913,
      0.0874546,
      0.0423405,
      0.954854,
      0.294041
    ],
    "ImageType": [
      "ORIGINAL",
      "PRIMARY",
      "M",
      "MB",
      "ND",
      "MOSAIC"
    ],
    "ImagingFrequency": 123.263,
    "InPlanePhaseEncodingDirectionDICOM": "COL",
    "InstitutionAddress": "Curie_Blvd._422_Philadelphia_PA_US_19104",
    "InstitutionName": "SC3T",
    "MRAcquisitionType": "2D",
    "MagneticFieldStrength": 3,
    "Manufacturer": "Siemens",
    "ManufacturersModelName": "Prisma",
    "Modality": "MR",
    "MultibandAccelerationFactor": 3,
    "PartialFourier": 0.875,
    "PatientPosition": "HFS",
    "PercentPhaseFOV": 100,
    "PhaseEncodingDirection": "j-",
    "PhaseEncodingSteps": 84,
    "PhaseResolution": 1,
    "PixelBandwidth": 1860,
    "ProcedureStepDescription": "CAMRIS_Mackey",
    "ProtocolName": "BOLD_piper",
    "PulseSequenceDetails": "%CustomerSeq%_cmrr_mbep2d_bold",
    "ReceiveCoilActiveElements": "HEA;HEP",
    "ReceiveCoilName": "Head_32",
    "ReconMatrixPE": 96,
    "RepetitionTime": 2,
    "SAR": 0.098069,
    "ScanOptions": "PFP_FS_EXT",
    "ScanningSequence": "EP",
    "SequenceName": "epfid2d1_96",
    "SequenceVariant": "SK_SS",
    "SeriesDescription": "BOLD_piper",
    "SeriesNumber": 21,
    "ShimSetting": [
      3785,
      2364,
      434,
      418,
      -127,
      -342,
      141,
      85
    ],
    "SliceThickness": 2,
    "SliceTiming": [
      0,
      0.08,
      0.1575,
      0.2375,
      0.3175,
      0.395,
      0.475,
      0.555,
      0.6325,
      0.7125,
      0.7925,
      0.87,
      0.95,
      1.03,
      1.1075,
      1.1875,
      1.2675,
      1.345,
      1.425,
      1.505,
      1.5825,
      1.6625,
      1.7425,
      1.82,
      1.9,
      0,
      0.08,
      0.1575,
      0.2375,
      0.3175,
      0.395,
      0.475,
      0.555,
      0.6325,
      0.7125,
      0.7925,
      0.87,
      0.95,
      1.03,
      1.1075,
      1.1875,
      1.2675,
      1.345,
      1.425,
      1.505,
      1.5825,
      1.6625,
      1.7425,
      1.82,
      1.9,
      0,
      0.08,
      0.1575,
      0.2375,
      0.3175,
      0.395,
      0.475,
      0.555,
      0.6325,
      0.7125,
      0.7925,
      0.87,
      0.95,
      1.03,
      1.1075,
      1.1875,
      1.2675,
      1.345,
      1.425,
      1.505,
      1.5825,
      1.6625,
      1.7425,
      1.82,
      1.9
    ],
    "SoftwareVersions": "syngo_MR_E11",
    "SpacingBetweenSlices": 2,
    "StationName": "AWP66044",
    "TaskName": "piper",
    "TotalReadoutTime": 0.0608002,
    "TxRefAmp": 222.682,
    "WipMemBlock": "7cf72278-d2ca-46a7-9697-8be57c3cb7cc||Sequence: R016 ve11c/master r/e634e98; Dec 19 2017 11:00:25 by eja",
    "dataset": "ds004228",
    "modality": "bold",
    "run_id": 1,
    "session_id": "01",
    "subject_id": "25",
    "task_id": "piper"
  },
  "dummy_trs": 0,
  "dvars_nstd": 43.49725825697987,
  "dvars_std": 1.2856170645637588,
  "dvars_vstd": 0.9897692453691276,
  "efc": 0.5264615859115578,
  "fber": 573.31640625,
  "fd_mean": 0.17334225196672287,
  "fd_num": 38,
  "fd_perc": 25.333333333333332,
  "fwhm_avg": 3.6073866666666667,
  "fwhm_x": 3.40151,
  "fwhm_y": 3.71621,
  "fwhm_z": 3.70444,
  "gcor": 0.0068621,
  "gsr_x": -0.008988490328192711,
  "gsr_y": 0.05102038010954857,
  "provenance": {
    "md5sum": "e6414a1ff4a1a83eef11a2ed148f5e24",
    "settings": {
      "fd_thres": 0.2,
      "testing": false
    },
    "software": "mriqc",
    "version": "23.0.1",
    "webapi_port": null,
    "webapi_url": "https://mriqc.nimh.nih.gov/api/v1"
  },
  "size_t": 150,
  "size_x": 96,
  "size_y": 96,
  "size_z": 75,
  "snr": 2.187079691241898,
  "spacing_tr": 2.0,
  "spacing_x": 2.0,
  "spacing_y": 2.0,
  "spacing_z": 2.0,
  "summary_bg_k": 31.490140855619757,
  "summary_bg_mad": 69.77127940595382,
  "summary_bg_mean": 421.3508605957031,
  "summary_bg_median": 228.72666931152344,
  "summary_bg_n": 448827.0,
  "summary_bg_p05": 169.32000732421875,
  "summary_bg_p95": 1474.8913330078121,
  "summary_bg_stdv": 535.007080078125,
  "summary_fg_k": 2.2903938063883054,
  "summary_fg_mad": 1947.1808359477568,
  "summary_fg_mean": 6153.125,
  "summary_fg_median": 5565.69677734375,
  "summary_fg_n": 146914.0,
  "summary_fg_p05": 3211.0957885742187,
  "summary_fg_p95": 11283.567285156252,
  "summary_fg_stdv": 2544.798828125,
  "tsnr": 45.421895009698346
}