{
  "aor": 0.012723666666666666,
  "aqi": 0.016410103,
  "bids_meta": {
    "AcquisitionMatrixPE": 96,
    "AcquisitionNumber": 1,
    "AcquisitionTime": "10:34:48.920000",
    "BandwidthPerPixelPhaseEncode": 16.276,
    "BaseResolution": 96,
    "BodyPartExamined": "BRAIN",
    "ConsistencyInfo": "N4_VE11C_LATEST_20160120",
    "ConversionSoftware": "dcm2niix",
    "ConversionSoftwareVersion": "v1.0.20190410  GCC6.3.0",
    "DerivedVendorReportedEchoSpacing": 0.000640002,
    "DeviceSerialNumber": "66044",
    "EchoTime": 0.0302,
    "EchoTrainLength": 84,
    "EffectiveEchoSpacing": 0.000640002,
    "FlipAngle": 90,
    "ImageComments": "Unaliased_MB3_PE3_CBPd0182@mackeylab:CBPD_data",
    "ImageOrientationPatientDICOM": [
      0.994977,
      -0.0939895,
      0.0344373,
      0.0748128,
      0.926808,
      0.368008
    ],
    "ImageType": [
      "ORIGINAL",
      "PRIMARY",
      "M",
      "MB",
      "ND",
      "MOSAIC"
    ],
    "ImagingFrequency": 123.263,
    "InPlanePhaseEncodingDirectionDICOM": "COL",
    "InstitutionAddress": "Curie_Blvd._422_Philadelphia_PA_US_19104",
    "InstitutionName": "SC3T",
    "MRAcquisitionType": "2D",
    "MagneticFieldStrength": 3,
    "Manufacturer": "Siemens",
    "ManufacturersModelName": "Prisma",
    "Modality": "MR",
    "MultibandAccelerationFactor": 3,
    "PartialFourier": 0.875,
    "PatientPosition": "HFS",
    "PercentPhaseFOV": 100,
    "PhaseEncodingDirection": "j-",
    "PhaseEncodingSteps": 84,
    "PhaseResolution": 1,
    "PixelBandwidth": 1860,
    "ProcedureStepDescription": "CAMRIS_Mackey",
    "ProtocolName": "BOLD_piper",
    "PulseSequenceDetails": "%CustomerSeq%_cmrr_mbep2d_bold",
    "ReceiveCoilActiveElements": "HEA;HEP",
    "ReceiveCoilName": "Head_32",
    "ReconMatrixPE": 96,
    "RepetitionTime": 2,
    "SAR": 0.126015,
    "ScanOptions": "PFP_FS_EXT",
    "ScanningSequence": "EP",
    "SequenceName": "epfid2d1_96",
    "SequenceVariant": "SK_SS",
    "SeriesDescription": "BOLD_piper",
    "SeriesNumber": 13,
    "ShimSetting": [
      3750,
      2359,
      543,
      667,
      -136,
      -235,
      96,
      89
    ],
    "SliceThickness": 2,
    "SliceTiming": [
      0,
      0.08,
      0.16,
      0.2375,
      0.3175,
      0.3975,
      0.475,
      0.555,
      0.635,
      0.7125,
      0.7925,
      0.8725,
      0.95,
      1.03,
      1.11,
      1.1875,
      1.2675,
      1.3475,
      1.425,
      1.505,
      1.585,
      1.6625,
      1.7425,
      1.8225,
      1.9,
      0,
      0.08,
      0.16,
      0.2375,
      0.3175,
      0.3975,
      0.475,
      0.555,
      0.635,
      0.7125,
      0.7925,
      0.8725,
      0.95,
      1.03,
      1.11,
      1.1875,
      1.2675,
      1.3475,
      1.425,
      1.505,
      1.585,
      1.6625,
      1.7425,
      1.8225,
      1.9,
      0,
      0.08,
      0.16,
      0.2375,
      0.3175,
      0.3975,
      0.475,
      0.555,
      0.635,
      0.7125,
      0.7925,
      0.8725,
      0.95,
      1.03,
      1.11,
      1.1875,
      1.2675,
      1.3475,
      1.425,
      1.505,
      1.585,
      1.6625,
      1.7425,
      1.8225,
      1.9
    ],
    "SoftwareVersions": "syngo_MR_E11",
    "SpacingBetweenSlices": 2,
    "StationName": "AWP66044",
    "TaskName": "piper",
    "TotalReadoutTime": 0.0608002,
    "TxRefAmp": 216.304,
    "WipMemBlock": "a6596241-5eee-4877-a442-0b9fe589054e||Sequence: R016 ve11c/master r/e634e98; Dec 19 2017 11:00:25 by eja",
    "dataset": "ds004228",
    "modality": "bold",
    "run_id": 1,
    "session_id": "01",
    "subject_id": "13",
    "task_id": "piper"
  },
  "dummy_trs": 0,
  "dvars_nstd": 53.670202293691275,
  "dvars_std": 1.2727492491275159,
  "dvars_vstd": 1.106431237449664,
  "efc": 0.5044995721311146,
  "fber": 684.5678100585938,
  "fd_mean": 0.5810180412483719,
  "fd_num": 78,
  "fd_perc": 52.0,
  "fwhm_avg": 3.522651666666667,
  "fwhm_x": 3.380905,
  "fwhm_y": 3.525145,
  "fwhm_z": 3.661905,
  "gcor": 0.0129585,
  "gsr_x": -0.005278166849166155,
  "gsr_y": 0.03117598593235016,
  "provenance": {
    "md5sum": "381068937107959ed0a94b388a38e724",
    "settings": {
      "fd_thres": 0.2,
      "testing": false
    },
    "software": "mriqc",
    "version": "23.0.1",
    "webapi_port": null,
    "webapi_url": "https://mriqc.nimh.nih.gov/api/v1"
  },
  "size_t": 150,
  "size_x": 96,
  "size_y": 96,
  "size_z": 75,
  "snr": 2.4788148942162582,
  "spacing_tr": 2.0,
  "spacing_x": 2.0,
  "spacing_y": 2.0,
  "spacing_z": 2.0,
  "summary_bg_k": 47.726039504151935,
  "summary_bg_mad": 55.57781094147329,
  "summary_bg_mean": 328.8808288574219,
  "summary_bg_median": 210.16000366210938,
  "summary_bg_n": 463676.0,
  "summary_bg_p05": 161.18667602539062,
  "summary_bg_p95": 931.7650299072266,
  "summary_bg_stdv": 377.619873046875,
  "summary_fg_k": 2.1406973892217955,
  "summary_fg_mad": 1794.7196665024758,
  "summary_fg_mean": 6043.173828125,
  "summary_fg_median": 5525.86669921875,
  "summary_fg_n": 137895.0,
  "summary_fg_p05": 3473.5594482421875,
  "summary_fg_p95": 10567.602148437498,
  "summary_fg_stdv": 2229.229248046875,
  "tsnr": 28.86684789659921
}