{
  "aor": 0.0012733333333333333,
  "aqi": 0.006574723333333333,
  "bids_meta": {
    "AcquisitionMatrixPE": 96,
    "AcquisitionNumber": 1,
    "AcquisitionTime": "10:01:43.115000",
    "BandwidthPerPixelPhaseEncode": 16.276,
    "BaseResolution": 96,
    "BodyPartExamined": "BRAIN",
    "ConsistencyInfo": "N4_VE11C_LATEST_20160120",
    "ConversionSoftware": "dcm2niix",
    "ConversionSoftwareVersion": "v1.0.20190410  GCC6.3.0",
    "DerivedVendorReportedEchoSpacing": 0.000640002,
    "DeviceSerialNumber": "66044",
    "EchoTime": 0.0302,
    "EchoTrainLength": 84,
    "EffectiveEchoSpacing": 0.000640002,
    "FlipAngle": 90,
    "ImageComments": "Unaliased_MB3_PE3_CBPD0162_2@mackeylab:CBPD_data",
    "ImageOrientationPatientDICOM": [
      0.998293,
      0.014876,
      -0.0564765,
      -0.0123713,
      0.998935,
      0.0444431
    ],
    "ImageType": [
      "ORIGINAL",
      "PRIMARY",
      "M",
      "MB",
      "ND",
      "MOSAIC"
    ],
    "ImagingFrequency": 123.263,
    "InPlanePhaseEncodingDirectionDICOM": "COL",
    "InstitutionAddress": "Curie_Blvd._422_Philadelphia_PA_US_19104",
    "InstitutionName": "Hospital_Univ._of_Pennsylvania",
    "MRAcquisitionType": "2D",
    "MagneticFieldStrength": 3,
    "Manufacturer": "Siemens",
    "ManufacturersModelName": "Prisma",
    "Modality": "MR",
    "MultibandAccelerationFactor": 3,
    "PartialFourier": 0.875,
    "PatientPosition": "HFS",
    "PercentPhaseFOV": 100,
    "PhaseEncodingDirection": "j-",
    "PhaseEncodingSteps": 84,
    "PhaseResolution": 1,
    "PixelBandwidth": 1860,
    "ProcedureStepDescription": "CAMRIS_Mackey",
    "ProtocolName": "Mackey_BOLD_piper",
    "PulseSequenceDetails": "%CustomerSeq%_cmrr_mbep2d_bold",
    "ReceiveCoilActiveElements": "HEA;HEP",
    "ReceiveCoilName": "Head_32",
    "ReconMatrixPE": 96,
    "RepetitionTime": 2,
    "SAR": 0.0911219,
    "ScanOptions": "PFP_FS_EXT",
    "ScanningSequence": "EP",
    "SequenceName": "epfid2d1_96",
    "SequenceVariant": "SK_SS",
    "SeriesDescription": "Mackey_BOLD_piper",
    "SeriesNumber": 7,
    "ShimSetting": [
      3747,
      2506,
      422,
      433,
      -24,
      17,
      -5,
      41
    ],
    "SliceThickness": 2,
    "SliceTiming": [
      0,
      0.08,
      0.1575,
      0.2375,
      0.3175,
      0.395,
      0.475,
      0.555,
      0.6325,
      0.7125,
      0.7925,
      0.87,
      0.95,
      1.03,
      1.1075,
      1.1875,
      1.2675,
      1.345,
      1.425,
      1.505,
      1.5825,
      1.6625,
      1.7425,
      1.82,
      1.9,
      0,
      0.08,
      0.1575,
      0.2375,
      0.3175,
      0.395,
      0.475,
      0.555,
      0.6325,
      0.7125,
      0.7925,
      0.87,
      0.95,
      1.03,
      1.1075,
      1.1875,
      1.2675,
      1.345,
      1.425,
      1.505,
      1.5825,
      1.6625,
      1.7425,
      1.82,
      1.9,
      0,
      0.08,
      0.1575,
      0.2375,
      0.3175,
      0.395,
      0.475,
      0.555,
      0.6325,
      0.7125,
      0.7925,
      0.87,
      0.95,
      1.03,
      1.1075,
      1.1875,
      1.2675,
      1.345,
      1.425,
      1.505,
      1.5825,
      1.6625,
      1.7425,
      1.82,
      1.9
    ],
    "SoftwareVersions": "syngo_MR_E11",
    "SpacingBetweenSlices": 2,
    "StationName": "AWP66044",
    "TaskName": "piper",
    "TotalReadoutTime": 0.0608002,
    "TxRefAmp": 221.822,
    "WipMemBlock": "a585abf5-0439-457d-9ad0-646400531314||Sequence: R016 ve11c/master r/e634e98; Dec 19 2017 11:00:25 by eja",
    "dataset": "ds004228",
    "modality": "bold",
    "run_id": 1,
    "session_id": "01",
    "subject_id": "12",
    "task_id": "piper"
  },
  "dummy_trs": 0,
  "dvars_nstd": 42.50967076986579,
  "dvars_std": 1.2337101977181206,
  "dvars_vstd": 0.9917933724161077,
  "efc": 0.5368599415707469,
  "fber": 619.7985229492188,
  "fd_mean": 0.24847548588620727,
  "fd_num": 90,
  "fd_perc": 60.0,
  "fwhm_avg": 3.5972333333333335,
  "fwhm_x": 3.31002,
  "fwhm_y": 3.643905,
  "fwhm_z": 3.837775,
  "gcor": 0.00929069,
  "gsr_x": -0.012049548327922821,
  "gsr_y": 0.07013379037380219,
  "provenance": {
    "md5sum": "28096e979edf7e70f06157574116b04c",
    "settings": {
      "fd_thres": 0.2,
      "testing": false
    },
    "software": "mriqc",
    "version": "23.0.1",
    "webapi_port": null,
    "webapi_url": "https://mriqc.nimh.nih.gov/api/v1"
  },
  "size_t": 150,
  "size_x": 96,
  "size_y": 96,
  "size_z": 75,
  "snr": 2.389803698184018,
  "spacing_tr": 2.0,
  "spacing_x": 2.0,
  "spacing_y": 2.0,
  "spacing_z": 2.0,
  "summary_bg_k": 29.32597609354645,
  "summary_bg_mad": 77.05579348003225,
  "summary_bg_mean": 480.0877685546875,
  "summary_bg_median": 239.12667846679688,
  "summary_bg_n": 445280.0,
  "summary_bg_p05": 176.05999755859375,
  "summary_bg_p95": 1634.1297058105463,
  "summary_bg_stdv": 657.1605834960938,
  "summary_fg_k": 1.306562644942491,
  "summary_fg_mad": 2197.6859543969335,
  "summary_fg_mean": 6518.76318359375,
  "summary_fg_median": 6039.103515625,
  "summary_fg_n": 151150.0,
  "summary_fg_p05": 3360.6040649414062,
  "summary_fg_p95": 11612.291943359374,
  "summary_fg_stdv": 2527.020751953125,
  "tsnr": 43.23956806957722
}