{
  "aor": 0.004294295302013422,
  "aqi": 0.0097652144295302,
  "bids_meta": {
    "AcquisitionMatrixPE": 96,
    "AcquisitionNumber": 1,
    "AcquisitionTime": "13:04:44.712500",
    "BandwidthPerPixelPhaseEncode": 16.276,
    "BaseResolution": 96,
    "BodyPartExamined": "BRAIN",
    "ConsistencyInfo": "N4_VE11C_LATEST_20160120",
    "ConversionSoftware": "dcm2niix",
    "ConversionSoftwareVersion": "v1.0.20190410  GCC6.3.0",
    "DerivedVendorReportedEchoSpacing": 0.000640002,
    "DeviceSerialNumber": "66044",
    "EchoTime": 0.0302,
    "EchoTrainLength": 84,
    "EffectiveEchoSpacing": 0.000640002,
    "FlipAngle": 90,
    "ImageComments": "Unaliased_MB3_PE3_CBPD0207@mackeylab:CBPD_data",
    "ImageOrientationPatientDICOM": [
      0.995067,
      0.0951353,
      -0.0281277,
      -0.0903831,
      0.986256,
      0.138314
    ],
    "ImageType": [
      "ORIGINAL",
      "PRIMARY",
      "M",
      "MB",
      "ND",
      "MOSAIC"
    ],
    "ImagingFrequency": 123.263,
    "InPlanePhaseEncodingDirectionDICOM": "COL",
    "InstitutionAddress": "Curie_Blvd._422_Philadelphia_PA_US_19104",
    "InstitutionName": "SC3T",
    "MRAcquisitionType": "2D",
    "MagneticFieldStrength": 3,
    "Manufacturer": "Siemens",
    "ManufacturersModelName": "Prisma",
    "Modality": "MR",
    "MultibandAccelerationFactor": 3,
    "PartialFourier": 0.875,
    "PatientPosition": "HFS",
    "PercentPhaseFOV": 100,
    "PhaseEncodingDirection": "j-",
    "PhaseEncodingSteps": 84,
    "PhaseResolution": 1,
    "PixelBandwidth": 1860,
    "ProcedureStepDescription": "CAMRIS_Mackey",
    "ProtocolName": "Mackey_BOLD_piper",
    "PulseSequenceDetails": "%CustomerSeq%_cmrr_mbep2d_bold",
    "ReceiveCoilActiveElements": "HEA;HEP",
    "ReceiveCoilName": "Head_32",
    "ReconMatrixPE": 96,
    "RepetitionTime": 2,
    "SAR": 0.0819194,
    "ScanOptions": "PFP_FS_EXT",
    "ScanningSequence": "EP",
    "SequenceName": "epfid2d1_96",
    "SequenceVariant": "SK_SS",
    "SeriesDescription": "Mackey_BOLD_piper",
    "SeriesNumber": 24,
    "ShimSetting": [
      3734,
      2463,
      490,
      489,
      0,
      -203,
      49,
      60
    ],
    "SliceThickness": 2,
    "SliceTiming": [
      0,
      0.08,
      0.16,
      0.24,
      0.3175,
      0.3975,
      0.4775,
      0.555,
      0.635,
      0.715,
      0.7925,
      0.8725,
      0.9525,
      1.03,
      1.11,
      1.19,
      1.2675,
      1.3475,
      1.4275,
      1.505,
      1.585,
      1.665,
      1.7425,
      1.8225,
      1.9025,
      0,
      0.08,
      0.16,
      0.24,
      0.3175,
      0.3975,
      0.4775,
      0.555,
      0.635,
      0.715,
      0.7925,
      0.8725,
      0.9525,
      1.03,
      1.11,
      1.19,
      1.2675,
      1.3475,
      1.4275,
      1.505,
      1.585,
      1.665,
      1.7425,
      1.8225,
      1.9025,
      0,
      0.08,
      0.16,
      0.24,
      0.3175,
      0.3975,
      0.4775,
      0.555,
      0.635,
      0.715,
      0.7925,
      0.8725,
      0.9525,
      1.03,
      1.11,
      1.19,
      1.2675,
      1.3475,
      1.4275,
      1.505,
      1.585,
      1.665,
      1.7425,
      1.8225,
      1.9025
    ],
    "SoftwareVersions": "syngo_MR_E11",
    "SpacingBetweenSlices": 2,
    "StationName": "AWP66044",
    "TaskName": "piper",
    "TotalReadoutTime": 0.0608002,
    "TxRefAmp": 216.723,
    "WipMemBlock": "9b05e6bc-09c9-4403-bffc-a82f3ffb75ca||Sequence: R016 ve11c/master r/e634e98; Dec 19 2017 11:00:25 by eja",
    "dataset": "ds004228",
    "modality": "bold",
    "run_id": 1,
    "session_id": "01",
    "subject_id": "27",
    "task_id": "piper"
  },
  "dummy_trs": 1,
  "dvars_nstd": 40.946946582297265,
  "dvars_std": 1.1672589191891891,
  "dvars_vstd": 0.9833005287837835,
  "efc": 0.5346323308819911,
  "fber": 614.6902465820312,
  "fd_mean": 0.252304176820517,
  "fd_num": 63,
  "fd_perc": 42.281879194630875,
  "fwhm_avg": 3.443735,
  "fwhm_x": 3.143195,
  "fwhm_y": 3.5348,
  "fwhm_z": 3.65321,
  "gcor": 0.0108432,
  "gsr_x": -0.010187551379203796,
  "gsr_y": 0.06836877018213272,
  "provenance": {
    "md5sum": "832dc4533f14a316d45419aef037ec34",
    "settings": {
      "fd_thres": 0.2,
      "testing": false
    },
    "software": "mriqc",
    "version": "23.0.1",
    "webapi_port": null,
    "webapi_url": "https://mriqc.nimh.nih.gov/api/v1"
  },
  "size_t": 149,
  "size_x": 96,
  "size_y": 96,
  "size_z": 75,
  "snr": 2.3567022743450585,
  "spacing_tr": 2.0,
  "spacing_x": 2.0,
  "spacing_y": 2.0,
  "spacing_z": 2.0,
  "summary_bg_k": 25.556009543773918,
  "summary_bg_mad": 70.57784704658462,
  "summary_bg_mean": 441.48687744140625,
  "summary_bg_median": 229.1275177001953,
  "summary_bg_n": 443678.0,
  "summary_bg_p05": 168.5637664794922,
  "summary_bg_p95": 1570.8821716308587,
  "summary_bg_stdv": 589.3031005859375,
  "summary_fg_k": 1.3406575658185957,
  "summary_fg_mad": 2110.0310798255446,
  "summary_fg_mean": 6243.0966796875,
  "summary_fg_median": 5722.35595703125,
  "summary_fg_n": 152665.0,
  "summary_fg_p05": 3309.880517578125,
  "summary_fg_p95": 11012.0171875,
  "summary_fg_stdv": 2428.112060546875,
  "tsnr": 35.904622956877574
}