{
  "aor": 0.0020239999999999998,
  "aqi": 0.004254907933333333,
  "bids_meta": {
    "AcquisitionMatrixPE": 96,
    "AcquisitionNumber": 1,
    "AcquisitionTime": "10:19:42.877500",
    "BandwidthPerPixelPhaseEncode": 16.276,
    "BaseResolution": 96,
    "BodyPartExamined": "BRAIN",
    "ConsistencyInfo": "N4_VE11C_LATEST_20160120",
    "ConversionSoftware": "dcm2niix",
    "ConversionSoftwareVersion": "v1.0.20190410  GCC6.3.0",
    "DerivedVendorReportedEchoSpacing": 0.000640002,
    "DeviceSerialNumber": "66044",
    "EchoTime": 0.0302,
    "EchoTrainLength": 84,
    "EffectiveEchoSpacing": 0.000640002,
    "FlipAngle": 90,
    "ImageComments": "Unaliased_MB3_PE3_CBPD0209@mackeylab:CBPD_data",
    "ImageOrientationPatientDICOM": [
      0.981216,
      -0.0852971,
      -0.173032,
      0.112836,
      0.981269,
      0.156141
    ],
    "ImageType": [
      "ORIGINAL",
      "PRIMARY",
      "M",
      "MB",
      "ND",
      "MOSAIC"
    ],
    "ImagingFrequency": 123.263,
    "InPlanePhaseEncodingDirectionDICOM": "COL",
    "InstitutionAddress": "Curie_Blvd._422_Philadelphia_PA_US_19104",
    "InstitutionName": "SC3T",
    "MRAcquisitionType": "2D",
    "MagneticFieldStrength": 3,
    "Manufacturer": "Siemens",
    "ManufacturersModelName": "Prisma",
    "Modality": "MR",
    "MultibandAccelerationFactor": 3,
    "PartialFourier": 0.875,
    "PatientPosition": "HFS",
    "PercentPhaseFOV": 100,
    "PhaseEncodingDirection": "j-",
    "PhaseEncodingSteps": 84,
    "PhaseResolution": 1,
    "PixelBandwidth": 1860,
    "ProcedureStepDescription": "CAMRIS_Mackey",
    "ProtocolName": "Mackey_BOLD_piper",
    "PulseSequenceDetails": "%CustomerSeq%_cmrr_mbep2d_bold",
    "ReceiveCoilActiveElements": "HEA;HEP",
    "ReceiveCoilName": "Head_32",
    "ReconMatrixPE": 96,
    "RepetitionTime": 2,
    "SAR": 0.072649,
    "ScanOptions": "PFP_FS_EXT",
    "ScanningSequence": "EP",
    "SequenceName": "epfid2d1_96",
    "SequenceVariant": "SK_SS",
    "SeriesDescription": "Mackey_BOLD_piper",
    "SeriesNumber": 15,
    "ShimSetting": [
      3704,
      2425,
      414,
      401,
      -16,
      -234,
      -21,
      123
    ],
    "SliceThickness": 2,
    "SliceTiming": [
      0,
      0.08,
      0.16,
      0.2375,
      0.3175,
      0.3975,
      0.475,
      0.555,
      0.635,
      0.7125,
      0.7925,
      0.8725,
      0.95,
      1.03,
      1.11,
      1.1875,
      1.2675,
      1.3475,
      1.425,
      1.505,
      1.585,
      1.6625,
      1.7425,
      1.8225,
      1.9025,
      0,
      0.08,
      0.16,
      0.2375,
      0.3175,
      0.3975,
      0.475,
      0.555,
      0.635,
      0.7125,
      0.7925,
      0.8725,
      0.95,
      1.03,
      1.11,
      1.1875,
      1.2675,
      1.3475,
      1.425,
      1.505,
      1.585,
      1.6625,
      1.7425,
      1.8225,
      1.9025,
      0,
      0.08,
      0.16,
      0.2375,
      0.3175,
      0.3975,
      0.475,
      0.555,
      0.635,
      0.7125,
      0.7925,
      0.8725,
      0.95,
      1.03,
      1.11,
      1.1875,
      1.2675,
      1.3475,
      1.425,
      1.505,
      1.585,
      1.6625,
      1.7425,
      1.8225,
      1.9025
    ],
    "SoftwareVersions": "syngo_MR_E11",
    "SpacingBetweenSlices": 2,
    "StationName": "AWP66044",
    "TaskName": "piper",
    "TotalReadoutTime": 0.0608002,
    "TxRefAmp": 213.043,
    "WipMemBlock": "6c0fcd14-2d1e-4a72-ba96-43a50b1fedb4||Sequence: R016 ve11c/master r/e634e98; Dec 19 2017 11:00:25 by eja",
    "dataset": "ds004228",
    "modality": "bold",
    "run_id": 1,
    "session_id": "01",
    "subject_id": "29",
    "task_id": "piper"
  },
  "dummy_trs": 0,
  "dvars_nstd": 30.556363010067102,
  "dvars_std": 1.1989043734228182,
  "dvars_vstd": 1.0120003546979863,
  "efc": 0.5038099737477014,
  "fber": 846.6768188476562,
  "fd_mean": 0.12247390948767745,
  "fd_num": 24,
  "fd_perc": 16.0,
  "fwhm_avg": 3.614436807936736,
  "fwhm_x": 3.329980198482287,
  "fwhm_y": 3.732955,
  "fwhm_z": 3.7803752253279224,
  "gcor": 0.0119214,
  "gsr_x": -0.010773593559861183,
  "gsr_y": 0.04642487317323685,
  "provenance": {
    "md5sum": "97060c5bac002f93f3b1339b213fd3c5",
    "settings": {
      "fd_thres": 0.2,
      "testing": false
    },
    "software": "mriqc",
    "version": "23.0.1",
    "webapi_port": null,
    "webapi_url": "https://mriqc.nimh.nih.gov/api/v1"
  },
  "size_t": 150,
  "size_x": 96,
  "size_y": 96,
  "size_z": 75,
  "snr": 2.3068881343802765,
  "spacing_tr": 2.0,
  "spacing_x": 1.9999998807907104,
  "spacing_y": 2.0,
  "spacing_z": 1.9999998807907104,
  "summary_bg_k": 28.232019506144905,
  "summary_bg_mad": 67.80432486966555,
  "summary_bg_mean": 450.3622741699219,
  "summary_bg_median": 234.36000061035156,
  "summary_bg_n": 462382.0,
  "summary_bg_p05": 177.6666717529297,
  "summary_bg_p95": 1608.1566772460783,
  "summary_bg_stdv": 624.5960693359375,
  "summary_fg_k": 0.7869951918057714,
  "summary_fg_mad": 2749.9455077775992,
  "summary_fg_mean": 7520.4140625,
  "summary_fg_median": 6907.31689453125,
  "summary_fg_n": 136868.0,
  "summary_fg_p05": 3819.588415527344,
  "summary_fg_p95": 13508.536425781247,
  "summary_fg_stdv": 2994.203125,
  "tsnr": 52.061051924712956
}