{
  "bids_meta": {
    "AcquisitionMatrixPE": 256,
    "AcquisitionNumber": 1,
    "AcquisitionTime": "11:22:52.750000",
    "BaseResolution": 256,
    "BodyPartExamined": "BRAIN",
    "ConsistencyInfo": "N4_VE11C_LATEST_20160120",
    "ConversionSoftware": "dcm2niix",
    "ConversionSoftwareVersion": "v1.0.20190410  GCC6.3.0",
    "DeviceSerialNumber": "66044",
    "EchoTime": 0.00169,
    "FlipAngle": 7,
    "ImageComments": "CBPD0018_3@mackeylab@CBPD_data",
    "ImageOrientationPatientDICOM": [
      -0.0719595,
      0.99579,
      0.0567804,
      -0.0995122,
      0.0494761,
      -0.993806
    ],
    "ImageType": [
      "ORIGINAL",
      "PRIMARY",
      "OTHER",
      "ND",
      "NORM",
      "MEAN"
    ],
    "ImagingFrequency": 123.263,
    "InPlanePhaseEncodingDirectionDICOM": "ROW",
    "InstitutionAddress": "Curie_Blvd._422_Philadelphia_PA_US_19104",
    "InstitutionName": "SC3T",
    "InversionTime": 1.33,
    "MRAcquisitionType": "3D",
    "MagneticFieldStrength": 3,
    "Manufacturer": "Siemens",
    "ManufacturersModelName": "Prisma",
    "Modality": "MR",
    "NumberOfAverages": 4,
    "PartialFourier": 1,
    "PatientPosition": "HFS",
    "PercentPhaseFOV": 100,
    "PhaseEncodingSteps": 255,
    "PhaseResolution": 1,
    "PixelBandwidth": 650,
    "ProcedureStepDescription": "CAMRIS_Mackey",
    "ProtocolName": "vNav_MPRAGE_1mm_p3",
    "PulseSequenceDetails": "%CustomerSeq%_tfl_mgh_epinav_ABCD",
    "ReceiveCoilActiveElements": "HEA;HEP",
    "ReceiveCoilName": "Head_32",
    "ReconMatrixPE": 256,
    "RefLinesPE": 32,
    "RepetitionTime": 2.53,
    "SAR": 0.0375667,
    "ScanOptions": "IR_WE",
    "ScanningSequence": "GR_IR",
    "SequenceName": "tfl3d4_16ns",
    "SequenceVariant": "SK_SP_MP",
    "SeriesDescription": "vNav_MPRAGE_1mm_p3_RMS",
    "SeriesNumber": 9,
    "ShimSetting": [
      3722,
      2400,
      438,
      295,
      -13,
      -206,
      12,
      75
    ],
    "SliceThickness": 1,
    "SoftwareVersions": "syngo_MR_E11",
    "StationName": "AWP66044",
    "TxRefAmp": 222.149,
    "WipMemBlock": "Prisma_epi_moco_navigator_ABCD_tfl.prot",
    "dataset": "ds004228",
    "modality": "T1w",
    "run_id": 1,
    "session_id": "01",
    "subject_id": "02"
  },
  "cjv": 0.296208234758029,
  "cnr": 4.399698610945399,
  "efc": 0.5903691115781825,
  "fber": 24166.531358131488,
  "fwhm_avg": 3.810216666666667,
  "fwhm_x": 4.13076,
  "fwhm_y": 3.78661,
  "fwhm_z": 3.51328,
  "icvs_csf": 0.14399707683950963,
  "icvs_gm": 0.5227834097907168,
  "icvs_wm": 0.33321951336977357,
  "inu_med": 0.44536395370960236,
  "inu_range": 0.20634456574916832,
  "provenance": {
    "md5sum": "884a450f36bfd2cf59d1e70a203e36ff",
    "settings": {
      "testing": false
    },
    "software": "mriqc",
    "version": "23.0.1",
    "warnings": {
      "large_rot_frame": true,
      "small_air_mask": false
    },
    "webapi_port": null,
    "webapi_url": "https://mriqc.nimh.nih.gov/api/v1"
  },
  "qi_1": 0.0,
  "qi_2": 0.0022214341570785086,
  "rpve_csf": 35.25939761849171,
  "rpve_gm": 11.445223564690899,
  "rpve_wm": 18.56278215401661,
  "size_x": 176,
  "size_y": 256,
  "size_z": 256,
  "snr_csf": 0.901538125947771,
  "snr_gm": 16.804358553717048,
  "snr_total": 15.080531588948604,
  "snr_wm": 27.535698087180997,
  "snrd_csf": 40.168570746679194,
  "snrd_gm": 79.26094309329655,
  "snrd_total": 75.25548944538424,
  "snrd_wm": 106.336954496177,
  "spacing_x": 1.0,
  "spacing_y": 1.0,
  "spacing_z": 1.0,
  "summary_bg_k": 5.829828585056193,
  "summary_bg_mad": 6.161360344512346,
  "summary_bg_mean": 6.0498550080524724,
  "summary_bg_median": 4.155774399638176,
  "summary_bg_n": 1964468.0,
  "summary_bg_p05": 0.0,
  "summary_bg_p95": 22.521616101264954,
  "summary_bg_stdv": 7.937256787478668,
  "summary_csf_k": 9.816742157350165,
  "summary_csf_mad": 153.43774793430745,
  "summary_csf_mean": 501.0259912782542,
  "summary_csf_median": 377.77329865098,
  "summary_csf_n": 21111.0,
  "summary_csf_p05": 137.1070408783853,
  "summary_csf_p95": 1461.1903874985874,
  "summary_csf_stdv": 419.0220472799832,
  "summary_gm_k": 0.4138307972210282,
  "summary_gm_mad": 41.738247495083634,
  "summary_gm_mean": 746.117666202459,
  "summary_gm_median": 745.4252757802606,
  "summary_gm_n": 79955.0,
  "summary_gm_p05": 673.7716816961765,
  "summary_gm_p95": 820.1621863543987,
  "summary_gm_stdv": 44.358766319629446,
  "summary_wm_k": 1.02170708176443,
  "summary_wm_mad": 33.688728335317506,
  "summary_wm_mean": 1000.3230302160888,
  "summary_wm_median": 1000.0670006871223,
  "summary_wm_n": 168884.0,
  "summary_wm_p05": 941.6850732341409,
  "summary_wm_p95": 1059.0521857142448,
  "summary_wm_stdv": 36.31881918177806,
  "tpm_overlap_csf": 0.15035579609719849,
  "tpm_overlap_gm": 0.4812006321133213,
  "tpm_overlap_wm": 0.48394545635806724,
  "wm2max": 0.6752047789292664
}