{
  "bids_meta": {
    "AcquisitionMatrixPE": 256,
    "AcquisitionNumber": 1,
    "AcquisitionTime": "08:47:0.712500",
    "BaseResolution": 256,
    "BodyPartExamined": "BRAIN",
    "ConsistencyInfo": "N4_VE11C_LATEST_20160120",
    "ConversionSoftware": "dcm2niix",
    "ConversionSoftwareVersion": "v1.0.20190410  GCC6.3.0",
    "DeviceSerialNumber": "66044",
    "EchoTime": 0.00169,
    "FlipAngle": 7,
    "ImageComments": "CBPD0074_3@mackeylab:CBPD_data",
    "ImageOrientationPatientDICOM": [
      -0.110502,
      0.964069,
      0.24158,
      0.0111252,
      0.244254,
      -0.969648
    ],
    "ImageType": [
      "ORIGINAL",
      "PRIMARY",
      "OTHER",
      "ND",
      "NORM",
      "MEAN"
    ],
    "ImagingFrequency": 123.263,
    "InPlanePhaseEncodingDirectionDICOM": "ROW",
    "InstitutionAddress": "Curie_Blvd._422_Philadelphia_PA_US_19104",
    "InstitutionName": "SC3T",
    "InversionTime": 1.33,
    "MRAcquisitionType": "3D",
    "MagneticFieldStrength": 3,
    "Manufacturer": "Siemens",
    "ManufacturersModelName": "Prisma",
    "Modality": "MR",
    "NumberOfAverages": 4,
    "PartialFourier": 1,
    "PatientPosition": "HFS",
    "PercentPhaseFOV": 100,
    "PhaseEncodingSteps": 255,
    "PhaseResolution": 1,
    "PixelBandwidth": 650,
    "ProcedureStepDescription": "CAMRIS_Mackey",
    "ProtocolName": "vNav_MPRAGE_1mm_p3",
    "PulseSequenceDetails": "%CustomerSeq%_tfl_mgh_epinav_ABCD",
    "ReceiveCoilActiveElements": "HEA;HEP",
    "ReceiveCoilName": "Head_32",
    "ReconMatrixPE": 256,
    "RefLinesPE": 32,
    "RepetitionTime": 2.53,
    "SAR": 0.0343616,
    "ScanOptions": "IR_WE",
    "ScanningSequence": "GR_IR",
    "SequenceName": "tfl3d4_16ns",
    "SequenceVariant": "SK_SP_MP",
    "SeriesDescription": "vNav_MPRAGE_1mm_p3_RMS",
    "SeriesNumber": 9,
    "ShimSetting": [
      3748,
      2404,
      440,
      414,
      -48,
      -311,
      152,
      -19
    ],
    "SliceThickness": 1,
    "SoftwareVersions": "syngo_MR_E11",
    "StationName": "AWP66044",
    "TxRefAmp": 217.124,
    "WipMemBlock": "Prisma_epi_moco_navigator_ABCD_tfl.prot",
    "dataset": "ds004228",
    "modality": "T1w",
    "run_id": 1,
    "session_id": "01",
    "subject_id": "06"
  },
  "cjv": 0.32039003339867983,
  "cnr": 4.1917650940900035,
  "efc": 0.5713230638967056,
  "fber": 28178.88371574961,
  "fwhm_avg": 3.58582,
  "fwhm_x": 3.72216,
  "fwhm_y": 3.71017,
  "fwhm_z": 3.32513,
  "icvs_csf": 0.17213723630320032,
  "icvs_gm": 0.5261363632151982,
  "icvs_wm": 0.3017264004816015,
  "inu_med": 0.5032753646373749,
  "inu_range": 0.22300627082586288,
  "provenance": {
    "md5sum": "ab81135994843740606380a1240a8e8e",
    "settings": {
      "testing": false
    },
    "software": "mriqc",
    "version": "23.0.1",
    "warnings": {
      "large_rot_frame": true,
      "small_air_mask": false
    },
    "webapi_port": null,
    "webapi_url": "https://mriqc.nimh.nih.gov/api/v1"
  },
  "qi_1": 0.0,
  "qi_2": 0.003055981537327547,
  "rpve_csf": 31.55820892238902,
  "rpve_gm": 11.589274222163029,
  "rpve_wm": 19.923810004209297,
  "size_x": 176,
  "size_y": 256,
  "size_z": 256,
  "snr_csf": 2.978409197893796,
  "snr_gm": 18.45084127434845,
  "snr_total": 15.540304057212227,
  "snr_wm": 25.191661699394437,
  "snrd_csf": 38.24653334865011,
  "snrd_gm": 92.31404861684703,
  "snrd_total": 84.06118617247496,
  "snrd_wm": 121.62297655192772,
  "spacing_x": 1.0,
  "spacing_y": 1.0,
  "spacing_z": 1.0,
  "summary_bg_k": 8.872022519783213,
  "summary_bg_mad": 5.386849907772694,
  "summary_bg_mean": 4.358388659487464,
  "summary_bg_median": 3.63337504863739,
  "summary_bg_n": 1881948.0,
  "summary_bg_p05": 0.0,
  "summary_bg_p95": 15.852761372923851,
  "summary_bg_stdv": 6.085891118513855,
  "summary_csf_k": 2.093839211276488,
  "summary_csf_mad": 72.85073208606882,
  "summary_csf_mean": 331.14886261999703,
  "summary_csf_median": 314.48158679902554,
  "summary_csf_n": 35946.0,
  "summary_csf_p05": 167.48669476434588,
  "summary_csf_p95": 533.7600964307785,
  "summary_csf_stdv": 105.5856302853309,
  "summary_gm_k": 0.1604573951468362,
  "summary_gm_mad": 40.208986811589035,
  "summary_gm_mean": 758.1090230815123,
  "summary_gm_median": 759.0509766787291,
  "summary_gm_n": 71441.0,
  "summary_gm_p05": 688.9571163654327,
  "summary_gm_p95": 824.2570824623108,
  "summary_gm_stdv": 41.138810580032434,
  "summary_wm_k": 0.6750848980423698,
  "summary_wm_mad": 37.00252853315291,
  "summary_wm_mean": 998.7135294960791,
  "summary_wm_median": 1000.0432276725769,
  "summary_wm_n": 131790.0,
  "summary_wm_p05": 932.1985995322466,
  "summary_wm_p95": 1061.1185320615768,
  "summary_wm_stdv": 39.69723972638358,
  "tpm_overlap_csf": 0.14980226057366622,
  "tpm_overlap_gm": 0.49476448152641894,
  "tpm_overlap_wm": 0.46959905501786564,
  "wm2max": 0.8999260441399712
}