{
  "bids_meta": {
    "AcquisitionMatrixPE": 256,
    "AcquisitionNumber": 1,
    "AcquisitionTime": "10:20:2.942500",
    "BaseResolution": 256,
    "BodyPartExamined": "BRAIN",
    "ConsistencyInfo": "N4_VE11C_LATEST_20160120",
    "ConversionSoftware": "dcm2niix",
    "ConversionSoftwareVersion": "v1.0.20190410  GCC6.3.0",
    "DeviceSerialNumber": "66044",
    "EchoTime": 0.00169,
    "FlipAngle": 7,
    "ImageComments": "CBPD0187@mackeylab:_CBPD_data",
    "ImageOrientationPatientDICOM": [
      0.140347,
      0.980436,
      0.138015,
      0.0846235,
      0.127006,
      -0.988285
    ],
    "ImageType": [
      "ORIGINAL",
      "PRIMARY",
      "OTHER",
      "ND",
      "NORM",
      "MEAN"
    ],
    "ImagingFrequency": 123.263,
    "InPlanePhaseEncodingDirectionDICOM": "ROW",
    "InstitutionAddress": "Curie_Blvd._422_Philadelphia_PA_US_19104",
    "InstitutionName": "SC3T",
    "InversionTime": 1.33,
    "MRAcquisitionType": "3D",
    "MagneticFieldStrength": 3,
    "Manufacturer": "Siemens",
    "ManufacturersModelName": "Prisma",
    "Modality": "MR",
    "NumberOfAverages": 4,
    "PartialFourier": 1,
    "PatientPosition": "HFS",
    "PercentPhaseFOV": 100,
    "PhaseEncodingSteps": 255,
    "PhaseResolution": 1,
    "PixelBandwidth": 650,
    "ProcedureStepDescription": "CAMRIS_Mackey",
    "ProtocolName": "vNav_MPRAGE_1mm_p3",
    "PulseSequenceDetails": "%CustomerSeq%_tfl_mgh_epinav_ABCD",
    "ReceiveCoilActiveElements": "HEA;HEP",
    "ReceiveCoilName": "Head_32",
    "ReconMatrixPE": 256,
    "RefLinesPE": 32,
    "RepetitionTime": 2.53,
    "SAR": 0.0438411,
    "ScanOptions": "IR_WE",
    "ScanningSequence": "GR_IR",
    "SequenceName": "tfl3d4_16ns",
    "SequenceVariant": "SK_SP_MP",
    "SeriesDescription": "vNav_MPRAGE_1mm_p3_RMS",
    "SeriesNumber": 10,
    "ShimSetting": [
      3822,
      2389,
      477,
      495,
      32,
      -227,
      -20,
      74
    ],
    "SliceThickness": 1,
    "SoftwareVersions": "syngo_MR_E11",
    "StationName": "AWP66044",
    "TxRefAmp": 217.404,
    "WipMemBlock": "Prisma_epi_moco_navigator_ABCD_tfl.prot",
    "dataset": "ds004228",
    "modality": "T1w",
    "run_id": 1,
    "session_id": "01",
    "subject_id": "16"
  },
  "cjv": 0.3177733814925952,
  "cnr": 4.084468427913427,
  "efc": 0.5785107152866359,
  "fber": 16596.910283163583,
  "fwhm_avg": 3.535440516313195,
  "fwhm_x": 3.8045915489395847,
  "fwhm_y": 3.5276,
  "fwhm_z": 3.27413,
  "icvs_csf": 0.1538286587228769,
  "icvs_gm": 0.5073310047274245,
  "icvs_wm": 0.3388403365496986,
  "inu_med": 0.4706609547138214,
  "inu_range": 0.17843470275402068,
  "provenance": {
    "md5sum": "74198eb52d69c4d24df4d4f35d2f467f",
    "settings": {
      "testing": false
    },
    "software": "mriqc",
    "version": "23.0.1",
    "warnings": {
      "large_rot_frame": true,
      "small_air_mask": false
    },
    "webapi_port": null,
    "webapi_url": "https://mriqc.nimh.nih.gov/api/v1"
  },
  "qi_1": 0.0,
  "qi_2": 0.0017133077942014412,
  "rpve_csf": 38.479277051097725,
  "rpve_gm": 13.389165479880155,
  "rpve_wm": 20.909625447057945,
  "size_x": 176,
  "size_y": 256,
  "size_z": 256,
  "snr_csf": 2.4581698634732265,
  "snr_gm": 14.702596124522259,
  "snr_total": 14.172485421202921,
  "snr_wm": 25.356690275613282,
  "snrd_csf": 34.96637704088068,
  "snrd_gm": 77.69025189412768,
  "snrd_total": 72.75126892626538,
  "snrd_wm": 105.59717784378782,
  "spacing_x": 1.000454306602478,
  "spacing_y": 1.0,
  "spacing_z": 1.0,
  "summary_bg_k": 6.516332131364287,
  "summary_bg_mad": 6.204234508769984,
  "summary_bg_mean": 8.400573046571543,
  "summary_bg_median": 4.184692583978176,
  "summary_bg_n": 1705328.0,
  "summary_bg_p05": 0.0,
  "summary_bg_p95": 32.082643143832684,
  "summary_bg_stdv": 11.278232477838547,
  "summary_csf_k": 3.9143739822695434,
  "summary_csf_mad": 116.26195970782014,
  "summary_csf_mean": 332.7487589937483,
  "summary_csf_median": 331.1365436017513,
  "summary_csf_n": 14543.0,
  "summary_csf_p05": 118.38636831417679,
  "summary_csf_p95": 547.962245579809,
  "summary_csf_stdv": 134.70393709827601,
  "summary_gm_k": 0.3105117456396753,
  "summary_gm_mad": 47.985407963964946,
  "summary_gm_mean": 735.8036899031523,
  "summary_gm_median": 735.7376903444529,
  "summary_gm_n": 53125.0,
  "summary_gm_p05": 653.7824065983295,
  "summary_gm_p95": 817.9719535961747,
  "summary_gm_stdv": 50.040874379642666,
  "summary_wm_k": 0.8348597163711804,
  "summary_wm_mad": 35.99654900982005,
  "summary_wm_mean": 1001.297415338858,
  "summary_wm_median": 1000.0202321335673,
  "summary_wm_n": 145306.0,
  "summary_wm_p05": 939.1299226507545,
  "summary_wm_p95": 1068.4055888410658,
  "summary_wm_stdv": 39.437985800759456,
  "tpm_overlap_csf": 0.13531434768334355,
  "tpm_overlap_gm": 0.49345636104741325,
  "tpm_overlap_wm": 0.4995557571888625,
  "wm2max": 0.8866351539895869
}