{
  "aor": 0.007862733333333333,
  "aqi": 0.012313736333333334,
  "bids_meta": {
    "AcquisitionMatrixPE": 96,
    "AcquisitionNumber": 1,
    "AcquisitionTime": "11:36:18.000000",
    "BandwidthPerPixelPhaseEncode": 16.276,
    "BaseResolution": 96,
    "BodyPartExamined": "BRAIN",
    "ConsistencyInfo": "N4_VE11C_LATEST_20160120",
    "ConversionSoftware": "dcm2niix",
    "ConversionSoftwareVersion": "v1.0.20190410  GCC6.3.0",
    "DerivedVendorReportedEchoSpacing": 0.000640002,
    "DeviceSerialNumber": "66044",
    "EchoTime": 0.0302,
    "EchoTrainLength": 84,
    "EffectiveEchoSpacing": 0.000640002,
    "FlipAngle": 90,
    "ImageComments": "Unaliased_MB3_PE3_CBPD0186@mackeylab:CBPD_data",
    "ImageOrientationPatientDICOM": [
      0.981852,
      -0.18068,
      -0.0576255,
      0.18943,
      0.919852,
      0.343494
    ],
    "ImageType": [
      "ORIGINAL",
      "PRIMARY",
      "M",
      "MB",
      "ND",
      "MOSAIC"
    ],
    "ImagingFrequency": 123.263,
    "InPlanePhaseEncodingDirectionDICOM": "COL",
    "InstitutionAddress": "Curie_Blvd._422_Philadelphia_PA_US_19104",
    "InstitutionName": "SC3T",
    "MRAcquisitionType": "2D",
    "MagneticFieldStrength": 3,
    "Manufacturer": "Siemens",
    "ManufacturersModelName": "Prisma",
    "Modality": "MR",
    "MultibandAccelerationFactor": 3,
    "PartialFourier": 0.875,
    "PatientPosition": "HFS",
    "PercentPhaseFOV": 100,
    "PhaseEncodingDirection": "j-",
    "PhaseEncodingSteps": 84,
    "PhaseResolution": 1,
    "PixelBandwidth": 1860,
    "ProcedureStepDescription": "CAMRIS_Mackey",
    "ProtocolName": "BOLD_piper",
    "PulseSequenceDetails": "%CustomerSeq%_cmrr_mbep2d_bold",
    "ReceiveCoilActiveElements": "HEA;HEP",
    "ReceiveCoilName": "Head_32",
    "ReconMatrixPE": 96,
    "RepetitionTime": 2,
    "SAR": 0.104575,
    "ScanOptions": "PFP_FS_EXT",
    "ScanningSequence": "EP",
    "SequenceName": "epfid2d1_96",
    "SequenceVariant": "SK_SS",
    "SeriesDescription": "BOLD_piper",
    "SeriesNumber": 13,
    "ShimSetting": [
      3762,
      2313,
      524,
      445,
      -15,
      -420,
      200,
      86
    ],
    "SliceThickness": 2,
    "SliceTiming": [
      0,
      0.0775,
      0.1575,
      0.2375,
      0.315,
      0.395,
      0.475,
      0.5525,
      0.6325,
      0.7125,
      0.79,
      0.87,
      0.95,
      1.03,
      1.1075,
      1.1875,
      1.2675,
      1.345,
      1.425,
      1.505,
      1.5825,
      1.6625,
      1.7425,
      1.82,
      1.9,
      0,
      0.0775,
      0.1575,
      0.2375,
      0.315,
      0.395,
      0.475,
      0.5525,
      0.6325,
      0.7125,
      0.79,
      0.87,
      0.95,
      1.03,
      1.1075,
      1.1875,
      1.2675,
      1.345,
      1.425,
      1.505,
      1.5825,
      1.6625,
      1.7425,
      1.82,
      1.9,
      0,
      0.0775,
      0.1575,
      0.2375,
      0.315,
      0.395,
      0.475,
      0.5525,
      0.6325,
      0.7125,
      0.79,
      0.87,
      0.95,
      1.03,
      1.1075,
      1.1875,
      1.2675,
      1.345,
      1.425,
      1.505,
      1.5825,
      1.6625,
      1.7425,
      1.82,
      1.9
    ],
    "SoftwareVersions": "syngo_MR_E11",
    "SpacingBetweenSlices": 2,
    "StationName": "AWP66044",
    "TaskName": "piper",
    "TotalReadoutTime": 0.0608002,
    "TxRefAmp": 222.694,
    "WipMemBlock": "28e80a86-b67c-4f2e-b22d-ca82cafdef53||Sequence: R016 ve11c/master r/e634e98; Dec 19 2017 11:00:25 by eja",
    "dataset": "ds004228",
    "modality": "bold",
    "run_id": 1,
    "session_id": "01",
    "subject_id": "15",
    "task_id": "piper"
  },
  "dummy_trs": 0,
  "dvars_nstd": 57.13327096778525,
  "dvars_std": 1.3170535283221476,
  "dvars_vstd": 1.048705676442953,
  "efc": 0.500604267252018,
  "fber": 756.404052734375,
  "fd_mean": 0.3818067391300546,
  "fd_num": 75,
  "fd_perc": 50.0,
  "fwhm_avg": 3.804566666666666,
  "fwhm_x": 3.628605,
  "fwhm_y": 3.777015,
  "fwhm_z": 4.00808,
  "gcor": 0.0178721,
  "gsr_x": 0.004494283813983202,
  "gsr_y": 0.047800302505493164,
  "provenance": {
    "md5sum": "2f90e45cad1b31f053f35a0b22800d99",
    "settings": {
      "fd_thres": 0.2,
      "testing": false
    },
    "software": "mriqc",
    "version": "23.0.1",
    "webapi_port": null,
    "webapi_url": "https://mriqc.nimh.nih.gov/api/v1"
  },
  "size_t": 150,
  "size_x": 96,
  "size_y": 96,
  "size_z": 75,
  "snr": 2.1037503206063968,
  "spacing_tr": 2.0,
  "spacing_x": 2.0,
  "spacing_y": 2.0,
  "spacing_z": 2.0,
  "summary_bg_k": 27.84493483953509,
  "summary_bg_mad": 71.43178665141144,
  "summary_bg_mean": 377.07696533203125,
  "summary_bg_median": 219.62001037597656,
  "summary_bg_n": 458451.0,
  "summary_bg_p05": 153.6999969482422,
  "summary_bg_p95": 1261.9566650390625,
  "summary_bg_stdv": 478.5291442871094,
  "summary_fg_k": 2.13719432767277,
  "summary_fg_mad": 2250.876842729848,
  "summary_fg_mean": 6829.6376953125,
  "summary_fg_median": 6088.36669921875,
  "summary_fg_n": 142685.0,
  "summary_fg_p05": 3629.40546875,
  "summary_fg_p95": 12822.440039062494,
  "summary_fg_stdv": 2894.043701171875,
  "tsnr": 31.599791480693966
}