{
  "bids_meta": {
    "AcquisitionMatrixPE": 256,
    "AcquisitionNumber": 1,
    "AcquisitionTime": "10:12:44.512500",
    "BaseResolution": 256,
    "BodyPartExamined": "BRAIN",
    "ConsistencyInfo": "N4_VE11C_LATEST_20160120",
    "ConversionSoftware": "dcm2niix",
    "ConversionSoftwareVersion": "v1.0.20190410  GCC6.3.0",
    "DeviceSerialNumber": "66044",
    "EchoTime": 0.00169,
    "FlipAngle": 7,
    "ImageComments": "CBPD0201@mackeylab:CBPD_data",
    "ImageOrientationPatientDICOM": [
      -0.0549412,
      0.989224,
      0.13571,
      0.00146496,
      0.135995,
      -0.990708
    ],
    "ImageType": [
      "ORIGINAL",
      "PRIMARY",
      "OTHER",
      "ND",
      "NORM",
      "MEAN"
    ],
    "ImagingFrequency": 123.263,
    "InPlanePhaseEncodingDirectionDICOM": "ROW",
    "InstitutionAddress": "Curie_Blvd._422_Philadelphia_PA_US_19104",
    "InstitutionName": "SC3T",
    "InversionTime": 1.33,
    "MRAcquisitionType": "3D",
    "MagneticFieldStrength": 3,
    "Manufacturer": "Siemens",
    "ManufacturersModelName": "Prisma",
    "Modality": "MR",
    "NumberOfAverages": 4,
    "PartialFourier": 1,
    "PatientPosition": "HFS",
    "PercentPhaseFOV": 100,
    "PhaseEncodingSteps": 255,
    "PhaseResolution": 1,
    "PixelBandwidth": 650,
    "ProcedureStepDescription": "CAMRIS_Mackey",
    "ProtocolName": "vNav_MPRAGE_1mm_p3",
    "PulseSequenceDetails": "%CustomerSeq%_tfl_mgh_epinav_ABCD",
    "ReceiveCoilActiveElements": "HEA;HEP",
    "ReceiveCoilName": "Head_32",
    "ReconMatrixPE": 256,
    "RefLinesPE": 32,
    "RepetitionTime": 2.53,
    "SAR": 0.0389274,
    "ScanOptions": "IR_WE",
    "ScanningSequence": "GR_IR",
    "SequenceName": "tfl3d4_16ns",
    "SequenceVariant": "SK_SP_MP",
    "SeriesDescription": "vNav_MPRAGE_1mm_p3_RMS",
    "SeriesNumber": 9,
    "ShimSetting": [
      3763,
      2403,
      467,
      339,
      -23,
      -115,
      128,
      28
    ],
    "SliceThickness": 1,
    "SoftwareVersions": "syngo_MR_E11",
    "StationName": "AWP66044",
    "TxRefAmp": 218.479,
    "WipMemBlock": "Prisma_epi_moco_navigator_ABCD_tfl.prot",
    "dataset": "ds004228",
    "modality": "T1w",
    "run_id": 1,
    "session_id": "01",
    "subject_id": "24"
  },
  "cjv": 0.29173083300991287,
  "cnr": 4.476233412132706,
  "efc": 0.5690562331050889,
  "fber": 28995.60274376417,
  "fwhm_avg": 3.8006433333333334,
  "fwhm_x": 3.929,
  "fwhm_y": 3.94129,
  "fwhm_z": 3.53164,
  "icvs_csf": 0.14592720108570253,
  "icvs_gm": 0.49737766257019195,
  "icvs_wm": 0.35669513634410555,
  "inu_med": 0.4153309762477875,
  "inu_range": 0.17662227451801293,
  "provenance": {
    "md5sum": "c5825909b9554ce89bdcea01418db597",
    "settings": {
      "testing": false
    },
    "software": "mriqc",
    "version": "23.0.1",
    "warnings": {
      "large_rot_frame": true,
      "small_air_mask": false
    },
    "webapi_port": null,
    "webapi_url": "https://mriqc.nimh.nih.gov/api/v1"
  },
  "qi_1": 0.0,
  "qi_2": 0.0018855279813211306,
  "rpve_csf": 34.661593903017376,
  "rpve_gm": 11.844562793896715,
  "rpve_wm": 17.71344900877227,
  "size_x": 176,
  "size_y": 256,
  "size_z": 256,
  "snr_csf": 2.5715399958978833,
  "snr_gm": 16.55891657985776,
  "snr_total": 15.942902619319348,
  "snr_wm": 28.6982512822024,
  "snrd_csf": 40.38668390922721,
  "snrd_gm": 87.5909879573514,
  "snrd_total": 81.94003189572108,
  "snrd_wm": 117.84242382058464,
  "spacing_x": 1.0,
  "spacing_y": 1.0,
  "spacing_z": 1.0,
  "summary_bg_k": 5.380663741181166,
  "summary_bg_mad": 5.559427603035868,
  "summary_bg_mean": 5.935406574188993,
  "summary_bg_median": 3.7497769352048635,
  "summary_bg_n": 2115195.0,
  "summary_bg_p05": 0.0,
  "summary_bg_p95": 22.022499460726976,
  "summary_bg_stdv": 7.742511371290837,
  "summary_csf_k": 0.12121791102379875,
  "summary_csf_mad": 122.36623718851433,
  "summary_csf_mean": 345.3330359814452,
  "summary_csf_median": 342.717707823962,
  "summary_csf_n": 18773.0,
  "summary_csf_p05": 117.45333045721054,
  "summary_csf_p95": 569.2439148895436,
  "summary_csf_stdv": 133.26978398436617,
  "summary_gm_k": 0.5570473316555038,
  "summary_gm_mad": 41.76924442492557,
  "summary_gm_mean": 743.2705202413991,
  "summary_gm_median": 743.2891169339418,
  "summary_gm_n": 59597.0,
  "summary_gm_p05": 669.4443034268916,
  "summary_gm_p95": 816.8363290969282,
  "summary_gm_stdv": 44.88716863584336,
  "summary_wm_k": 0.46031688962788797,
  "summary_wm_mad": 33.12124593131421,
  "summary_wm_mean": 999.8560812861786,
  "summary_wm_median": 1000.000036323443,
  "summary_wm_n": 194303.0,
  "summary_wm_p05": 942.8605782631785,
  "summary_wm_p95": 1056.7228525020182,
  "summary_wm_stdv": 34.8452403314113,
  "tpm_overlap_csf": 0.1247402923738509,
  "tpm_overlap_gm": 0.4549178374061484,
  "tpm_overlap_wm": 0.4894649841989415,
  "wm2max": 0.9105410532020595
}