{
  "aor": 0.0019618666666666664,
  "aqi": 0.005220121866666667,
  "bids_meta": {
    "AcquisitionMatrixPE": 96,
    "AcquisitionNumber": 1,
    "AcquisitionTime": "11:45:35.722500",
    "BandwidthPerPixelPhaseEncode": 16.276,
    "BaseResolution": 96,
    "BodyPartExamined": "BRAIN",
    "ConsistencyInfo": "N4_VE11C_LATEST_20160120",
    "ConversionSoftware": "dcm2niix",
    "ConversionSoftwareVersion": "v1.0.20190410  GCC6.3.0",
    "DerivedVendorReportedEchoSpacing": 0.000640002,
    "DeviceSerialNumber": "66044",
    "EchoTime": 0.0302,
    "EchoTrainLength": 84,
    "EffectiveEchoSpacing": 0.000640002,
    "FlipAngle": 90,
    "ImageComments": "Unaliased_MB3_PE3_CBPD0018_3@mackeylab@CBPD_data",
    "ImageOrientationPatientDICOM": [
      0.992428,
      0.0772087,
      -0.0955305,
      -0.0720086,
      0.995789,
      0.0567384
    ],
    "ImageType": [
      "ORIGINAL",
      "PRIMARY",
      "M",
      "MB",
      "ND",
      "MOSAIC"
    ],
    "ImagingFrequency": 123.263,
    "InPlanePhaseEncodingDirectionDICOM": "COL",
    "InstitutionAddress": "Curie_Blvd._422_Philadelphia_PA_US_19104",
    "InstitutionName": "SC3T",
    "MRAcquisitionType": "2D",
    "MagneticFieldStrength": 3,
    "Manufacturer": "Siemens",
    "ManufacturersModelName": "Prisma",
    "Modality": "MR",
    "MultibandAccelerationFactor": 3,
    "PartialFourier": 0.875,
    "PatientPosition": "HFS",
    "PercentPhaseFOV": 100,
    "PhaseEncodingDirection": "j-",
    "PhaseEncodingSteps": 84,
    "PhaseResolution": 1,
    "PixelBandwidth": 1860,
    "ProcedureStepDescription": "CAMRIS_Mackey",
    "ProtocolName": "BOLD_piper",
    "PulseSequenceDetails": "%CustomerSeq%_cmrr_mbep2d_bold",
    "ReceiveCoilActiveElements": "HEA;HEP",
    "ReceiveCoilName": "Head_32",
    "ReconMatrixPE": 96,
    "RepetitionTime": 2,
    "SAR": 0.0893098,
    "ScanOptions": "PFP_FS_EXT",
    "ScanningSequence": "EP",
    "SequenceName": "epfid2d1_96",
    "SequenceVariant": "SK_SS",
    "SeriesDescription": "BOLD_piper",
    "SeriesNumber": 15,
    "ShimSetting": [
      3713,
      2415,
      467,
      388,
      -38,
      -118,
      -12,
      57
    ],
    "SliceThickness": 2,
    "SliceTiming": [
      0,
      0.0775,
      0.1575,
      0.2375,
      0.315,
      0.395,
      0.475,
      0.555,
      0.6325,
      0.7125,
      0.7925,
      0.87,
      0.95,
      1.03,
      1.1075,
      1.1875,
      1.2675,
      1.345,
      1.425,
      1.505,
      1.5825,
      1.6625,
      1.7425,
      1.82,
      1.9,
      0,
      0.0775,
      0.1575,
      0.2375,
      0.315,
      0.395,
      0.475,
      0.555,
      0.6325,
      0.7125,
      0.7925,
      0.87,
      0.95,
      1.03,
      1.1075,
      1.1875,
      1.2675,
      1.345,
      1.425,
      1.505,
      1.5825,
      1.6625,
      1.7425,
      1.82,
      1.9,
      0,
      0.0775,
      0.1575,
      0.2375,
      0.315,
      0.395,
      0.475,
      0.555,
      0.6325,
      0.7125,
      0.7925,
      0.87,
      0.95,
      1.03,
      1.1075,
      1.1875,
      1.2675,
      1.345,
      1.425,
      1.505,
      1.5825,
      1.6625,
      1.7425,
      1.82,
      1.9
    ],
    "SoftwareVersions": "syngo_MR_E11",
    "SpacingBetweenSlices": 2,
    "StationName": "AWP66044",
    "TaskName": "piper",
    "TotalReadoutTime": 0.0608002,
    "TxRefAmp": 222.149,
    "WipMemBlock": "f6baf8dd-3325-4a12-ab23-6c5ef4c11a2b||Sequence: R016 ve11c/master r/e634e98; Dec 19 2017 11:00:25 by eja",
    "dataset": "ds004228",
    "modality": "bold",
    "run_id": 1,
    "session_id": "01",
    "subject_id": "02",
    "task_id": "piper"
  },
  "dummy_trs": 0,
  "dvars_nstd": 37.92024805704697,
  "dvars_std": 1.2873618681208048,
  "dvars_vstd": 1.0054235414765098,
  "efc": 0.5449899780478091,
  "fber": 483.21539306640625,
  "fd_mean": 0.12858634132710237,
  "fd_num": 15,
  "fd_perc": 10.0,
  "fwhm_avg": 3.5097766666666668,
  "fwhm_x": 3.260705,
  "fwhm_y": 3.555795,
  "fwhm_z": 3.71283,
  "gcor": 0.0172348,
  "gsr_x": 0.0145107451826334,
  "gsr_y": 0.034374844282865524,
  "provenance": {
    "md5sum": "e67f8acb5f1ba95fb08e62f1153f4d91",
    "settings": {
      "fd_thres": 0.2,
      "testing": false
    },
    "software": "mriqc",
    "version": "23.0.1",
    "webapi_port": null,
    "webapi_url": "https://mriqc.nimh.nih.gov/api/v1"
  },
  "size_t": 150,
  "size_x": 96,
  "size_y": 96,
  "size_z": 75,
  "snr": 2.292052075611437,
  "spacing_tr": 2.0,
  "spacing_x": 2.0,
  "spacing_y": 2.0,
  "spacing_z": 2.0,
  "summary_bg_k": 20.53155054818813,
  "summary_bg_mad": 129.29279505538898,
  "summary_bg_mean": 531.5234375,
  "summary_bg_median": 282.7066650390625,
  "summary_bg_n": 440183.0,
  "summary_bg_p05": 173.48666381835938,
  "summary_bg_p95": 1845.3306884765568,
  "summary_bg_stdv": 680.1011962890625,
  "summary_fg_k": 1.3035155074831817,
  "summary_fg_mad": 2411.57123240514,
  "summary_fg_mean": 6847.60205078125,
  "summary_fg_median": 6281.87353515625,
  "summary_fg_n": 155315.0,
  "summary_fg_p05": 3463.6561279296875,
  "summary_fg_p95": 12220.515136718748,
  "summary_fg_stdv": 2740.71142578125,
  "tsnr": 47.78987184516154
}