{
  "bids_meta": {
    "AcquisitionMatrixPE": 256,
    "AcquisitionNumber": 1,
    "AcquisitionTime": "10:28:17.850000",
    "BaseResolution": 256,
    "BodyPartExamined": "BRAIN",
    "ConsistencyInfo": "N4_VE11C_LATEST_20160120",
    "ConversionSoftware": "dcm2niix",
    "ConversionSoftwareVersion": "v1.0.20190410  GCC6.3.0",
    "DeviceSerialNumber": "66044",
    "EchoTime": 0.00169,
    "FlipAngle": 7,
    "ImageComments": "CBPD0162_2@mackeylab:CBPD_data",
    "ImageOrientationPatientDICOM": [
      -0.0124047,
      0.998936,
      0.0444202,
      -0.0570772,
      0.0436438,
      -0.997415
    ],
    "ImageType": [
      "ORIGINAL",
      "PRIMARY",
      "OTHER",
      "ND",
      "NORM",
      "MEAN"
    ],
    "ImagingFrequency": 123.263,
    "InPlanePhaseEncodingDirectionDICOM": "ROW",
    "InstitutionAddress": "Curie_Blvd._422_Philadelphia_PA_US_19104",
    "InstitutionName": "Hospital_Univ._of_Pennsylvania",
    "InversionTime": 1.33,
    "MRAcquisitionType": "3D",
    "MagneticFieldStrength": 3,
    "Manufacturer": "Siemens",
    "ManufacturersModelName": "Prisma",
    "Modality": "MR",
    "NumberOfAverages": 4,
    "PartialFourier": 1,
    "PatientPosition": "HFS",
    "PercentPhaseFOV": 100,
    "PhaseEncodingSteps": 255,
    "PhaseResolution": 1,
    "PixelBandwidth": 650,
    "ProcedureStepDescription": "CAMRIS_Mackey",
    "ProtocolName": "Mackey_vNav_MPRAGE_1mm_p3",
    "PulseSequenceDetails": "%CustomerSeq%_tfl_mgh_epinav_ABCD",
    "ReceiveCoilActiveElements": "HEA;HEP",
    "ReceiveCoilName": "Head_32",
    "ReconMatrixPE": 256,
    "RefLinesPE": 32,
    "RepetitionTime": 2.53,
    "SAR": 0.0384803,
    "ScanOptions": "IR_WE",
    "ScanningSequence": "GR_IR",
    "SequenceName": "tfl3d4_16ns",
    "SequenceVariant": "SK_SP_MP",
    "SeriesDescription": "Mackey_vNav_MPRAGE_1mm_p3_RMS",
    "SeriesNumber": 20,
    "ShimSetting": [
      3748,
      2493,
      413,
      394,
      -2,
      -62,
      0,
      49
    ],
    "SliceThickness": 1,
    "SoftwareVersions": "syngo_MR_E11",
    "StationName": "AWP66044",
    "TxRefAmp": 221.822,
    "WipMemBlock": "Prisma_epi_moco_navigator_ABCD_tfl.prot",
    "dataset": "ds004228",
    "modality": "T1w",
    "run_id": 1,
    "session_id": "01",
    "subject_id": "12"
  },
  "cjv": 0.3042013631525202,
  "cnr": 4.357133572966472,
  "efc": 0.5659169459821037,
  "fber": 29434.701927030506,
  "fwhm_avg": 3.6423466666666666,
  "fwhm_x": 3.77891,
  "fwhm_y": 3.7788,
  "fwhm_z": 3.36933,
  "icvs_csf": 0.14185565881100343,
  "icvs_gm": 0.5240890280775135,
  "icvs_wm": 0.3340553131114831,
  "inu_med": 0.44638893008232117,
  "inu_range": 0.1825894981622696,
  "provenance": {
    "md5sum": "b25b136ab93b50844b77cf897d79b4fc",
    "settings": {
      "testing": false
    },
    "software": "mriqc",
    "version": "23.0.1",
    "warnings": {
      "large_rot_frame": true,
      "small_air_mask": false
    },
    "webapi_port": null,
    "webapi_url": "https://mriqc.nimh.nih.gov/api/v1"
  },
  "qi_1": 0.0,
  "qi_2": 0.002165925663434649,
  "rpve_csf": 36.83184213397688,
  "rpve_gm": 11.748914804417456,
  "rpve_wm": 18.881813386955876,
  "size_x": 176,
  "size_y": 256,
  "size_z": 256,
  "snr_csf": 2.5218400060695205,
  "snr_gm": 19.546633791202623,
  "snr_total": 16.10074122983571,
  "snr_wm": 26.23374989223498,
  "snrd_csf": 40.8654199819645,
  "snrd_gm": 88.9882030213895,
  "snrd_total": 82.29588405474607,
  "snrd_wm": 117.03402916088422,
  "spacing_x": 1.0,
  "spacing_y": 1.0,
  "spacing_z": 1.0,
  "summary_bg_k": 5.198735450336137,
  "summary_bg_mad": 5.597947629324667,
  "summary_bg_mean": 5.656889852920428,
  "summary_bg_median": 3.775758298113942,
  "summary_bg_n": 2296998.0,
  "summary_bg_p05": 0.0,
  "summary_bg_p95": 21.843935012817383,
  "summary_bg_stdv": 7.660493887132115,
  "summary_csf_k": 1.354371464820991,
  "summary_csf_mad": 110.63062603038239,
  "summary_csf_mean": 358.68358310120885,
  "summary_csf_median": 349.1829806882888,
  "summary_csf_n": 15946.0,
  "summary_csf_p05": 117.06450621737167,
  "summary_csf_p95": 591.3061480508186,
  "summary_csf_stdv": 138.45923244753513,
  "summary_gm_k": 0.32741127415122273,
  "summary_gm_mad": 37.6359190898099,
  "summary_gm_mean": 759.6182562052459,
  "summary_gm_median": 760.3779917303473,
  "summary_gm_n": 68013.0,
  "summary_gm_p05": 694.2915555294603,
  "summary_gm_p95": 821.7500630505383,
  "summary_gm_stdv": 38.9004270446834,
  "summary_wm_k": 0.603327931788924,
  "summary_wm_mad": 35.26390738246894,
  "summary_wm_mean": 999.6455293520607,
  "summary_wm_median": 1000.0213178377599,
  "summary_wm_n": 157233.0,
  "summary_wm_p05": 935.6414390597492,
  "summary_wm_p95": 1061.0734096411616,
  "summary_wm_stdv": 38.11952701687113,
  "tpm_overlap_csf": 0.1384791453763803,
  "tpm_overlap_gm": 0.4676421678782505,
  "tpm_overlap_wm": 0.47707656094840106,
  "wm2max": 0.9033781049467173
}