{
  "bids_meta": {
    "AcquisitionMatrixPE": 256,
    "AcquisitionNumber": 1,
    "AcquisitionTime": "10:53:51.770000",
    "BaseResolution": 256,
    "BodyPartExamined": "BRAIN",
    "ConsistencyInfo": "N4_VE11C_LATEST_20160120",
    "ConversionSoftware": "dcm2niix",
    "ConversionSoftwareVersion": "v1.0.20190410  GCC6.3.0",
    "DeviceSerialNumber": "66044",
    "EchoTime": 0.00169,
    "FlipAngle": 7,
    "ImageComments": "CBPD0192@mackeylab:CBPD_data",
    "ImageOrientationPatientDICOM": [
      -0.192553,
      0.958614,
      0.209723,
      -0.103651,
      0.192658,
      -0.975776
    ],
    "ImageType": [
      "ORIGINAL",
      "PRIMARY",
      "OTHER",
      "ND",
      "NORM",
      "MEAN"
    ],
    "ImagingFrequency": 123.263,
    "InPlanePhaseEncodingDirectionDICOM": "ROW",
    "InstitutionAddress": "Curie_Blvd._422_Philadelphia_PA_US_19104",
    "InstitutionName": "Hospital_Univ._of_Pennsylvania",
    "InversionTime": 1.33,
    "MRAcquisitionType": "3D",
    "MagneticFieldStrength": 3,
    "Manufacturer": "Siemens",
    "ManufacturersModelName": "Prisma",
    "Modality": "MR",
    "NumberOfAverages": 4,
    "PartialFourier": 1,
    "PatientPosition": "HFS",
    "PercentPhaseFOV": 100,
    "PhaseEncodingSteps": 255,
    "PhaseResolution": 1,
    "PixelBandwidth": 650,
    "ProcedureStepDescription": "CAMRIS_Mackey",
    "ProtocolName": "vNav_MPRAGE_1mm_p3",
    "PulseSequenceDetails": "%CustomerSeq%_tfl_mgh_epinav_ABCD",
    "ReceiveCoilActiveElements": "HEA;HEP",
    "ReceiveCoilName": "Head_32",
    "ReconMatrixPE": 256,
    "RefLinesPE": 32,
    "RepetitionTime": 2.53,
    "SAR": 0.0410636,
    "ScanOptions": "IR_WE",
    "ScanningSequence": "GR_IR",
    "SequenceName": "tfl3d4_16ns",
    "SequenceVariant": "SK_SP_MP",
    "SeriesDescription": "vNav_MPRAGE_1mm_p3_RMS",
    "SeriesNumber": 9,
    "ShimSetting": [
      3731,
      2369,
      438,
      369,
      -72,
      -509,
      82,
      27
    ],
    "SliceThickness": 1,
    "SoftwareVersions": "syngo_MR_E11",
    "StationName": "AWP66044",
    "TxRefAmp": 218.677,
    "WipMemBlock": "Prisma_epi_moco_navigator_ABCD_tfl.prot",
    "dataset": "ds004228",
    "modality": "T1w",
    "run_id": 1,
    "session_id": "01",
    "subject_id": "18"
  },
  "cjv": 0.31329336965623705,
  "cnr": 4.2949328290904925,
  "efc": 0.5732665279089458,
  "fber": 20897.290593238118,
  "fwhm_avg": 3.63499,
  "fwhm_x": 3.73973,
  "fwhm_y": 3.78977,
  "fwhm_z": 3.37547,
  "icvs_csf": 0.15809133043825624,
  "icvs_gm": 0.5364315544189688,
  "icvs_wm": 0.305477115142775,
  "inu_med": 0.5202059149742126,
  "inu_range": 0.235942730307579,
  "provenance": {
    "md5sum": "c33b073ad3faf3c795da4d43d81a050d",
    "settings": {
      "testing": false
    },
    "software": "mriqc",
    "version": "23.0.1",
    "warnings": {
      "large_rot_frame": true,
      "small_air_mask": false
    },
    "webapi_port": null,
    "webapi_url": "https://mriqc.nimh.nih.gov/api/v1"
  },
  "qi_1": 0.0,
  "qi_2": 0.0026123980265480486,
  "rpve_csf": 37.9352167205674,
  "rpve_gm": 12.868493255688646,
  "rpve_wm": 22.279401219249134,
  "size_x": 176,
  "size_y": 256,
  "size_z": 256,
  "snr_csf": 3.0165929170386234,
  "snr_gm": 19.621487550967778,
  "snr_total": 15.368468474597194,
  "snr_wm": 23.467324955785184,
  "snrd_csf": 31.36948939897164,
  "snrd_gm": 72.32427507800826,
  "snrd_total": 66.6572854048914,
  "snrd_wm": 96.27809173769431,
  "spacing_x": 1.0,
  "spacing_y": 1.0,
  "spacing_z": 1.0,
  "summary_bg_k": 4.179589370579371,
  "summary_bg_mad": 6.804773799285514,
  "summary_bg_mean": 7.352109377998371,
  "summary_bg_median": 4.589750180020928,
  "summary_bg_n": 1863356.0,
  "summary_bg_p05": 0.0,
  "summary_bg_p95": 24.949968988075852,
  "summary_bg_stdv": 8.613763812873914,
  "summary_csf_k": 2.8023379987554167,
  "summary_csf_mad": 75.11051269448323,
  "summary_csf_mean": 338.37113699417057,
  "summary_csf_median": 325.82875804044306,
  "summary_csf_n": 23194.0,
  "summary_csf_p05": 167.54980917833745,
  "summary_csf_p95": 542.9032768034376,
  "summary_csf_stdv": 108.00984519201617,
  "summary_gm_k": 0.26165578696894665,
  "summary_gm_mad": 37.119879824538515,
  "summary_gm_mean": 750.6321784210126,
  "summary_gm_median": 751.2181159574538,
  "summary_gm_n": 61379.0,
  "summary_gm_p05": 686.6353278793395,
  "summary_gm_p95": 812.213938136585,
  "summary_gm_stdv": 38.28517050386016,
  "summary_wm_k": 0.26528883146347404,
  "summary_wm_mad": 40.82864279571309,
  "summary_wm_mean": 998.8984769970725,
  "summary_wm_median": 1000.0217299815267,
  "summary_wm_n": 120134.0,
  "summary_wm_p05": 926.6074794717133,
  "summary_wm_p95": 1067.715107044205,
  "summary_wm_stdv": 42.6131896050138,
  "tpm_overlap_csf": 0.14750086718011088,
  "tpm_overlap_gm": 0.49362737581126875,
  "tpm_overlap_wm": 0.4791686232825357,
  "wm2max": 0.9058749110156908
}