{
  "bids_meta": {
    "AcquisitionMatrixPE": 256,
    "AcquisitionNumber": 1,
    "AcquisitionTime": "11:16:39.955000",
    "BaseResolution": 256,
    "BodyPartExamined": "BRAIN",
    "ConsistencyInfo": "N4_VE11C_LATEST_20160120",
    "ConversionSoftware": "dcm2niix",
    "ConversionSoftwareVersion": "v1.0.20190410  GCC6.3.0",
    "DeviceSerialNumber": "66044",
    "EchoTime": 0.00169,
    "FlipAngle": 7,
    "ImageComments": "CBPD0186@mackeylab:CBPD_data",
    "ImageOrientationPatientDICOM": [
      0.189474,
      0.919873,
      0.343416,
      0.00904019,
      0.348102,
      -0.937413
    ],
    "ImageType": [
      "ORIGINAL",
      "PRIMARY",
      "OTHER",
      "ND",
      "NORM",
      "MEAN"
    ],
    "ImagingFrequency": 123.263,
    "InPlanePhaseEncodingDirectionDICOM": "ROW",
    "InstitutionAddress": "Curie_Blvd._422_Philadelphia_PA_US_19104",
    "InstitutionName": "SC3T",
    "InversionTime": 1.33,
    "MRAcquisitionType": "3D",
    "MagneticFieldStrength": 3,
    "Manufacturer": "Siemens",
    "ManufacturersModelName": "Prisma",
    "Modality": "MR",
    "NumberOfAverages": 4,
    "PartialFourier": 1,
    "PatientPosition": "HFS",
    "PercentPhaseFOV": 100,
    "PhaseEncodingSteps": 255,
    "PhaseResolution": 1,
    "PixelBandwidth": 650,
    "ProcedureStepDescription": "CAMRIS_Mackey",
    "ProtocolName": "vNav_MPRAGE_1mm_p3",
    "PulseSequenceDetails": "%CustomerSeq%_tfl_mgh_epinav_ABCD",
    "ReceiveCoilActiveElements": "HEA;HEP",
    "ReceiveCoilName": "Head_32",
    "ReconMatrixPE": 256,
    "RefLinesPE": 32,
    "RepetitionTime": 2.53,
    "SAR": 0.0439876,
    "ScanOptions": "IR_WE",
    "ScanningSequence": "GR_IR",
    "SequenceName": "tfl3d4_16ns",
    "SequenceVariant": "SK_SP_MP",
    "SeriesDescription": "vNav_MPRAGE_1mm_p3_RMS",
    "SeriesNumber": 9,
    "ShimSetting": [
      3770,
      2309,
      471,
      323,
      20,
      -444,
      193,
      82
    ],
    "SliceThickness": 1,
    "SoftwareVersions": "syngo_MR_E11",
    "StationName": "AWP66044",
    "TxRefAmp": 222.694,
    "WipMemBlock": "Prisma_epi_moco_navigator_ABCD_tfl.prot",
    "dataset": "ds004228",
    "modality": "T1w",
    "run_id": 1,
    "session_id": "01",
    "subject_id": "15"
  },
  "cjv": 0.2934280561050842,
  "cnr": 4.530598392208164,
  "efc": 0.5746697106152056,
  "fber": 16517.757602040816,
  "fwhm_avg": 3.81021007908279,
  "fwhm_x": 4.080500237248371,
  "fwhm_y": 3.85882,
  "fwhm_z": 3.49131,
  "icvs_csf": 0.16745716755289375,
  "icvs_gm": 0.5335635409917064,
  "icvs_wm": 0.2989792914553998,
  "inu_med": 0.5240669250488281,
  "inu_range": 0.23064301759004596,
  "provenance": {
    "md5sum": "9ad20c4752f87f2b53aa6c14a3a63caa",
    "settings": {
      "testing": false
    },
    "software": "mriqc",
    "version": "23.0.1",
    "warnings": {
      "large_rot_frame": true,
      "small_air_mask": false
    },
    "webapi_port": null,
    "webapi_url": "https://mriqc.nimh.nih.gov/api/v1"
  },
  "qi_1": 0.0,
  "qi_2": 0.002134151298982727,
  "rpve_csf": 33.929878129886404,
  "rpve_gm": 12.185347442349261,
  "rpve_wm": 21.61223685649323,
  "size_x": 176,
  "size_y": 256,
  "size_z": 256,
  "snr_csf": 2.3844745879823455,
  "snr_gm": 17.925078210111135,
  "snr_total": 15.573933724287867,
  "snr_wm": 26.41224837477012,
  "snrd_csf": 31.157735142073996,
  "snrd_gm": 73.69645138077158,
  "snrd_total": 68.01662467045146,
  "snrd_wm": 99.19568748850882,
  "spacing_x": 1.000169038772583,
  "spacing_y": 1.0,
  "spacing_z": 1.0,
  "summary_bg_k": 4.890496600219992,
  "summary_bg_mad": 6.604484471735232,
  "summary_bg_mean": 6.947239603323613,
  "summary_bg_median": 4.454657081514597,
  "summary_bg_n": 1628172.0,
  "summary_bg_p05": 0.0,
  "summary_bg_p95": 23.68426276370883,
  "summary_bg_stdv": 8.245117622037558,
  "summary_csf_k": 0.31212282981064066,
  "summary_csf_mad": 128.1449294787361,
  "summary_csf_mean": 311.32046031468184,
  "summary_csf_median": 314.1037162952125,
  "summary_csf_n": 26973.0,
  "summary_csf_p05": 102.00560012087226,
  "summary_csf_p95": 535.4417184703051,
  "summary_csf_stdv": 131.72624915620426,
  "summary_gm_k": 0.2577496014278631,
  "summary_gm_mad": 40.134944097467944,
  "summary_gm_mean": 742.3408455903591,
  "summary_gm_median": 742.9400484636426,
  "summary_gm_n": 77576.0,
  "summary_gm_p05": 672.6532193087041,
  "summary_gm_p95": 809.3970819376409,
  "summary_gm_stdv": 41.446695588938674,
  "summary_wm_k": 0.6975311873424781,
  "summary_wm_mad": 35.29364778787017,
  "summary_wm_mean": 999.2125744052677,
  "summary_wm_median": 999.9999659322202,
  "summary_wm_n": 128535.0,
  "summary_wm_p05": 936.1230053380132,
  "summary_wm_p95": 1059.508943768218,
  "summary_wm_stdv": 37.861073458970054,
  "tpm_overlap_csf": 0.13462464387391937,
  "tpm_overlap_gm": 0.49200612956027623,
  "tpm_overlap_wm": 0.4769156760525194,
  "wm2max": 0.919113696574467
}