{
  "aor": 0.004353066666666666,
  "aqi": 0.0047591482,
  "bids_meta": {
    "AcquisitionMatrixPE": 96,
    "AcquisitionNumber": 1,
    "AcquisitionTime": "09:35:59.187500",
    "BandwidthPerPixelPhaseEncode": 16.276,
    "BaseResolution": 96,
    "BodyPartExamined": "BRAIN",
    "ConsistencyInfo": "N4_VE11C_LATEST_20160120",
    "ConversionSoftware": "dcm2niix",
    "ConversionSoftwareVersion": "v1.0.20190410  GCC6.3.0",
    "DerivedVendorReportedEchoSpacing": 0.000640002,
    "DeviceSerialNumber": "66044",
    "EchoTime": 0.0302,
    "EchoTrainLength": 84,
    "EffectiveEchoSpacing": 0.000640002,
    "FlipAngle": 90,
    "ImageComments": "Unaliased_MB3_PE3_825656_CBPD0096_2_662962",
    "ImageOrientationPatientDICOM": [
      0.997998,
      0.0398804,
      -0.0490915,
      -0.0285739,
      0.976727,
      0.212573
    ],
    "ImageType": [
      "ORIGINAL",
      "PRIMARY",
      "M",
      "MB",
      "ND",
      "MOSAIC"
    ],
    "ImagingFrequency": 123.263,
    "InPlanePhaseEncodingDirectionDICOM": "COL",
    "InstitutionAddress": "Curie_Blvd._422_Philadelphia_PA_US_19104",
    "InstitutionName": "Hospital_Univ._of_Pennsylvania",
    "MRAcquisitionType": "2D",
    "MagneticFieldStrength": 3,
    "Manufacturer": "Siemens",
    "ManufacturersModelName": "Prisma",
    "Modality": "MR",
    "MultibandAccelerationFactor": 3,
    "PartialFourier": 0.875,
    "PatientPosition": "HFS",
    "PercentPhaseFOV": 100,
    "PhaseEncodingDirection": "j-",
    "PhaseEncodingSteps": 84,
    "PhaseResolution": 1,
    "PixelBandwidth": 1860,
    "ProcedureStepDescription": "CAMRIS_Mackey",
    "ProtocolName": "BOLD_piper",
    "PulseSequenceDetails": "%CustomerSeq%_cmrr_mbep2d_bold",
    "ReceiveCoilActiveElements": "HEA;HEP",
    "ReceiveCoilName": "Head_32",
    "ReconMatrixPE": 96,
    "RepetitionTime": 2,
    "SAR": 0.0857397,
    "ScanOptions": "PFP_FS_EXT",
    "ScanningSequence": "EP",
    "SequenceName": "epfid2d1_96",
    "SequenceVariant": "SK_SS",
    "SeriesDescription": "BOLD_piper",
    "SeriesNumber": 15,
    "ShimSetting": [
      3763,
      2413,
      373,
      652,
      -52,
      -10,
      -2,
      -3
    ],
    "SliceThickness": 2,
    "SliceTiming": [
      0,
      0.0775,
      0.1575,
      0.2375,
      0.315,
      0.395,
      0.475,
      0.5525,
      0.6325,
      0.7125,
      0.79,
      0.87,
      0.95,
      1.0275,
      1.1075,
      1.1875,
      1.265,
      1.345,
      1.425,
      1.5025,
      1.5825,
      1.6625,
      1.74,
      1.82,
      1.9,
      0,
      0.0775,
      0.1575,
      0.2375,
      0.315,
      0.395,
      0.475,
      0.5525,
      0.6325,
      0.7125,
      0.79,
      0.87,
      0.95,
      1.0275,
      1.1075,
      1.1875,
      1.265,
      1.345,
      1.425,
      1.5025,
      1.5825,
      1.6625,
      1.74,
      1.82,
      1.9,
      0,
      0.0775,
      0.1575,
      0.2375,
      0.315,
      0.395,
      0.475,
      0.5525,
      0.6325,
      0.7125,
      0.79,
      0.87,
      0.95,
      1.0275,
      1.1075,
      1.1875,
      1.265,
      1.345,
      1.425,
      1.5025,
      1.5825,
      1.6625,
      1.74,
      1.82,
      1.9
    ],
    "SoftwareVersions": "syngo_MR_E11",
    "SpacingBetweenSlices": 2,
    "StationName": "AWP66044",
    "TaskName": "piper",
    "TotalReadoutTime": 0.0608002,
    "TxRefAmp": 229.03,
    "WipMemBlock": "99ee7c4b-0d93-46eb-b8a8-4c5ab96c0187||Sequence: R016 ve11c/master r/e634e98; Dec 19 2017 11:00:25 by eja",
    "dataset": "ds004228",
    "modality": "bold",
    "run_id": 1,
    "session_id": "01",
    "subject_id": "08",
    "task_id": "piper"
  },
  "dummy_trs": 0,
  "dvars_nstd": 36.07803900295303,
  "dvars_std": 1.2357606506040273,
  "dvars_vstd": 1.065055065503355,
  "efc": 0.5354264085745711,
  "fber": 510.7518310546875,
  "fd_mean": 0.14280298843439446,
  "fd_num": 21,
  "fd_perc": 14.0,
  "fwhm_avg": 3.3772033333333336,
  "fwhm_x": 3.18222,
  "fwhm_y": 3.43528,
  "fwhm_z": 3.51411,
  "gcor": 0.0153743,
  "gsr_x": -0.0006821047863923013,
  "gsr_y": 0.05718759447336197,
  "provenance": {
    "md5sum": "4d6c287790788d67857a191b2e35d962",
    "settings": {
      "fd_thres": 0.2,
      "testing": false
    },
    "software": "mriqc",
    "version": "23.0.1",
    "webapi_port": null,
    "webapi_url": "https://mriqc.nimh.nih.gov/api/v1"
  },
  "size_t": 150,
  "size_x": 96,
  "size_y": 96,
  "size_z": 75,
  "snr": 2.325715617542784,
  "spacing_tr": 2.0,
  "spacing_x": 2.0,
  "spacing_y": 2.0,
  "spacing_z": 2.0,
  "summary_bg_k": 27.164169868495097,
  "summary_bg_mad": 56.24993178973686,
  "summary_bg_mean": 423.9873352050781,
  "summary_bg_median": 220.19334411621094,
  "summary_bg_n": 453263.0,
  "summary_bg_p05": 171.5533447265625,
  "summary_bg_p95": 1555.5186889648432,
  "summary_bg_stdv": 570.2274780273438,
  "summary_fg_k": 1.7567460240763957,
  "summary_fg_mad": 1687.1720056213626,
  "summary_fg_mean": 5559.974609375,
  "summary_fg_median": 5065.80029296875,
  "summary_fg_n": 144765.0,
  "summary_fg_p05": 2987.4814453125,
  "summary_fg_p95": 9968.2310546875,
  "summary_fg_stdv": 2178.160888671875,
  "tsnr": 48.18222878174856
}