{
  "aor": 0.0027614,
  "aqi": 0.005116431,
  "bids_meta": {
    "AcquisitionMatrixPE": 96,
    "AcquisitionNumber": 1,
    "AcquisitionTime": "11:57:6.712500",
    "BandwidthPerPixelPhaseEncode": 16.276,
    "BaseResolution": 96,
    "BodyPartExamined": "BRAIN",
    "ConsistencyInfo": "N4_VE11C_LATEST_20160120",
    "ConversionSoftware": "dcm2niix",
    "ConversionSoftwareVersion": "v1.0.20190410  GCC6.3.0",
    "DerivedVendorReportedEchoSpacing": 0.000640002,
    "DeviceSerialNumber": "66044",
    "EchoTime": 0.0302,
    "EchoTrainLength": 84,
    "EffectiveEchoSpacing": 0.000640002,
    "FlipAngle": 90,
    "ImageComments": "Unaliased_MB3_PE3_CBPD0197@mackeylab:CBPD_data",
    "ImageOrientationPatientDICOM": [
      0.990772,
      0.104748,
      0.08602,
      -0.127097,
      0.938484,
      0.321082
    ],
    "ImageType": [
      "ORIGINAL",
      "PRIMARY",
      "M",
      "MB",
      "ND",
      "MOSAIC"
    ],
    "ImagingFrequency": 123.263,
    "InPlanePhaseEncodingDirectionDICOM": "COL",
    "InstitutionAddress": "Curie_Blvd._422_Philadelphia_PA_US_19104",
    "InstitutionName": "SC3T",
    "MRAcquisitionType": "2D",
    "MagneticFieldStrength": 3,
    "Manufacturer": "Siemens",
    "ManufacturersModelName": "Prisma",
    "Modality": "MR",
    "MultibandAccelerationFactor": 3,
    "PartialFourier": 0.875,
    "PatientPosition": "HFS",
    "PercentPhaseFOV": 100,
    "PhaseEncodingDirection": "j-",
    "PhaseEncodingSteps": 84,
    "PhaseResolution": 1,
    "PixelBandwidth": 1860,
    "ProcedureStepDescription": "CAMRIS_Mackey",
    "ProtocolName": "BOLD_piper",
    "PulseSequenceDetails": "%CustomerSeq%_cmrr_mbep2d_bold",
    "ReceiveCoilActiveElements": "HEA;HEP",
    "ReceiveCoilName": "Head_32",
    "ReconMatrixPE": 96,
    "RepetitionTime": 2,
    "SAR": 0.104468,
    "ScanOptions": "PFP_FS_EXT",
    "ScanningSequence": "EP",
    "SequenceName": "epfid2d1_96",
    "SequenceVariant": "SK_SS",
    "SeriesDescription": "BOLD_piper",
    "SeriesNumber": 15,
    "ShimSetting": [
      3820,
      2343,
      533,
      506,
      -10,
      -339,
      71,
      43
    ],
    "SliceThickness": 2,
    "SliceTiming": [
      0,
      0.08,
      0.16,
      0.2375,
      0.3175,
      0.3975,
      0.4775,
      0.555,
      0.635,
      0.715,
      0.7925,
      0.8725,
      0.9525,
      1.03,
      1.11,
      1.19,
      1.2675,
      1.3475,
      1.4275,
      1.505,
      1.585,
      1.665,
      1.7425,
      1.8225,
      1.9025,
      0,
      0.08,
      0.16,
      0.2375,
      0.3175,
      0.3975,
      0.4775,
      0.555,
      0.635,
      0.715,
      0.7925,
      0.8725,
      0.9525,
      1.03,
      1.11,
      1.19,
      1.2675,
      1.3475,
      1.4275,
      1.505,
      1.585,
      1.665,
      1.7425,
      1.8225,
      1.9025,
      0,
      0.08,
      0.16,
      0.2375,
      0.3175,
      0.3975,
      0.4775,
      0.555,
      0.635,
      0.715,
      0.7925,
      0.8725,
      0.9525,
      1.03,
      1.11,
      1.19,
      1.2675,
      1.3475,
      1.4275,
      1.505,
      1.585,
      1.665,
      1.7425,
      1.8225,
      1.9025
    ],
    "SoftwareVersions": "syngo_MR_E11",
    "SpacingBetweenSlices": 2,
    "StationName": "AWP66044",
    "TaskName": "piper",
    "TotalReadoutTime": 0.0608002,
    "TxRefAmp": 218.032,
    "WipMemBlock": "42ffd4bb-e189-415c-b42b-1140e26cdf7f||Sequence: R016 ve11c/master r/e634e98; Dec 19 2017 11:00:25 by eja",
    "dataset": "ds004228",
    "modality": "bold",
    "run_id": 1,
    "session_id": "01",
    "subject_id": "22",
    "task_id": "piper"
  },
  "dummy_trs": 0,
  "dvars_nstd": 41.94595994912751,
  "dvars_std": 1.3754168856375837,
  "dvars_vstd": 1.0260394085906044,
  "efc": 0.5096496333289542,
  "fber": 741.4039916992188,
  "fd_mean": 0.18261600298631492,
  "fd_num": 48,
  "fd_perc": 32.0,
  "fwhm_avg": 3.64968,
  "fwhm_x": 3.49376,
  "fwhm_y": 3.585025,
  "fwhm_z": 3.870255,
  "gcor": 0.00544465,
  "gsr_x": -0.00039985025068745017,
  "gsr_y": 0.030830759555101395,
  "provenance": {
    "md5sum": "a3b3aee22c1ed8b121aadfa8ca2d4784",
    "settings": {
      "fd_thres": 0.2,
      "testing": false
    },
    "software": "mriqc",
    "version": "23.0.1",
    "webapi_port": null,
    "webapi_url": "https://mriqc.nimh.nih.gov/api/v1"
  },
  "size_t": 150,
  "size_x": 96,
  "size_y": 96,
  "size_z": 75,
  "snr": 2.0851523655436566,
  "spacing_tr": 2.0,
  "spacing_x": 2.0,
  "spacing_y": 2.0,
  "spacing_z": 2.0,
  "summary_bg_k": 28.452271533709542,
  "summary_bg_mad": 90.23117192315952,
  "summary_bg_mean": 443.6251220703125,
  "summary_bg_median": 243.2866668701172,
  "summary_bg_n": 451895.0,
  "summary_bg_p05": 168.84666442871094,
  "summary_bg_p95": 1566.18203125,
  "summary_bg_stdv": 588.5408935546875,
  "summary_fg_k": 1.338659956644653,
  "summary_fg_mad": 2636.669051654228,
  "summary_fg_mean": 7459.578125,
  "summary_fg_median": 6651.400390625,
  "summary_fg_n": 148183.0,
  "summary_fg_p05": 3863.8280029296875,
  "summary_fg_p95": 14032.76396484375,
  "summary_fg_stdv": 3189.876220703125,
  "tsnr": 50.70827010786161
}