{
  "bids_meta": {
    "AcquisitionMatrixPE": 256,
    "AcquisitionNumber": 1,
    "AcquisitionTime": "11:34:42.672500",
    "BaseResolution": 256,
    "BodyPartExamined": "BRAIN",
    "ConsistencyInfo": "N4_VE11C_LATEST_20160120",
    "ConversionSoftware": "dcm2niix",
    "ConversionSoftwareVersion": "v1.0.20190410  GCC6.3.0",
    "DeviceSerialNumber": "66044",
    "EchoTime": 0.00169,
    "FlipAngle": 7,
    "ImageComments": "CBPD0126_2@mackeylab:CBPD_data",
    "ImageOrientationPatientDICOM": [
      -0.0242738,
      0.998872,
      0.0408122,
      0.0279929,
      0.0414874,
      -0.998747
    ],
    "ImageType": [
      "ORIGINAL",
      "PRIMARY",
      "OTHER",
      "ND",
      "NORM",
      "MEAN"
    ],
    "ImagingFrequency": 123.263,
    "InPlanePhaseEncodingDirectionDICOM": "ROW",
    "InstitutionAddress": "Curie_Blvd._422_Philadelphia_PA_US_19104",
    "InstitutionName": "Hospital_Univ._of_Pennsylvania",
    "InversionTime": 1.33,
    "MRAcquisitionType": "3D",
    "MagneticFieldStrength": 3,
    "Manufacturer": "Siemens",
    "ManufacturersModelName": "Prisma",
    "Modality": "MR",
    "NumberOfAverages": 4,
    "PartialFourier": 1,
    "PatientPosition": "HFS",
    "PercentPhaseFOV": 100,
    "PhaseEncodingSteps": 255,
    "PhaseResolution": 1,
    "PixelBandwidth": 650,
    "ProcedureStepDescription": "CAMRIS_Mackey",
    "ProtocolName": "vNav_MPRAGE_1mm_p3",
    "PulseSequenceDetails": "%CustomerSeq%_tfl_mgh_epinav_ABCD",
    "ReceiveCoilActiveElements": "HEA;HEP",
    "ReceiveCoilName": "Head_32",
    "ReconMatrixPE": 256,
    "RefLinesPE": 32,
    "RepetitionTime": 2.53,
    "SAR": 0.035837,
    "ScanOptions": "IR_WE",
    "ScanningSequence": "GR_IR",
    "SequenceName": "tfl3d4_16ns",
    "SequenceVariant": "SK_SP_MP",
    "SeriesDescription": "vNav_MPRAGE_1mm_p3_RMS",
    "SeriesNumber": 9,
    "ShimSetting": [
      3762,
      2475,
      379,
      292,
      -82,
      -16,
      -15,
      50
    ],
    "SliceThickness": 1,
    "SoftwareVersions": "syngo_MR_E11",
    "StationName": "AWP66044",
    "TxRefAmp": 220.32,
    "WipMemBlock": "Prisma_epi_moco_navigator_ABCD_tfl.prot",
    "dataset": "ds004228",
    "modality": "T1w",
    "run_id": 1,
    "session_id": "01",
    "subject_id": "11"
  },
  "cjv": 0.2912166254485629,
  "cnr": 4.456101705431612,
  "efc": 0.5780361124262107,
  "fber": 30851.889273356403,
  "fwhm_avg": 3.6776700000000004,
  "fwhm_x": 3.86614,
  "fwhm_y": 3.7504,
  "fwhm_z": 3.41647,
  "icvs_csf": 0.17847077856793936,
  "icvs_gm": 0.49269683752717947,
  "icvs_wm": 0.3288323839048812,
  "inu_med": 0.44699427485466003,
  "inu_range": 0.1720290899276733,
  "provenance": {
    "md5sum": "ed681c5d049dd0022f0874fcfa92df36",
    "settings": {
      "testing": false
    },
    "software": "mriqc",
    "version": "23.0.1",
    "warnings": {
      "large_rot_frame": true,
      "small_air_mask": false
    },
    "webapi_port": null,
    "webapi_url": "https://mriqc.nimh.nih.gov/api/v1"
  },
  "qi_1": 0.0,
  "qi_2": 0.0022974281778172633,
  "rpve_csf": 28.033554947203754,
  "rpve_gm": 11.208927090476045,
  "rpve_wm": 17.6904448291144,
  "size_x": 176,
  "size_y": 256,
  "size_z": 256,
  "snr_csf": 3.249188542266895,
  "snr_gm": 17.596829541403505,
  "snr_total": 16.23601428140915,
  "snr_wm": 27.86202476055705,
  "snrd_csf": 40.479619574700855,
  "snrd_gm": 94.80226954716977,
  "snrd_total": 87.23327332043397,
  "snrd_wm": 126.41793083943126,
  "spacing_x": 1.0,
  "spacing_y": 1.0,
  "spacing_z": 1.0,
  "summary_bg_k": 5.270659301336265,
  "summary_bg_mad": 5.182306060073485,
  "summary_bg_mean": 5.004648966864528,
  "summary_bg_median": 3.4954123198986053,
  "summary_bg_n": 2170619.0,
  "summary_bg_p05": 0.0,
  "summary_bg_p95": 18.95428942516446,
  "summary_bg_stdv": 6.743222272320311,
  "summary_csf_k": 5.533917375448066,
  "summary_csf_mad": 69.62181415229676,
  "summary_csf_mean": 336.98928886275513,
  "summary_csf_median": 320.20473573356867,
  "summary_csf_n": 37837.0,
  "summary_csf_p05": 214.50596390292048,
  "summary_csf_p95": 522.7347512356936,
  "summary_csf_stdv": 98.54783745841141,
  "summary_gm_k": 0.5466283864598562,
  "summary_gm_mad": 39.607624887704496,
  "summary_gm_mean": 749.8526412195258,
  "summary_gm_median": 749.9115847982466,
  "summary_gm_n": 60948.0,
  "summary_gm_p05": 679.3583516031504,
  "summary_gm_p95": 819.6325769647956,
  "summary_gm_stdv": 42.61594004464917,
  "summary_wm_k": 0.6518808825523847,
  "summary_wm_mad": 33.22228349225681,
  "summary_wm_mean": 998.7469395763354,
  "summary_wm_median": 1000.0000138767064,
  "summary_wm_n": 181529.0,
  "summary_wm_p05": 938.1020873785019,
  "summary_wm_p95": 1055.1151759922504,
  "summary_wm_stdv": 35.891047692545335,
  "tpm_overlap_csf": 0.14555076484098592,
  "tpm_overlap_gm": 0.46562077169489446,
  "tpm_overlap_wm": 0.48041698129004134,
  "wm2max": 0.8957813818540712
}