{
  "aor": 0.010759866666666664,
  "aqi": 0.011498144733333335,
  "bids_meta": {
    "AcquisitionMatrixPE": 96,
    "AcquisitionNumber": 1,
    "AcquisitionTime": "10:53:32.082500",
    "BandwidthPerPixelPhaseEncode": 16.276,
    "BaseResolution": 96,
    "BodyPartExamined": "BRAIN",
    "ConsistencyInfo": "N4_VE11C_LATEST_20160120",
    "ConversionSoftware": "dcm2niix",
    "ConversionSoftwareVersion": "v1.0.20190410  GCC6.3.0",
    "DerivedVendorReportedEchoSpacing": 0.000640002,
    "DeviceSerialNumber": "66044",
    "EchoTime": 0.0302,
    "EchoTrainLength": 84,
    "EffectiveEchoSpacing": 0.000640002,
    "FlipAngle": 90,
    "ImageComments": "Unaliased_MB3_PE3_CBPD0198@mackeylab:CBPD_data",
    "ImageOrientationPatientDICOM": [
      0.990726,
      0.0260112,
      0.133365,
      -0.0442956,
      0.989714,
      0.136026
    ],
    "ImageType": [
      "ORIGINAL",
      "PRIMARY",
      "M",
      "MB",
      "ND",
      "MOSAIC"
    ],
    "ImagingFrequency": 123.263,
    "InPlanePhaseEncodingDirectionDICOM": "COL",
    "InstitutionAddress": "Curie_Blvd._422_Philadelphia_PA_US_19104",
    "InstitutionName": "SC3T",
    "MRAcquisitionType": "2D",
    "MagneticFieldStrength": 3,
    "Manufacturer": "Siemens",
    "ManufacturersModelName": "Prisma",
    "Modality": "MR",
    "MultibandAccelerationFactor": 3,
    "PartialFourier": 0.875,
    "PatientPosition": "HFS",
    "PercentPhaseFOV": 100,
    "PhaseEncodingDirection": "j-",
    "PhaseEncodingSteps": 84,
    "PhaseResolution": 1,
    "PixelBandwidth": 1860,
    "ProcedureStepDescription": "CAMRIS_Mackey",
    "ProtocolName": "BOLD_piper",
    "PulseSequenceDetails": "%CustomerSeq%_cmrr_mbep2d_bold",
    "ReceiveCoilActiveElements": "HEA;HEP",
    "ReceiveCoilName": "Head_32",
    "ReconMatrixPE": 96,
    "RepetitionTime": 2,
    "SAR": 0.0813658,
    "ScanOptions": "PFP_FS_EXT",
    "ScanningSequence": "EP",
    "SequenceName": "epfid2d1_96",
    "SequenceVariant": "SK_SS",
    "SeriesDescription": "BOLD_piper",
    "SeriesNumber": 15,
    "ShimSetting": [
      3820,
      2437,
      470,
      448,
      35,
      -50,
      36,
      62
    ],
    "SliceThickness": 2,
    "SliceTiming": [
      0,
      0.08,
      0.1575,
      0.2375,
      0.3175,
      0.395,
      0.475,
      0.555,
      0.6325,
      0.7125,
      0.7925,
      0.87,
      0.95,
      1.03,
      1.1075,
      1.1875,
      1.2675,
      1.345,
      1.425,
      1.505,
      1.5825,
      1.6625,
      1.7425,
      1.82,
      1.9,
      0,
      0.08,
      0.1575,
      0.2375,
      0.3175,
      0.395,
      0.475,
      0.555,
      0.6325,
      0.7125,
      0.7925,
      0.87,
      0.95,
      1.03,
      1.1075,
      1.1875,
      1.2675,
      1.345,
      1.425,
      1.505,
      1.5825,
      1.6625,
      1.7425,
      1.82,
      1.9,
      0,
      0.08,
      0.1575,
      0.2375,
      0.3175,
      0.395,
      0.475,
      0.555,
      0.6325,
      0.7125,
      0.7925,
      0.87,
      0.95,
      1.03,
      1.1075,
      1.1875,
      1.2675,
      1.345,
      1.425,
      1.505,
      1.5825,
      1.6625,
      1.7425,
      1.82,
      1.9
    ],
    "SoftwareVersions": "syngo_MR_E11",
    "SpacingBetweenSlices": 2,
    "StationName": "AWP66044",
    "TaskName": "piper",
    "TotalReadoutTime": 0.0608002,
    "TxRefAmp": 219.143,
    "WipMemBlock": "f11e6421-f04f-4e93-af2f-f12e52529afe||Sequence: R016 ve11c/master r/e634e98; Dec 19 2017 11:00:25 by eja",
    "dataset": "ds004228",
    "modality": "bold",
    "run_id": 1,
    "session_id": "01",
    "subject_id": "23",
    "task_id": "piper"
  },
  "dummy_trs": 0,
  "dvars_nstd": 54.36638003885908,
  "dvars_std": 1.2745839446308727,
  "dvars_vstd": 1.0191282475167789,
  "efc": 0.5218742803237953,
  "fber": 643.0545043945312,
  "fd_mean": 0.4989450794377521,
  "fd_num": 101,
  "fd_perc": 67.33333333333333,
  "fwhm_avg": 3.95991675237984,
  "fwhm_x": 3.71521,
  "fwhm_y": 3.850455,
  "fwhm_z": 4.31408525713952,
  "gcor": 0.00679108,
  "gsr_x": -0.0014762606006115675,
  "gsr_y": 0.032761551439762115,
  "provenance": {
    "md5sum": "5976a0cac587d7044d4f63665027a8af",
    "settings": {
      "fd_thres": 0.2,
      "testing": false
    },
    "software": "mriqc",
    "version": "23.0.1",
    "webapi_port": null,
    "webapi_url": "https://mriqc.nimh.nih.gov/api/v1"
  },
  "size_t": 150,
  "size_x": 96,
  "size_y": 96,
  "size_z": 75,
  "snr": 1.937175079507884,
  "spacing_tr": 2.0,
  "spacing_x": 2.0,
  "spacing_y": 2.0,
  "spacing_z": 1.9999998807907104,
  "summary_bg_k": 32.03255890212314,
  "summary_bg_mad": 103.17925995354682,
  "summary_bg_mean": 447.3737487792969,
  "summary_bg_median": 256.2400207519531,
  "summary_bg_n": 434413.0,
  "summary_bg_p05": 159.82000732421875,
  "summary_bg_p95": 1548.2906982421855,
  "summary_bg_stdv": 580.3772583007812,
  "summary_fg_k": 1.7465834020478477,
  "summary_fg_mad": 2619.7982980403785,
  "summary_fg_mean": 7377.52197265625,
  "summary_fg_median": 6490.59033203125,
  "summary_fg_n": 162574.0,
  "summary_fg_p05": 3710.6887451171874,
  "summary_fg_p95": 14433.824511718758,
  "summary_fg_stdv": 3350.53369140625,
  "tsnr": 32.29616879706737
}