{
  "bids_meta": {
    "AcquisitionMatrixPE": 256,
    "AcquisitionNumber": 1,
    "AcquisitionTime": "10:12:16.512500",
    "BaseResolution": 256,
    "BodyPartExamined": "BRAIN",
    "ConsistencyInfo": "N4_VE11C_LATEST_20160120",
    "ConversionSoftware": "dcm2niix",
    "ConversionSoftwareVersion": "v1.0.20190410  GCC6.3.0",
    "DeviceSerialNumber": "66044",
    "EchoTime": 0.00169,
    "FlipAngle": 7,
    "ImageComments": "CBPd0182@mackeylab:CBPD_data",
    "ImageOrientationPatientDICOM": [
      0.074769,
      0.926788,
      0.368068,
      0.0665106,
      0.363645,
      -0.92916
    ],
    "ImageType": [
      "ORIGINAL",
      "PRIMARY",
      "OTHER",
      "ND",
      "NORM",
      "MEAN"
    ],
    "ImagingFrequency": 123.263,
    "InPlanePhaseEncodingDirectionDICOM": "ROW",
    "InstitutionAddress": "Curie_Blvd._422_Philadelphia_PA_US_19104",
    "InstitutionName": "SC3T",
    "InversionTime": 1.33,
    "MRAcquisitionType": "3D",
    "MagneticFieldStrength": 3,
    "Manufacturer": "Siemens",
    "ManufacturersModelName": "Prisma",
    "Modality": "MR",
    "NumberOfAverages": 4,
    "PartialFourier": 1,
    "PatientPosition": "HFS",
    "PercentPhaseFOV": 100,
    "PhaseEncodingSteps": 255,
    "PhaseResolution": 1,
    "PixelBandwidth": 650,
    "ProcedureStepDescription": "CAMRIS_Mackey",
    "ProtocolName": "vNav_MPRAGE_1mm_p3",
    "PulseSequenceDetails": "%CustomerSeq%_tfl_mgh_epinav_ABCD",
    "ReceiveCoilActiveElements": "HEA;HEP",
    "ReceiveCoilName": "Head_32",
    "ReconMatrixPE": 256,
    "RefLinesPE": 32,
    "RepetitionTime": 2.53,
    "SAR": 0.0530059,
    "ScanOptions": "IR_WE",
    "ScanningSequence": "GR_IR",
    "SequenceName": "tfl3d4_16ns",
    "SequenceVariant": "SK_SP_MP",
    "SeriesDescription": "vNav_MPRAGE_1mm_p3_RMS",
    "SeriesNumber": 9,
    "ShimSetting": [
      3754,
      2350,
      522,
      615,
      -119,
      -277,
      91,
      89
    ],
    "SliceThickness": 1,
    "SoftwareVersions": "syngo_MR_E11",
    "StationName": "AWP66044",
    "TxRefAmp": 216.304,
    "WipMemBlock": "Prisma_epi_moco_navigator_ABCD_tfl.prot",
    "dataset": "ds004228",
    "modality": "T1w",
    "run_id": 1,
    "session_id": "01",
    "subject_id": "13"
  },
  "cjv": 0.3586480185486902,
  "cnr": 3.749450056695452,
  "efc": 0.5813071173202669,
  "fber": 7817.014485762055,
  "fwhm_avg": 3.4534133333333337,
  "fwhm_x": 3.63591,
  "fwhm_y": 3.50142,
  "fwhm_z": 3.22291,
  "icvs_csf": 0.1424024299800253,
  "icvs_gm": 0.5428813164420773,
  "icvs_wm": 0.31471625357789745,
  "inu_med": 0.5443377494812012,
  "inu_range": 0.2764195203781128,
  "provenance": {
    "md5sum": "ab12c682aa0b6fd12b3a6da1d5577737",
    "settings": {
      "testing": false
    },
    "software": "mriqc",
    "version": "23.0.1",
    "warnings": {
      "large_rot_frame": true,
      "small_air_mask": false
    },
    "webapi_port": null,
    "webapi_url": "https://mriqc.nimh.nih.gov/api/v1"
  },
  "qi_1": 0.0,
  "qi_2": 0.0025677503820907156,
  "rpve_csf": 40.92798167751863,
  "rpve_gm": 12.194085179822288,
  "rpve_wm": 19.91519982749206,
  "size_x": 176,
  "size_y": 256,
  "size_z": 256,
  "snr_csf": 2.3877642597286655,
  "snr_gm": 17.95297113638549,
  "snr_total": 14.07186844026652,
  "snr_wm": 21.874869924685406,
  "snrd_csf": 25.083667328593783,
  "snrd_gm": 63.68567472683859,
  "snrd_total": 57.425971655397184,
  "snrd_wm": 83.50857291075918,
  "spacing_x": 1.0,
  "spacing_y": 1.0,
  "spacing_z": 1.0,
  "summary_bg_k": 3.689050584838017,
  "summary_bg_mad": 7.845310601573451,
  "summary_bg_mean": 9.500115730904636,
  "summary_bg_median": 5.291581587865949,
  "summary_bg_n": 1664467.0,
  "summary_bg_p05": 0.0,
  "summary_bg_p95": 31.662385303527117,
  "summary_bg_stdv": 10.669691196596617,
  "summary_csf_k": 2.639245660882107,
  "summary_csf_mad": 95.01542839683403,
  "summary_csf_mean": 314.2723652015002,
  "summary_csf_median": 300.3789153210819,
  "summary_csf_n": 23498.0,
  "summary_csf_p05": 118.87222284330055,
  "summary_csf_p95": 541.9134835400616,
  "summary_csf_stdv": 125.79655736303542,
  "summary_gm_k": 0.10350374676544227,
  "summary_gm_mad": 41.80937131291201,
  "summary_gm_mean": 761.7743908377092,
  "summary_gm_median": 762.6410303302109,
  "summary_gm_n": 87960.0,
  "summary_gm_p05": 690.4969570767134,
  "summary_gm_p95": 829.8648037492298,
  "summary_gm_stdv": 42.47969260163552,
  "summary_wm_k": 0.32339746575164696,
  "summary_wm_mad": 43.32677706712581,
  "summary_wm_mean": 1000.0777568035273,
  "summary_wm_median": 1000.0218158829957,
  "summary_wm_n": 118226.0,
  "summary_wm_p05": 924.3772416408174,
  "summary_wm_p95": 1075.9984749779105,
  "summary_wm_stdv": 45.71536151010991,
  "tpm_overlap_csf": 0.1280758185461545,
  "tpm_overlap_gm": 0.48470321698016494,
  "tpm_overlap_wm": 0.45931148255362236,
  "wm2max": 0.880189366351056
}