{
  "aor": 0.0028793333333333336,
  "aqi": 0.005560542733333333,
  "bids_meta": {
    "AcquisitionMatrixPE": 96,
    "AcquisitionNumber": 1,
    "AcquisitionTime": "10:40:54.880000",
    "BandwidthPerPixelPhaseEncode": 16.276,
    "BaseResolution": 96,
    "BodyPartExamined": "BRAIN",
    "ConsistencyInfo": "N4_VE11C_LATEST_20160120",
    "ConversionSoftware": "dcm2niix",
    "ConversionSoftwareVersion": "v1.0.20190410  GCC6.3.0",
    "DerivedVendorReportedEchoSpacing": 0.000640002,
    "DeviceSerialNumber": "66044",
    "EchoTime": 0.0302,
    "EchoTrainLength": 84,
    "EffectiveEchoSpacing": 0.000640002,
    "FlipAngle": 90,
    "ImageComments": "Unaliased_MB3_PE3_CBPD0201@mackeylab:CBPD_data",
    "ImageOrientationPatientDICOM": [
      0.998488,
      0.0542406,
      0.0089221,
      -0.0549501,
      0.989214,
      0.13578
    ],
    "ImageType": [
      "ORIGINAL",
      "PRIMARY",
      "M",
      "MB",
      "ND",
      "MOSAIC"
    ],
    "ImagingFrequency": 123.263,
    "InPlanePhaseEncodingDirectionDICOM": "COL",
    "InstitutionAddress": "Curie_Blvd._422_Philadelphia_PA_US_19104",
    "InstitutionName": "SC3T",
    "MRAcquisitionType": "2D",
    "MagneticFieldStrength": 3,
    "Manufacturer": "Siemens",
    "ManufacturersModelName": "Prisma",
    "Modality": "MR",
    "MultibandAccelerationFactor": 3,
    "PartialFourier": 0.875,
    "PatientPosition": "HFS",
    "PercentPhaseFOV": 100,
    "PhaseEncodingDirection": "j-",
    "PhaseEncodingSteps": 84,
    "PhaseResolution": 1,
    "PixelBandwidth": 1860,
    "ProcedureStepDescription": "CAMRIS_Mackey",
    "ProtocolName": "BOLD_piper",
    "PulseSequenceDetails": "%CustomerSeq%_cmrr_mbep2d_bold",
    "ReceiveCoilActiveElements": "HEA;HEP",
    "ReceiveCoilName": "Head_32",
    "ReconMatrixPE": 96,
    "RepetitionTime": 2,
    "SAR": 0.0925449,
    "ScanOptions": "PFP_FS_EXT",
    "ScanningSequence": "EP",
    "SequenceName": "epfid2d1_96",
    "SequenceVariant": "SK_SS",
    "SeriesDescription": "BOLD_piper",
    "SeriesNumber": 16,
    "ShimSetting": [
      3763,
      2427,
      491,
      385,
      -24,
      -13,
      119,
      32
    ],
    "SliceThickness": 2,
    "SliceTiming": [
      0,
      0.08,
      0.1575,
      0.2375,
      0.3175,
      0.395,
      0.475,
      0.555,
      0.6325,
      0.7125,
      0.7925,
      0.87,
      0.95,
      1.03,
      1.1075,
      1.1875,
      1.2675,
      1.345,
      1.425,
      1.505,
      1.5825,
      1.6625,
      1.7425,
      1.82,
      1.9,
      0,
      0.08,
      0.1575,
      0.2375,
      0.3175,
      0.395,
      0.475,
      0.555,
      0.6325,
      0.7125,
      0.7925,
      0.87,
      0.95,
      1.03,
      1.1075,
      1.1875,
      1.2675,
      1.345,
      1.425,
      1.505,
      1.5825,
      1.6625,
      1.7425,
      1.82,
      1.9,
      0,
      0.08,
      0.1575,
      0.2375,
      0.3175,
      0.395,
      0.475,
      0.555,
      0.6325,
      0.7125,
      0.7925,
      0.87,
      0.95,
      1.03,
      1.1075,
      1.1875,
      1.2675,
      1.345,
      1.425,
      1.505,
      1.5825,
      1.6625,
      1.7425,
      1.82,
      1.9
    ],
    "SoftwareVersions": "syngo_MR_E11",
    "SpacingBetweenSlices": 2,
    "StationName": "AWP66044",
    "TaskName": "piper",
    "TotalReadoutTime": 0.0608002,
    "TxRefAmp": 218.479,
    "WipMemBlock": "6d617174-3d34-450d-aecf-5bdab79ca201||Sequence: R016 ve11c/master r/e634e98; Dec 19 2017 11:00:25 by eja",
    "dataset": "ds004228",
    "modality": "bold",
    "run_id": 1,
    "session_id": "01",
    "subject_id": "24",
    "task_id": "piper"
  },
  "dummy_trs": 0,
  "dvars_nstd": 38.546931362818775,
  "dvars_std": 1.2861603563087247,
  "dvars_vstd": 1.0038123375167791,
  "efc": 0.5345016443882508,
  "fber": 611.5368041992188,
  "fd_mean": 0.1320371276917884,
  "fd_num": 11,
  "fd_perc": 7.333333333333333,
  "fwhm_avg": 3.611588333333333,
  "fwhm_x": 3.40675,
  "fwhm_y": 3.63,
  "fwhm_z": 3.798015,
  "gcor": 0.00214889,
  "gsr_x": -0.005211426876485348,
  "gsr_y": 0.06086372584104538,
  "provenance": {
    "md5sum": "70ecdf2c8903e02c20498294454bbba2",
    "settings": {
      "fd_thres": 0.2,
      "testing": false
    },
    "software": "mriqc",
    "version": "23.0.1",
    "webapi_port": null,
    "webapi_url": "https://mriqc.nimh.nih.gov/api/v1"
  },
  "size_t": 150,
  "size_x": 96,
  "size_y": 96,
  "size_z": 75,
  "snr": 2.0752892796110944,
  "spacing_tr": 2.0,
  "spacing_x": 2.0,
  "spacing_y": 2.0,
  "spacing_z": 2.0,
  "summary_bg_k": 28.802370785513947,
  "summary_bg_mad": 72.65739483301789,
  "summary_bg_mean": 461.5633544921875,
  "summary_bg_median": 236.53334045410156,
  "summary_bg_n": 434520.0,
  "summary_bg_p05": 172.15333557128906,
  "summary_bg_p95": 1716.8516784667956,
  "summary_bg_stdv": 634.60693359375,
  "summary_fg_k": 2.256022391460882,
  "summary_fg_mad": 2247.407423231709,
  "summary_fg_mean": 6643.53466796875,
  "summary_fg_median": 5971.4970703125,
  "summary_fg_n": 158310.0,
  "summary_fg_p05": 3344.7538330078123,
  "summary_fg_p95": 12556.154345703124,
  "summary_fg_stdv": 2877.419677734375,
  "tsnr": 48.32324985601008
}