{
  "aor": 0.0019210666666666665,
  "aqi": 0.004176972266666667,
  "bids_meta": {
    "ConversionSoftware": "dcm2niix",
    "ConversionSoftwareVersion": "v1.0.20170207",
    "EchoTime": 0.0302,
    "EffectiveEchoSpacing": 0.000640002,
    "FlipAngle": 90,
    "ImageType": [
      "ORIGINAL",
      "PRIMARY",
      "M",
      "MB",
      "ND",
      "MOSAIC"
    ],
    "MagneticFieldStrength": 3,
    "Manufacturer": "Siemens",
    "ManufacturersModelName": "Prisma",
    "PhaseEncodingDirection": "j-",
    "ProcedureStepDescription": "CAMRIS_CHOP",
    "ProtocolName": "BOLD_resting1",
    "RepetitionTime": 2,
    "SliceTiming": [
      0,
      0.08,
      0.16,
      0.2375,
      0.3175,
      0.3975,
      0.475,
      0.555,
      0.635,
      0.715,
      0.7925,
      0.8725,
      0.9525,
      1.03,
      1.11,
      1.19,
      1.2675,
      1.3475,
      1.4275,
      1.505,
      1.585,
      1.665,
      1.7425,
      1.8225,
      1.9025,
      0,
      0.08,
      0.16,
      0.2375,
      0.3175,
      0.3975,
      0.475,
      0.555,
      0.635,
      0.715,
      0.7925,
      0.8725,
      0.9525,
      1.03,
      1.11,
      1.19,
      1.2675,
      1.3475,
      1.4275,
      1.505,
      1.585,
      1.665,
      1.7425,
      1.8225,
      1.9025,
      0,
      0.08,
      0.16,
      0.2375,
      0.3175,
      0.3975,
      0.475,
      0.555,
      0.635,
      0.715,
      0.7925,
      0.8725,
      0.9525,
      1.03,
      1.11,
      1.19,
      1.2675,
      1.3475,
      1.4275,
      1.505,
      1.585,
      1.665,
      1.7425,
      1.8225,
      1.9025
    ],
    "TaskName": "piper",
    "dataset": "ds004228",
    "dcmmeta_affine": [
      [
        -2.0,
        0.0,
        0.0,
        96.0
      ],
      [
        0.0,
        2.0,
        0.0,
        -89.76300048828125
      ],
      [
        0.0,
        0.0,
        2.0,
        -44.94430160522461
      ],
      [
        0.0,
        0.0,
        0.0,
        1.0
      ]
    ],
    "dcmmeta_reorient_transform": [
      [
        0.0,
        -1.0,
        0.0,
        95.0
      ],
      [
        1.0,
        0.0,
        0.0,
        0.0
      ],
      [
        0.0,
        0.0,
        1.0,
        0.0
      ],
      [
        0.0,
        0.0,
        0.0,
        1.0
      ]
    ],
    "dcmmeta_shape": [
      96,
      96,
      75,
      150
    ],
    "dcmmeta_slice_dim": 2,
    "dcmmeta_version": 0.6,
    "global": {
      "const": {
        "AcquisitionMatrix": [
          96,
          0,
          0,
          96
        ],
        "AngioFlag": "N",
        "BitsAllocated": 16,
        "BitsStored": 16,
        "BodyPartExamined": "BRAIN",
        "CardiacNumberOfImages": 1,
        "Columns": 864,
        "EchoNumbers": 1,
        "EchoTime": 30.2,
        "EchoTrainLength": 84,
        "FlipAngle": 90.0,
        "HighBit": 15,
        "ImageOrientationPatient": [
          1.0,
          0.0,
          0.0,
          0.0,
          1.0,
          0.0
        ],
        "ImagePositionPatient": [
          -864.0,
          -868.237,
          -44.9443
        ],
        "ImageType": [
          "ORIGINAL",
          "PRIMARY",
          "M",
          "MB",
          "ND",
          "MOSAIC"
        ],
        "ImagedNucleus": "1H",
        "ImagingFrequency": 123.263,
        "InPlanePhaseEncodingDirection": "COL",
        "MRAcquisitionType": "2D",
        "MagneticFieldStrength": 3.0,
        "Manufacturer": "SIEMENS",
        "ManufacturerModelName": "Prisma",
        "Modality": "MR",
        "NominalInterval": 0,
        "NumberOfAverages": 1.0,
        "NumberOfFrames": 1,
        "NumberOfPhaseEncodingSteps": 84,
        "PercentPhaseFieldOfView": 100.0,
        "PercentSampling": 100.0,
        "PerformedProcedureStepStartTime": "140221.316000",
        "PhotometricInterpretation": "MONOCHROME2",
        "PixelBandwidth": 1860.0,
        "PixelRepresentation": 0,
        "PixelSpacing": [
          2.0,
          2.0
        ],
        "ProtocolName": "BOLD_resting1",
        "RepetitionTime": 2000.0,
        "Rows": 864,
        "SAR": 0.110554,
        "SamplesPerPixel": 1,
        "ScanOptions": [
          "PFP",
          "FS",
          "EXT"
        ],
        "ScanningSequence": "EP",
        "SequenceName": "epfid2d1_96",
        "SequenceVariant": [
          "SK",
          "SS"
        ],
        "SeriesDescription": "BOLD_resting1",
        "SeriesNumber": 19,
        "SeriesTime": "144439.594000",
        "SliceLocation": -44.9443,
        "SliceThickness": 2.0,
        "SmallestImagePixelValue": 0,
        "SoftwareVersions": "syngo MR E11",
        "SpacingBetweenSlices": 2.0,
        "SpecificCharacterSet": "ISO_IR 100",
        "StudyID": "1",
        "StudyTime": "140221.250000",
        "TransmitCoilName": "Body",
        "VariableFlipAngleFlag": "N",
        "WindowCenterWidthExplanation": "Algo1",
        "dBdt": 0.0
      },
