{
  "bids_meta": {
    "AcquisitionMatrixPE": 256,
    "AcquisitionNumber": 1,
    "AcquisitionTime": "09:12:51.865000",
    "BaseResolution": 256,
    "BodyPartExamined": "BRAIN",
    "ConsistencyInfo": "N4_VE11C_LATEST_20160120",
    "ConversionSoftware": "dcm2niix",
    "ConversionSoftwareVersion": "v1.0.20190410  GCC6.3.0",
    "DeviceSerialNumber": "66044",
    "EchoTime": 0.00169,
    "FlipAngle": 7,
    "ImageComments": "CBPD0097_2@mackeylab:CBPD_data",
    "ImageOrientationPatientDICOM": [
      -0.0077776,
      0.985022,
      0.172254,
      0.0464438,
      0.172429,
      -0.983926
    ],
    "ImageType": [
      "ORIGINAL",
      "PRIMARY",
      "OTHER",
      "ND",
      "NORM",
      "MEAN"
    ],
    "ImagingFrequency": 123.255,
    "InPlanePhaseEncodingDirectionDICOM": "ROW",
    "InstitutionAddress": "Curie_Blvd._422_Philadelphia_PA_US_19104",
    "InstitutionName": "SC3T",
    "InversionTime": 1.33,
    "MRAcquisitionType": "3D",
    "MagneticFieldStrength": 3,
    "Manufacturer": "Siemens",
    "ManufacturersModelName": "Prisma",
    "Modality": "MR",
    "NumberOfAverages": 4,
    "PartialFourier": 1,
    "PatientPosition": "HFS",
    "PercentPhaseFOV": 100,
    "PhaseEncodingSteps": 255,
    "PhaseResolution": 1,
    "PixelBandwidth": 650,
    "ProcedureStepDescription": "CAMRIS_Mackey",
    "ProtocolName": "vNav_MPRAGE_1mm_p3",
    "PulseSequenceDetails": "%CustomerSeq%_tfl_mgh_epinav_ABCD",
    "ReceiveCoilActiveElements": "HEA;HEP",
    "ReceiveCoilName": "Head_32",
    "ReconMatrixPE": 256,
    "RefLinesPE": 32,
    "RepetitionTime": 2.53,
    "SAR": 0.0346636,
    "ScanOptions": "IR_WE",
    "ScanningSequence": "GR_IR",
    "SequenceName": "tfl3d4_16ns",
    "SequenceVariant": "SK_SP_MP",
    "SeriesDescription": "vNav_MPRAGE_1mm_p3_RMS",
    "SeriesNumber": 9,
    "ShimSetting": [
      3836,
      2720,
      542,
      471,
      -14,
      -84,
      156,
      3
    ],
    "SliceThickness": 1,
    "SoftwareVersions": "syngo_MR_E11",
    "StationName": "AWP66044",
    "TxRefAmp": 216.652,
    "WipMemBlock": "Prisma_epi_moco_navigator_ABCD_tfl.prot",
    "dataset": "ds004228",
    "modality": "T1w",
    "run_id": 1,
    "session_id": "01",
    "subject_id": "09"
  },
  "cjv": 0.312613819207287,
  "cnr": 4.2458487919782195,
  "efc": 0.5750351157325538,
  "fber": 32796.811979229555,
  "fwhm_avg": 3.6223199999999998,
  "fwhm_x": 3.82955,
  "fwhm_y": 3.69337,
  "fwhm_z": 3.34404,
  "icvs_csf": 0.15678183133369228,
  "icvs_gm": 0.5030013346794054,
  "icvs_wm": 0.3402168339869023,
  "inu_med": 0.4184749275445938,
  "inu_range": 0.17150302976369858,
  "provenance": {
    "md5sum": "fc24aa1183dc88aee3e16cf482a4c4dd",
    "settings": {
      "testing": false
    },
    "software": "mriqc",
    "version": "23.0.1",
    "warnings": {
      "large_rot_frame": true,
      "small_air_mask": false
    },
    "webapi_port": null,
    "webapi_url": "https://mriqc.nimh.nih.gov/api/v1"
  },
  "qi_1": 0.0,
  "qi_2": 0.003146214066103532,
  "rpve_csf": 31.77313637849005,
  "rpve_gm": 11.323256516271059,
  "rpve_wm": 17.6322434997784,
  "size_x": 176,
  "size_y": 256,
  "size_z": 256,
  "snr_csf": 2.609171013643118,
  "snr_gm": 17.037325607773464,
  "snr_total": 16.224998033391458,
  "snr_wm": 29.02849747875779,
  "snrd_csf": 35.4716945893434,
  "snrd_gm": 80.87286772160023,
  "snrd_total": 74.28025642322797,
  "snrd_wm": 106.49620695874027,
  "spacing_x": 1.0,
  "spacing_y": 1.0,
  "spacing_z": 1.0,
  "summary_bg_k": 6.653314928756485,
  "summary_bg_mad": 0.0,
  "summary_bg_mean": 4.350881669107481,
  "summary_bg_median": 0.0,
  "summary_bg_n": 2154801.0,
  "summary_bg_p05": 0.0,
  "summary_bg_p95": 16.67138161882758,
  "summary_bg_stdv": 6.151734358543878,
  "summary_csf_k": 1.637855123089147,
  "summary_csf_mad": 100.6105631213706,
  "summary_csf_mean": 335.17955724909797,
  "summary_csf_median": 333.07940508425236,
  "summary_csf_n": 26714.0,
  "summary_csf_p05": 107.2463885561563,
  "summary_csf_p95": 555.2266533654183,
  "summary_csf_stdv": 127.65478732942846,
  "summary_gm_k": 0.2817000142332198,
  "summary_gm_mad": 42.78691683737569,
  "summary_gm_mean": 758.9675744775855,
  "summary_gm_median": 759.3966676816344,
  "summary_gm_n": 79222.0,
  "summary_gm_p05": 684.6812374879606,
  "summary_gm_p95": 830.8267910145223,
  "summary_gm_stdv": 44.572246390624315,
  "summary_wm_k": 0.6245695771409823,
  "summary_wm_mad": 32.42899805547705,
  "summary_wm_mean": 1000.0432969578786,
  "summary_wm_median": 999.9999624546617,
  "summary_wm_n": 190134.0,
  "summary_wm_p05": 943.6306695137173,
  "summary_wm_p95": 1056.1733775436878,
  "summary_wm_stdv": 34.44881477102878,
  "tpm_overlap_csf": 0.14004664302470132,
  "tpm_overlap_gm": 0.4774464901844814,
  "tpm_overlap_wm": 0.4929499681269044,
  "wm2max": 0.8847361022856373
}