{
  "aor": 0.0013613333333333333,
  "aqi": 0.007263607,
  "bids_meta": {
    "AcquisitionMatrixPE": 96,
    "AcquisitionNumber": 1,
    "AcquisitionTime": "10:35:0.425000",
    "BandwidthPerPixelPhaseEncode": 16.276,
    "BaseResolution": 96,
    "BodyPartExamined": "BRAIN",
    "ConsistencyInfo": "N4_VE11C_LATEST_20160120",
    "ConversionSoftware": "dcm2niix",
    "ConversionSoftwareVersion": "v1.0.20190410  GCC6.3.0",
    "DerivedVendorReportedEchoSpacing": 0.000640002,
    "DeviceSerialNumber": "66044",
    "EchoTime": 0.0302,
    "EchoTrainLength": 84,
    "EffectiveEchoSpacing": 0.000640002,
    "FlipAngle": 90,
    "ImageComments": "Unaliased_MB3_PE3_CBPD0185@mackeylab:CBPD_data",
    "ImageOrientationPatientDICOM": [
      0.994095,
      -0.0864246,
      0.0656263,
      0.0625432,
      0.950506,
      0.304347
    ],
    "ImageType": [
      "ORIGINAL",
      "PRIMARY",
      "M",
      "MB",
      "ND",
      "MOSAIC"
    ],
    "ImagingFrequency": 123.263,
    "InPlanePhaseEncodingDirectionDICOM": "COL",
    "InstitutionAddress": "Curie_Blvd._422_Philadelphia_PA_US_19104",
    "InstitutionName": "SC3T",
    "MRAcquisitionType": "2D",
    "MagneticFieldStrength": 3,
    "Manufacturer": "Siemens",
    "ManufacturersModelName": "Prisma",
    "Modality": "MR",
    "MultibandAccelerationFactor": 3,
    "PartialFourier": 0.875,
    "PatientPosition": "HFS",
    "PercentPhaseFOV": 100,
    "PhaseEncodingDirection": "j-",
    "PhaseEncodingSteps": 84,
    "PhaseResolution": 1,
    "PixelBandwidth": 1860,
    "ProcedureStepDescription": "CAMRIS_Mackey",
    "ProtocolName": "BOLD_piper",
    "PulseSequenceDetails": "%CustomerSeq%_cmrr_mbep2d_bold",
    "ReceiveCoilActiveElements": "HEA;HEP",
    "ReceiveCoilName": "Head_32",
    "ReconMatrixPE": 96,
    "RepetitionTime": 2,
    "SAR": 0.114391,
    "ScanOptions": "PFP_FS_EXT",
    "ScanningSequence": "EP",
    "SequenceName": "epfid2d1_96",
    "SequenceVariant": "SK_SS",
    "SeriesDescription": "BOLD_piper",
    "SeriesNumber": 15,
    "ShimSetting": [
      3776,
      2310,
      540,
      438,
      -174,
      -423,
      118,
      103
    ],
    "SliceThickness": 2,
    "SliceTiming": [
      0,
      0.08,
      0.16,
      0.2375,
      0.3175,
      0.3975,
      0.475,
      0.555,
      0.635,
      0.7125,
      0.7925,
      0.8725,
      0.95,
      1.03,
      1.11,
      1.1875,
      1.2675,
      1.3475,
      1.425,
      1.505,
      1.585,
      1.6625,
      1.7425,
      1.8225,
      1.9,
      0,
      0.08,
      0.16,
      0.2375,
      0.3175,
      0.3975,
      0.475,
      0.555,
      0.635,
      0.7125,
      0.7925,
      0.8725,
      0.95,
      1.03,
      1.11,
      1.1875,
      1.2675,
      1.3475,
      1.425,
      1.505,
      1.585,
      1.6625,
      1.7425,
      1.8225,
      1.9,
      0,
      0.08,
      0.16,
      0.2375,
      0.3175,
      0.3975,
      0.475,
      0.555,
      0.635,
      0.7125,
      0.7925,
      0.8725,
      0.95,
      1.03,
      1.11,
      1.1875,
      1.2675,
      1.3475,
      1.425,
      1.505,
      1.585,
      1.6625,
      1.7425,
      1.8225,
      1.9
    ],
    "SoftwareVersions": "syngo_MR_E11",
    "SpacingBetweenSlices": 2,
    "StationName": "AWP66044",
    "TaskName": "piper",
    "TotalReadoutTime": 0.0608002,
    "TxRefAmp": 222.671,
    "WipMemBlock": "429aa9f2-8a26-47ab-ad95-edd9bd46089c||Sequence: R016 ve11c/master r/e634e98; Dec 19 2017 11:00:25 by eja",
    "dataset": "ds004228",
    "modality": "bold",
    "run_id": 1,
    "session_id": "01",
    "subject_id": "14",
    "task_id": "piper"
  },
  "dummy_trs": 0,
  "dvars_nstd": 46.10585001489931,
  "dvars_std": 1.363052813020134,
  "dvars_vstd": 0.9943804538926172,
  "efc": 0.5059630686749862,
  "fber": 700.6255493164062,
  "fd_mean": 0.15620001800737135,
  "fd_num": 36,
  "fd_perc": 24.0,
  "fwhm_avg": 3.3608233333333337,
  "fwhm_x": 3.203475,
  "fwhm_y": 3.48868,
  "fwhm_z": 3.390315,
  "gcor": 0.00460363,
  "gsr_x": -0.021464373916387558,
  "gsr_y": 0.06126285344362259,
  "provenance": {
    "md5sum": "d35b7fe6aef74787c875493fc6ae90fb",
    "settings": {
      "fd_thres": 0.2,
      "testing": false
    },
    "software": "mriqc",
    "version": "23.0.1",
    "webapi_port": null,
    "webapi_url": "https://mriqc.nimh.nih.gov/api/v1"
  },
  "size_t": 150,
  "size_x": 96,
  "size_y": 96,
  "size_z": 75,
  "snr": 2.349210160215147,
  "spacing_tr": 2.0,
  "spacing_x": 2.0,
  "spacing_y": 2.0,
  "spacing_z": 2.0,
  "summary_bg_k": 26.064597889595586,
  "summary_bg_mad": 60.969561671517916,
  "summary_bg_mean": 417.3814697265625,
  "summary_bg_median": 219.19668579101562,
  "summary_bg_n": 471062.0,
  "summary_bg_p05": 166.44667053222656,
  "summary_bg_p95": 1474.9007385253851,
  "summary_bg_stdv": 555.721435546875,
  "summary_fg_k": 2.1158315595359127,
  "summary_fg_mad": 2057.56013675938,
  "summary_fg_mean": 6406.17529296875,
  "summary_fg_median": 5846.31640625,
  "summary_fg_n": 130220.0,
  "summary_fg_p05": 3518.6706787109374,
  "summary_fg_p95": 11360.161767578118,
  "summary_fg_stdv": 2488.62109375,
  "tsnr": 42.73736825957894
}