{
  "bids_meta": {
    "AcquisitionMatrixPE": 256,
    "AcquisitionNumber": 1,
    "AcquisitionTime": "09:52:45.510000",
    "BaseResolution": 256,
    "BodyPartExamined": "BRAIN",
    "ConsistencyInfo": "N4_VE11C_LATEST_20160120",
    "ConversionSoftware": "dcm2niix",
    "ConversionSoftwareVersion": "v1.0.20190410  GCC6.3.0",
    "DeviceSerialNumber": "66044",
    "EchoTime": 0.00169,
    "FlipAngle": 7,
    "ImageComments": "CBPD0209@mackeylab:CBPD_data",
    "ImageOrientationPatientDICOM": [
      0.112749,
      0.981283,
      0.156112,
      -0.156478,
      0.172689,
      -0.972468
    ],
    "ImageType": [
      "ORIGINAL",
      "PRIMARY",
      "OTHER",
      "ND",
      "NORM",
      "MEAN"
    ],
    "ImagingFrequency": 123.263,
    "InPlanePhaseEncodingDirectionDICOM": "ROW",
    "InstitutionAddress": "Curie_Blvd._422_Philadelphia_PA_US_19104",
    "InstitutionName": "SC3T",
    "InversionTime": 1.33,
    "MRAcquisitionType": "3D",
    "MagneticFieldStrength": 3,
    "Manufacturer": "Siemens",
    "ManufacturersModelName": "Prisma",
    "Modality": "MR",
    "NumberOfAverages": 4,
    "PartialFourier": 1,
    "PatientPosition": "HFS",
    "PercentPhaseFOV": 100,
    "PhaseEncodingSteps": 255,
    "PhaseResolution": 1,
    "PixelBandwidth": 650,
    "ProcedureStepDescription": "CAMRIS_Mackey",
    "ProtocolName": "Mackey_vNav_MPRAGE_1mm_p3",
    "PulseSequenceDetails": "%CustomerSeq%_tfl_mgh_epinav_ABCD",
    "ReceiveCoilActiveElements": "HEA;HEP",
    "ReceiveCoilName": "Head_32",
    "ReconMatrixPE": 256,
    "RefLinesPE": 32,
    "RepetitionTime": 2.53,
    "SAR": 0.0306793,
    "ScanOptions": "IR_WE",
    "ScanningSequence": "GR_IR",
    "SequenceName": "tfl3d4_16ns",
    "SequenceVariant": "SK_SP_MP",
    "SeriesDescription": "Mackey_vNav_MPRAGE_1mm_p3_RMS",
    "SeriesNumber": 10,
    "ShimSetting": [
      3720,
      2419,
      382,
      267,
      72,
      -281,
      -18,
      143
    ],
    "SliceThickness": 1,
    "SoftwareVersions": "syngo_MR_E11",
    "StationName": "AWP66044",
    "TxRefAmp": 213.043,
    "WipMemBlock": "Prisma_epi_moco_navigator_ABCD_tfl.prot",
    "dataset": "ds004228",
    "modality": "T1w",
    "run_id": 1,
    "session_id": "01",
    "subject_id": "29"
  },
  "cjv": 0.2960177043730303,
  "cnr": 4.536220081958433,
  "efc": 0.5766074210818349,
  "fber": 24772.809949878614,
  "fwhm_avg": 3.7505866666666665,
  "fwhm_x": 3.92143,
  "fwhm_y": 3.83295,
  "fwhm_z": 3.49738,
  "icvs_csf": 0.12778087273558045,
  "icvs_gm": 0.561269493634649,
  "icvs_wm": 0.31094963362977057,
  "inu_med": 0.5067055225372314,
  "inu_range": 0.22502232193946836,
  "provenance": {
    "md5sum": "712f7ff6506b8d403aea77a7e5be1da7",
    "settings": {
      "testing": false
    },
    "software": "mriqc",
    "version": "23.0.1",
    "warnings": {
      "large_rot_frame": true,
      "small_air_mask": false
    },
    "webapi_port": null,
    "webapi_url": "https://mriqc.nimh.nih.gov/api/v1"
  },
  "qi_1": 0.0,
  "qi_2": 0.0023604183588027093,
  "rpve_csf": 44.43508261649855,
  "rpve_gm": 12.29468124626492,
  "rpve_wm": 21.492925235887974,
  "size_x": 176,
  "size_y": 256,
  "size_z": 256,
  "snr_csf": 2.325225043169715,
  "snr_gm": 19.567981797318353,
  "snr_total": 15.583419563214013,
  "snr_wm": 24.857051849153965,
  "snrd_csf": 34.999326126938435,
  "snrd_gm": 80.51546257924944,
  "snrd_total": 74.46535075691502,
  "snrd_wm": 107.88126356455714,
  "spacing_x": 1.0,
  "spacing_y": 1.0,
  "spacing_z": 1.0,
  "summary_bg_k": 5.388825996658076,
  "summary_bg_mad": 6.072878820929654,
  "summary_bg_mean": 5.589255712523531,
  "summary_bg_median": 4.096094518899918,
  "summary_bg_n": 1669625.0,
  "summary_bg_p05": 0.0,
  "summary_bg_p95": 20.89008204638958,
  "summary_bg_stdv": 7.343601067061311,
  "summary_csf_k": 0.06490694999113034,
  "summary_csf_mad": 134.72681664232437,
  "summary_csf_mean": 318.6715970394431,
  "summary_csf_median": 324.431166369468,
  "summary_csf_n": 13273.0,
  "summary_csf_p05": 91.75251722335815,
  "summary_csf_p95": 557.8020554892719,
  "summary_csf_stdv": 139.52152529121526,
  "summary_gm_k": 0.19759921970068994,
  "summary_gm_mad": 37.40893353692667,
  "summary_gm_mean": 745.526315969149,
  "summary_gm_median": 746.349382288754,
  "summary_gm_n": 99751.0,
  "summary_gm_p05": 681.1190770752728,
  "summary_gm_p95": 806.4390888810158,
  "summary_gm_stdv": 38.14116595915389,
  "summary_wm_k": 0.47068377625277336,
  "summary_wm_mad": 37.682213083868504,
  "summary_wm_mean": 998.5001786815825,
  "summary_wm_median": 1000.0205158442259,
  "summary_wm_n": 136788.0,
  "summary_wm_p05": 928.4003031812608,
  "summary_wm_p95": 1062.0486991675568,
  "summary_wm_stdv": 40.23071064661236,
  "tpm_overlap_csf": 0.12116847001879852,
  "tpm_overlap_gm": 0.5010172459312577,
  "tpm_overlap_wm": 0.5003304105068744,
  "wm2max": 0.9195653402135634
}