{
  "bids_meta": {
    "AcquisitionMatrixPE": 256,
    "AcquisitionNumber": 1,
    "AcquisitionTime": "11:07:37.810000",
    "BaseResolution": 256,
    "BodyPartExamined": "BRAIN",
    "ConsistencyInfo": "N4_VE11C_LATEST_20160120",
    "ConversionSoftware": "dcm2niix",
    "ConversionSoftwareVersion": "v1.0.20190410  GCC6.3.0",
    "DeviceSerialNumber": "66044",
    "EchoTime": 0.00169,
    "FlipAngle": 7,
    "ImageComments": "CBPD0204@mackeylab:CBPD_data",
    "ImageOrientationPatientDICOM": [
      -0.0676916,
      0.976347,
      0.205338,
      0.145871,
      0.213284,
      -0.966039
    ],
    "ImageType": [
      "ORIGINAL",
      "PRIMARY",
      "OTHER",
      "ND",
      "NORM",
      "MEAN"
    ],
    "ImagingFrequency": 123.263,
    "InPlanePhaseEncodingDirectionDICOM": "ROW",
    "InstitutionAddress": "Curie_Blvd._422_Philadelphia_PA_US_19104",
    "InstitutionName": "SC3T",
    "InversionTime": 1.33,
    "MRAcquisitionType": "3D",
    "MagneticFieldStrength": 3,
    "Manufacturer": "Siemens",
    "ManufacturersModelName": "Prisma",
    "Modality": "MR",
    "NumberOfAverages": 4,
    "PartialFourier": 1,
    "PatientPosition": "HFS",
    "PercentPhaseFOV": 100,
    "PhaseEncodingSteps": 255,
    "PhaseResolution": 1,
    "PixelBandwidth": 650,
    "ProcedureStepDescription": "CAMRIS_Mackey",
    "ProtocolName": "vNav_MPRAGE_1mm_p3",
    "PulseSequenceDetails": "%CustomerSeq%_tfl_mgh_epinav_ABCD",
    "ReceiveCoilActiveElements": "HEA;HEP",
    "ReceiveCoilName": "Head_32",
    "ReconMatrixPE": 256,
    "RefLinesPE": 32,
    "RepetitionTime": 2.53,
    "SAR": 0.0412238,
    "ScanOptions": "IR_WE",
    "ScanningSequence": "GR_IR",
    "SequenceName": "tfl3d4_16ns",
    "SequenceVariant": "SK_SP_MP",
    "SeriesDescription": "vNav_MPRAGE_1mm_p3_RMS",
    "SeriesNumber": 9,
    "ShimSetting": [
      3808,
      2432,
      466,
      374,
      -48,
      -56,
      95,
      1
    ],
    "SliceThickness": 1,
    "SoftwareVersions": "syngo_MR_E11",
    "StationName": "AWP66044",
    "TxRefAmp": 216.778,
    "WipMemBlock": "Prisma_epi_moco_navigator_ABCD_tfl.prot",
    "dataset": "ds004228",
    "modality": "T1w",
    "run_id": 1,
    "session_id": "01",
    "subject_id": "26"
  },
  "cjv": 0.3372770206743725,
  "cnr": 4.043972236858491,
  "efc": 0.5723196891744164,
  "fber": 24581.86438074635,
  "fwhm_avg": 3.4928733333333333,
  "fwhm_x": 3.66088,
  "fwhm_y": 3.57609,
  "fwhm_z": 3.24165,
  "icvs_csf": 0.1347624547039201,
  "icvs_gm": 0.5451593510718659,
  "icvs_wm": 0.320078194224214,
  "inu_med": 0.5063494443893433,
  "inu_range": 0.23289407193660738,
  "provenance": {
    "md5sum": "7c00bdbb1a2309c75d17a2172443f2d0",
    "settings": {
      "testing": false
    },
    "software": "mriqc",
    "version": "23.0.1",
    "warnings": {
      "large_rot_frame": true,
      "small_air_mask": false
    },
    "webapi_port": null,
    "webapi_url": "https://mriqc.nimh.nih.gov/api/v1"
  },
  "qi_1": 0.0,
  "qi_2": 0.0028758166075557754,
  "rpve_csf": 36.73490498724951,
  "rpve_gm": 10.615231771422822,
  "rpve_wm": 17.64903012921331,
  "size_x": 176,
  "size_y": 256,
  "size_z": 256,
  "snr_csf": 2.5578508397438875,
  "snr_gm": 18.371137159970957,
  "snr_total": 14.810853359312896,
  "snr_wm": 23.503572078223847,
  "snrd_csf": 35.635026225409796,
  "snrd_gm": 80.31924781839612,
  "snrd_total": 73.95190489611954,
  "snrd_wm": 105.90144064455271,
  "spacing_x": 1.0,
  "spacing_y": 1.0,
  "spacing_z": 1.0,
  "summary_bg_k": 7.401833670479613,
  "summary_bg_mad": 6.186283926067838,
  "summary_bg_mean": 5.522616359726156,
  "summary_bg_median": 4.172585099935532,
  "summary_bg_n": 1929901.0,
  "summary_bg_p05": 0.0,
  "summary_bg_p95": 20.419033467769623,
  "summary_bg_stdv": 7.327299401175262,
  "summary_csf_k": 4.911278324869839,
  "summary_csf_mad": 94.66988752817643,
  "summary_csf_mean": 346.16147612125894,
  "summary_csf_median": 336.49235478788614,
  "summary_csf_n": 19675.0,
  "summary_csf_p05": 124.22540458962321,
  "summary_csf_p95": 568.4259414598346,
  "summary_csf_stdv": 131.5494235175811,
  "summary_gm_k": 0.10586005690088651,
  "summary_gm_mad": 40.80314929959638,
  "summary_gm_mean": 757.9169675437121,
  "summary_gm_median": 758.4339257180691,
  "summary_gm_n": 92766.0,
  "summary_gm_p05": 688.9204335212708,
  "summary_gm_p95": 824.4129276107997,
  "summary_gm_stdv": 41.28377199600898,
  "summary_wm_k": 0.560391722797938,
  "summary_wm_mad": 40.67152623733961,
  "summary_wm_mean": 999.5858364085585,
  "summary_wm_median": 999.9999694824219,
  "summary_wm_n": 158823.0,
  "summary_wm_p05": 929.7762500345707,
  "summary_wm_p95": 1068.0486179739237,
  "summary_wm_stdv": 42.54658900318482,
  "tpm_overlap_csf": 0.1359035978960986,
  "tpm_overlap_gm": 0.4785301831256334,
  "tpm_overlap_wm": 0.46549435281253826,
  "wm2max": 0.8759652135502767
}