{
  "bids_meta": {
    "AcquisitionMatrixPE": 256,
    "AcquisitionNumber": 1,
    "AcquisitionTime": "09:10:34.697500",
    "BaseResolution": 256,
    "BodyPartExamined": "BRAIN",
    "ConsistencyInfo": "N4_VE11C_LATEST_20160120",
    "ConversionSoftware": "dcm2niix",
    "ConversionSoftwareVersion": "v1.0.20190410  GCC6.3.0",
    "DeviceSerialNumber": "66044",
    "EchoTime": 0.00169,
    "FlipAngle": 7,
    "ImageComments": "825656_CBPD0096_2_662962",
    "ImageOrientationPatientDICOM": [
      -0.0285584,
      0.976721,
      0.212603,
      -0.0564274,
      0.210776,
      -0.975905
    ],
    "ImageType": [
      "ORIGINAL",
      "PRIMARY",
      "OTHER",
      "ND",
      "NORM",
      "MEAN"
    ],
    "ImagingFrequency": 123.263,
    "InPlanePhaseEncodingDirectionDICOM": "ROW",
    "InstitutionAddress": "Curie_Blvd._422_Philadelphia_PA_US_19104",
    "InstitutionName": "Hospital_Univ._of_Pennsylvania",
    "InversionTime": 1.33,
    "MRAcquisitionType": "3D",
    "MagneticFieldStrength": 3,
    "Manufacturer": "Siemens",
    "ManufacturersModelName": "Prisma",
    "Modality": "MR",
    "NumberOfAverages": 4,
    "PartialFourier": 1,
    "PatientPosition": "HFS",
    "PercentPhaseFOV": 100,
    "PhaseEncodingSteps": 255,
    "PhaseResolution": 1,
    "PixelBandwidth": 650,
    "ProcedureStepDescription": "CAMRIS_Mackey",
    "ProtocolName": "vNav_MPRAGE_1mm_p3",
    "PulseSequenceDetails": "%CustomerSeq%_tfl_mgh_epinav_ABCD",
    "ReceiveCoilActiveElements": "HEA;HEP",
    "ReceiveCoilName": "Head_32",
    "ReconMatrixPE": 256,
    "RefLinesPE": 32,
    "RepetitionTime": 2.53,
    "SAR": 0.036065,
    "ScanOptions": "IR_WE",
    "ScanningSequence": "GR_IR",
    "SequenceName": "tfl3d4_16ns",
    "SequenceVariant": "SK_SP_MP",
    "SeriesDescription": "vNav_MPRAGE_1mm_p3_RMS",
    "SeriesNumber": 9,
    "ShimSetting": [
      3763,
      2411,
      369,
      627,
      -52,
      -41,
      -2,
      1
    ],
    "SliceThickness": 1,
    "SoftwareVersions": "syngo_MR_E11",
    "StationName": "AWP66044",
    "TxRefAmp": 229.03,
    "WipMemBlock": "Prisma_epi_moco_navigator_ABCD_tfl.prot",
    "dataset": "ds004228",
    "modality": "T1w",
    "run_id": 1,
    "session_id": "01",
    "subject_id": "08"
  },
  "cjv": 0.349051194700469,
  "cnr": 3.791540709013675,
  "efc": 0.5760040844452493,
  "fber": 11138.468027290108,
  "fwhm_avg": 3.62696,
  "fwhm_x": 3.82353,
  "fwhm_y": 3.69414,
  "fwhm_z": 3.36321,
  "icvs_csf": 0.1637212727416797,
  "icvs_gm": 0.4827752641453029,
  "icvs_wm": 0.3535034631130174,
  "inu_med": 0.4018218666315079,
  "inu_range": 0.1565393328666687,
  "provenance": {
    "md5sum": "0b6a46a27a6c5e9b01bfd7354f407330",
    "settings": {
      "testing": false
    },
    "software": "mriqc",
    "version": "23.0.1",
    "warnings": {
      "large_rot_frame": true,
      "small_air_mask": false
    },
    "webapi_port": null,
    "webapi_url": "https://mriqc.nimh.nih.gov/api/v1"
  },
  "qi_1": 3.0464266720747993e-06,
  "qi_2": 0.0016970351710722407,
  "rpve_csf": 34.89694241105085,
  "rpve_gm": 13.144622343373223,
  "rpve_wm": 19.052939279492534,
  "size_x": 176,
  "size_y": 256,
  "size_z": 256,
  "snr_csf": 2.591664559007974,
  "snr_gm": 17.150380560748548,
  "snr_total": 15.140221110941086,
  "snr_wm": 25.678618213066738,
  "snrd_csf": 25.862768249130514,
  "snrd_gm": 56.93659707664942,
  "snrd_total": 52.21160756371942,
  "snrd_wm": 73.83545736537835,
  "spacing_x": 1.0,
  "spacing_y": 1.0,
  "spacing_z": 1.0,
  "summary_bg_k": 4.909426107910102,
  "summary_bg_mad": 8.872923678351562,
  "summary_bg_mean": 8.895008654126046,
  "summary_bg_median": 5.984696075320244,
  "summary_bg_n": 2096932.0,
  "summary_bg_p05": 0.0,
  "summary_bg_p95": 30.09447169303894,
  "summary_bg_stdv": 10.278404482719129,
  "summary_csf_k": 0.6549351304504394,
  "summary_csf_mad": 109.88165305244301,
  "summary_csf_mean": 367.2788973733277,
  "summary_csf_median": 350.275711722672,
  "summary_csf_n": 21950.0,
  "summary_csf_p05": 126.99952550120652,
  "summary_csf_p95": 600.9297450972721,
  "summary_csf_stdv": 135.15164663912762,
  "summary_gm_k": 0.2766201379082265,
  "summary_gm_mad": 43.509015037059626,
  "summary_gm_mean": 770.349544409522,
  "summary_gm_median": 771.1280893050134,
  "summary_gm_n": 46195.0,
  "summary_gm_p05": 695.1010752338916,
  "summary_gm_p95": 842.0104021428152,
  "summary_gm_stdv": 44.9622525916008,
  "summary_wm_k": 0.41718662662144057,
  "summary_wm_mad": 36.378987081241405,
  "summary_wm_mean": 999.9748789454452,
  "summary_wm_median": 999.9999663569033,
  "summary_wm_n": 170531.0,
  "summary_wm_p05": 935.8889096500352,
  "summary_wm_p95": 1064.4423187393695,
  "summary_wm_stdv": 38.94278991326811,
  "tpm_overlap_csf": 0.13316241246444963,
  "tpm_overlap_gm": 0.45771585555991406,
  "tpm_overlap_wm": 0.46753203771552976,
  "wm2max": 0.902475814295313
}