{
  "bids_meta": {
    "AcquisitionMatrixPE": 256,
    "AcquisitionNumber": 1,
    "AcquisitionTime": "13:51:44.027500",
    "BaseResolution": 256,
    "BodyPartExamined": "BRAIN",
    "ConsistencyInfo": "N4_VE11C_LATEST_20160120",
    "ConversionSoftware": "dcm2niix",
    "ConversionSoftwareVersion": "v1.0.20190410  GCC6.3.0",
    "DeviceSerialNumber": "66044",
    "EchoTime": 0.00169,
    "FlipAngle": 7,
    "ImageComments": "CBPD0195@mackeylab:CBPD_data",
    "ImageOrientationPatientDICOM": [
      0.043509,
      0.999035,
      0.00592023,
      -0.0679228,
      0.00887012,
      -0.997651
    ],
    "ImageType": [
      "ORIGINAL",
      "PRIMARY",
      "OTHER",
      "ND",
      "NORM",
      "MEAN"
    ],
    "ImagingFrequency": 123.263,
    "InPlanePhaseEncodingDirectionDICOM": "ROW",
    "InstitutionAddress": "Curie_Blvd._422_Philadelphia_PA_US_19104",
    "InstitutionName": "SC3T",
    "InversionTime": 1.33,
    "MRAcquisitionType": "3D",
    "MagneticFieldStrength": 3,
    "Manufacturer": "Siemens",
    "ManufacturersModelName": "Prisma",
    "Modality": "MR",
    "NumberOfAverages": 4,
    "PartialFourier": 1,
    "PatientPosition": "HFS",
    "PercentPhaseFOV": 100,
    "PhaseEncodingSteps": 255,
    "PhaseResolution": 1,
    "PixelBandwidth": 650,
    "ProcedureStepDescription": "CAMRIS_Mackey",
    "ProtocolName": "vNav_MPRAGE_1mm_p3",
    "PulseSequenceDetails": "%CustomerSeq%_tfl_mgh_epinav_ABCD",
    "ReceiveCoilActiveElements": "HEA;HEP",
    "ReceiveCoilName": "Head_32",
    "ReconMatrixPE": 256,
    "RefLinesPE": 32,
    "RepetitionTime": 2.53,
    "SAR": 0.0382076,
    "ScanOptions": "IR_WE",
    "ScanningSequence": "GR_IR",
    "SequenceName": "tfl3d4_16ns",
    "SequenceVariant": "SK_SP_MP",
    "SeriesDescription": "vNav_MPRAGE_1mm_p3_RMS",
    "SeriesNumber": 9,
    "ShimSetting": [
      3728,
      2413,
      453,
      355,
      -16,
      -323,
      77,
      101
    ],
    "SliceThickness": 1,
    "SoftwareVersions": "syngo_MR_E11",
    "StationName": "AWP66044",
    "TxRefAmp": 221.877,
    "WipMemBlock": "Prisma_epi_moco_navigator_ABCD_tfl.prot",
    "dataset": "ds004228",
    "modality": "T1w",
    "run_id": 1,
    "session_id": "01",
    "subject_id": "21"
  },
  "cjv": 0.3042868251495521,
  "cnr": 4.416378573465293,
  "efc": 0.5676896141539727,
  "fber": 31605.451340866923,
  "fwhm_avg": 3.629243333333333,
  "fwhm_x": 3.72099,
  "fwhm_y": 3.78389,
  "fwhm_z": 3.38285,
  "icvs_csf": 0.14440190492093502,
  "icvs_gm": 0.5251526852798462,
  "icvs_wm": 0.3304454097992189,
  "inu_med": 0.46095770597457886,
  "inu_range": 0.21976287066936484,
  "provenance": {
    "md5sum": "0f6071304f0c144b7e65989ffdb057ed",
    "settings": {
      "testing": false
    },
    "software": "mriqc",
    "version": "23.0.1",
    "warnings": {
      "large_rot_frame": true,
      "small_air_mask": false
    },
    "webapi_port": null,
    "webapi_url": "https://mriqc.nimh.nih.gov/api/v1"
  },
  "qi_1": 0.0,
  "qi_2": 0.0030525157787323217,
  "rpve_csf": 33.07464506902557,
  "rpve_gm": 10.734913086257789,
  "rpve_wm": 17.621180927409924,
  "size_x": 176,
  "size_y": 256,
  "size_z": 256,
  "snr_csf": 2.8779347816226672,
  "snr_gm": 18.088718918072928,
  "snr_total": 15.786287992791465,
  "snr_wm": 26.3922102786788,
  "snrd_csf": 42.36305327786213,
  "snrd_gm": 91.37752560835766,
  "snrd_total": 85.15533292862364,
  "snrd_wm": 121.72541989965111,
  "spacing_x": 1.0,
  "spacing_y": 1.0,
  "spacing_z": 1.0,
  "summary_bg_k": 6.234404047475726,
  "summary_bg_mad": 0.0,
  "summary_bg_mean": 3.529047928955725,
  "summary_bg_median": 0.0,
  "summary_bg_n": 2189108.0,
  "summary_bg_p05": 0.0,
  "summary_bg_p95": 14.574898447841406,
  "summary_bg_stdv": 5.382083589161752,
  "summary_csf_k": 1.1763431594504112,
  "summary_csf_mad": 101.46056477768894,
  "summary_csf_mean": 363.50276658780444,
  "summary_csf_median": 348.02141024917364,
  "summary_csf_n": 18791.0,
  "summary_csf_p05": 177.45853056386113,
  "summary_csf_p95": 579.992150599137,
  "summary_csf_stdv": 120.92426556242035,
  "summary_gm_k": 0.34143685946546576,
  "summary_gm_mad": 39.77099237659792,
  "summary_gm_mean": 750.2314100231837,
  "summary_gm_median": 750.6856297329068,
  "summary_gm_n": 74289.0,
  "summary_gm_p05": 681.36344249174,
  "summary_gm_p95": 817.317468335852,
  "summary_gm_stdv": 41.49993046205249,
  "summary_wm_k": 0.5003663434631478,
  "summary_wm_mad": 36.0920787682466,
  "summary_wm_mean": 999.2923969792622,
  "summary_wm_median": 999.9999768380076,
  "summary_wm_n": 174691.0,
  "summary_wm_p05": 936.8159636743367,
  "summary_wm_p95": 1060.1279629077762,
  "summary_wm_stdv": 37.889858563500326,
  "tpm_overlap_csf": 0.1477166990314439,
  "tpm_overlap_gm": 0.4757727063071918,
  "tpm_overlap_wm": 0.48713339756839447,
  "wm2max": 0.8829159171624925
}