{
  "aor": 0.0010901333333333332,
  "aqi": 0.006155179333333333,
  "bids_meta": {
    "AcquisitionMatrixPE": 96,
    "AcquisitionNumber": 1,
    "AcquisitionTime": "09:15:26.705000",
    "BandwidthPerPixelPhaseEncode": 16.276,
    "BaseResolution": 96,
    "BodyPartExamined": "BRAIN",
    "ConsistencyInfo": "N4_VE11C_LATEST_20160120",
    "ConversionSoftware": "dcm2niix",
    "ConversionSoftwareVersion": "v1.0.20190410  GCC6.3.0",
    "DerivedVendorReportedEchoSpacing": 0.000640002,
    "DeviceSerialNumber": "66044",
    "EchoTime": 0.0302,
    "EchoTrainLength": 84,
    "EffectiveEchoSpacing": 0.000640002,
    "FlipAngle": 90,
    "ImageComments": "Unaliased_MB3_PE3_CBPD0074_3@mackeylab:CBPD_data",
    "ImageOrientationPatientDICOM": [
      0.993823,
      0.104382,
      0.0376963,
      -0.110421,
      0.964076,
      0.241586
    ],
    "ImageType": [
      "ORIGINAL",
      "PRIMARY",
      "M",
      "MB",
      "ND",
      "MOSAIC"
    ],
    "ImagingFrequency": 123.263,
    "InPlanePhaseEncodingDirectionDICOM": "COL",
    "InstitutionAddress": "Curie_Blvd._422_Philadelphia_PA_US_19104",
    "InstitutionName": "SC3T",
    "MRAcquisitionType": "2D",
    "MagneticFieldStrength": 3,
    "Manufacturer": "Siemens",
    "ManufacturersModelName": "Prisma",
    "Modality": "MR",
    "MultibandAccelerationFactor": 3,
    "PartialFourier": 0.875,
    "PatientPosition": "HFS",
    "PercentPhaseFOV": 100,
    "PhaseEncodingDirection": "j-",
    "PhaseEncodingSteps": 84,
    "PhaseResolution": 1,
    "PixelBandwidth": 1860,
    "ProcedureStepDescription": "CAMRIS_Mackey",
    "ProtocolName": "BOLD_piper",
    "PulseSequenceDetails": "%CustomerSeq%_cmrr_mbep2d_bold",
    "ReceiveCoilActiveElements": "HEA;HEP",
    "ReceiveCoilName": "Head_32",
    "ReconMatrixPE": 96,
    "RepetitionTime": 2,
    "SAR": 0.0816903,
    "ScanOptions": "PFP_FS_EXT",
    "ScanningSequence": "EP",
    "SequenceName": "epfid2d1_96",
    "SequenceVariant": "SK_SS",
    "SeriesDescription": "BOLD_piper",
    "SeriesNumber": 17,
    "ShimSetting": [
      3757,
      2437,
      464,
      499,
      -22,
      -193,
      174,
      -20
    ],
    "SliceThickness": 2,
    "SliceTiming": [
      0,
      0.0775,
      0.1575,
      0.2375,
      0.315,
      0.395,
      0.475,
      0.5525,
      0.6325,
      0.7125,
      0.79,
      0.87,
      0.95,
      1.0275,
      1.1075,
      1.1875,
      1.265,
      1.345,
      1.425,
      1.5025,
      1.5825,
      1.6625,
      1.7425,
      1.82,
      1.9,
      0,
      0.0775,
      0.1575,
      0.2375,
      0.315,
      0.395,
      0.475,
      0.5525,
      0.6325,
      0.7125,
      0.79,
      0.87,
      0.95,
      1.0275,
      1.1075,
      1.1875,
      1.265,
      1.345,
      1.425,
      1.5025,
      1.5825,
      1.6625,
      1.7425,
      1.82,
      1.9,
      0,
      0.0775,
      0.1575,
      0.2375,
      0.315,
      0.395,
      0.475,
      0.5525,
      0.6325,
      0.7125,
      0.79,
      0.87,
      0.95,
      1.0275,
      1.1075,
      1.1875,
      1.265,
      1.345,
      1.425,
      1.5025,
      1.5825,
      1.6625,
      1.7425,
      1.82,
      1.9
    ],
    "SoftwareVersions": "syngo_MR_E11",
    "SpacingBetweenSlices": 2,
    "StationName": "AWP66044",
    "TaskName": "piper",
    "TotalReadoutTime": 0.0608002,
    "TxRefAmp": 217.124,
    "WipMemBlock": "d0390ed3-691d-4146-829e-2b79333c7bf4||Sequence: R016 ve11c/master r/e634e98; Dec 19 2017 11:00:25 by eja",
    "dataset": "ds004228",
    "modality": "bold",
    "run_id": 1,
    "session_id": "01",
    "subject_id": "06",
    "task_id": "piper"
  },
  "dummy_trs": 0,
  "dvars_nstd": 37.623913617852345,
  "dvars_std": 1.2270771094630881,
  "dvars_vstd": 0.9529908840939595,
  "efc": 0.531056054796437,
  "fber": 728.6116943359375,
  "fd_mean": 0.1064288282412273,
  "fd_num": 7,
  "fd_perc": 4.666666666666667,
  "fwhm_avg": 3.5651083333333333,
  "fwhm_x": 3.34482,
  "fwhm_y": 3.743845,
  "fwhm_z": 3.60666,
  "gcor": 0.0114555,
  "gsr_x": -0.01041481550782919,
  "gsr_y": 0.0523458831012249,
  "provenance": {
    "md5sum": "7e598b8efb28d59ec2b7cdcb8bfaf3f6",
    "settings": {
      "fd_thres": 0.2,
      "testing": false
    },
    "software": "mriqc",
    "version": "23.0.1",
    "webapi_port": null,
    "webapi_url": "https://mriqc.nimh.nih.gov/api/v1"
  },
  "size_t": 150,
  "size_x": 96,
  "size_y": 96,
  "size_z": 75,
  "snr": 2.38313779502349,
  "spacing_tr": 2.0,
  "spacing_x": 2.0,
  "spacing_y": 2.0,
  "spacing_z": 2.0,
  "summary_bg_k": 21.190589049987782,
  "summary_bg_mad": 97.00172054615413,
  "summary_bg_mean": 509.91412353515625,
  "summary_bg_median": 255.23333740234375,
  "summary_bg_n": 443135.0,
  "summary_bg_p05": 174.63799896240235,
  "summary_bg_p95": 1902.582739257812,
  "summary_bg_stdv": 693.6537475585938,
  "summary_fg_k": 0.1533884623363857,
  "summary_fg_mad": 2970.843465322263,
  "summary_fg_mean": 7494.41015625,
  "summary_fg_median": 6959.2236328125,
  "summary_fg_n": 154112.0,
  "summary_fg_p05": 3715.9091186523438,
  "summary_fg_p95": 12902.123730468746,
  "summary_fg_stdv": 2920.18408203125,
  "tsnr": 43.11007976997644
}