{
  "bids_meta": {
    "AcquisitionMatrixPE": 256,
    "AcquisitionNumber": 1,
    "AcquisitionTime": "10:27:25.780000",
    "BaseResolution": 256,
    "BodyPartExamined": "BRAIN",
    "ConsistencyInfo": "N4_VE11C_LATEST_20160120",
    "ConversionSoftware": "dcm2niix",
    "ConversionSoftwareVersion": "v1.0.20190410  GCC6.3.0",
    "DeviceSerialNumber": "66044",
    "EchoTime": 0.00169,
    "FlipAngle": 7,
    "ImageComments": "CBPD0198@mackeylab:CBPD_data",
    "ImageOrientationPatientDICOM": [
      -0.0442325,
      0.989715,
      0.136046,
      0.128454,
      0.140683,
      -0.981686
    ],
    "ImageType": [
      "ORIGINAL",
      "PRIMARY",
      "OTHER",
      "ND",
      "NORM",
      "MEAN"
    ],
    "ImagingFrequency": 123.263,
    "InPlanePhaseEncodingDirectionDICOM": "ROW",
    "InstitutionAddress": "Curie_Blvd._422_Philadelphia_PA_US_19104",
    "InstitutionName": "SC3T",
    "InversionTime": 1.33,
    "MRAcquisitionType": "3D",
    "MagneticFieldStrength": 3,
    "Manufacturer": "Siemens",
    "ManufacturersModelName": "Prisma",
    "Modality": "MR",
    "NumberOfAverages": 4,
    "PartialFourier": 1,
    "PatientPosition": "HFS",
    "PercentPhaseFOV": 100,
    "PhaseEncodingSteps": 255,
    "PhaseResolution": 1,
    "PixelBandwidth": 650,
    "ProcedureStepDescription": "CAMRIS_Mackey",
    "ProtocolName": "vNav_MPRAGE_1mm_p3",
    "PulseSequenceDetails": "%CustomerSeq%_tfl_mgh_epinav_ABCD",
    "ReceiveCoilActiveElements": "HEA;HEP",
    "ReceiveCoilName": "Head_32",
    "ReconMatrixPE": 256,
    "RefLinesPE": 32,
    "RepetitionTime": 2.53,
    "SAR": 0.0342251,
    "ScanOptions": "IR_WE",
    "ScanningSequence": "GR_IR",
    "SequenceName": "tfl3d4_16ns",
    "SequenceVariant": "SK_SP_MP",
    "SeriesDescription": "vNav_MPRAGE_1mm_p3_RMS",
    "SeriesNumber": 9,
    "ShimSetting": [
      3818,
      2421,
      449,
      411,
      28,
      -145,
      42,
      47
    ],
    "SliceThickness": 1,
    "SoftwareVersions": "syngo_MR_E11",
    "StationName": "AWP66044",
    "TxRefAmp": 219.143,
    "WipMemBlock": "Prisma_epi_moco_navigator_ABCD_tfl.prot",
    "dataset": "ds004228",
    "modality": "T1w",
    "run_id": 1,
    "session_id": "01",
    "subject_id": "23"
  },
  "cjv": 0.32643319554140005,
  "cnr": 4.157045974835104,
  "efc": 0.5795313936605618,
  "fber": 20665.346002072703,
  "fwhm_avg": 3.6069899999999997,
  "fwhm_x": 3.81555,
  "fwhm_y": 3.5726,
  "fwhm_z": 3.43282,
  "icvs_csf": 0.16089114146638653,
  "icvs_gm": 0.5204603770193499,
  "icvs_wm": 0.3186484815142636,
  "inu_med": 0.5076419711112976,
  "inu_range": 0.23451389968395236,
  "provenance": {
    "md5sum": "63efadb1a27c1e8eb59130bc38eda82e",
    "settings": {
      "testing": false
    },
    "software": "mriqc",
    "version": "23.0.1",
    "warnings": {
      "large_rot_frame": true,
      "small_air_mask": false
    },
    "webapi_port": null,
    "webapi_url": "https://mriqc.nimh.nih.gov/api/v1"
  },
  "qi_1": 0.0,
  "qi_2": 0.001477636104333981,
  "rpve_csf": 32.13017330682868,
  "rpve_gm": 11.293585480687682,
  "rpve_wm": 18.59239685304186,
  "size_x": 176,
  "size_y": 256,
  "size_z": 256,
  "snr_csf": 2.8430593579738215,
  "snr_gm": 18.25294968235441,
  "snr_total": 15.09261817091764,
  "snr_wm": 24.18184547242469,
  "snrd_csf": 34.60104167061292,
  "snrd_gm": 76.53594948831349,
  "snrd_total": 70.89018355110754,
  "snrd_wm": 101.53355949439619,
  "spacing_x": 1.0,
  "spacing_y": 1.0,
  "spacing_z": 1.0,
  "summary_bg_k": 7.234608087349086,
  "summary_bg_mad": 6.452559431439789,
  "summary_bg_mean": 7.159164284231437,
  "summary_bg_median": 4.352185199037194,
  "summary_bg_n": 1862347.0,
  "summary_bg_p05": 0.0,
  "summary_bg_p95": 26.477692153304815,
  "summary_bg_stdv": 9.594200487380483,
  "summary_csf_k": 3.8765346056264756,
  "summary_csf_mad": 89.42369013100064,
  "summary_csf_mean": 352.60060583356983,
  "summary_csf_median": 340.79205150157213,
  "summary_csf_n": 26158.0,
  "summary_csf_p05": 165.31467863358557,
  "summary_csf_p95": 565.7191348914988,
  "summary_csf_stdv": 119.86578344766448,
  "summary_gm_k": 0.21789294083253496,
  "summary_gm_mad": 40.37072523858926,
  "summary_gm_mean": 753.1690669778374,
  "summary_gm_median": 753.8167055211961,
  "summary_gm_n": 72445.0,
  "summary_gm_p05": 683.8855203073472,
  "summary_gm_p95": 819.0766971968114,
  "summary_gm_stdv": 41.29806502174319,
  "summary_wm_k": 0.29061979166740537,
  "summary_wm_mad": 39.9991118681922,
  "summary_wm_mean": 998.940184817288,
  "summary_wm_median": 1000.0227844510227,
  "summary_wm_n": 151765.0,
  "summary_wm_p05": 930.3194623365998,
  "summary_wm_p95": 1065.282776126638,
  "summary_wm_stdv": 41.35414275736834,
  "tpm_overlap_csf": 0.14025180455785344,
  "tpm_overlap_gm": 0.4740631593115156,
  "tpm_overlap_wm": 0.47383403559270426,
  "wm2max": 0.8798369594172021
}