{
  "bids_meta": {
    "AcquisitionMatrixPE": 256,
    "AcquisitionNumber": 1,
    "AcquisitionTime": "10:14:30.930000",
    "BaseResolution": 256,
    "BodyPartExamined": "BRAIN",
    "ConsistencyInfo": "N4_VE11C_LATEST_20160120",
    "ConversionSoftware": "dcm2niix",
    "ConversionSoftwareVersion": "v1.0.20190410  GCC6.3.0",
    "DeviceSerialNumber": "66044",
    "EchoTime": 0.00169,
    "FlipAngle": 7,
    "ImageComments": "CBPD0194@mackeylab:CBPD_data",
    "ImageOrientationPatientDICOM": [
      -0.0881281,
      0.992953,
      0.0792352,
      0.0415859,
      0.0831429,
      -0.99567
    ],
    "ImageType": [
      "ORIGINAL",
      "PRIMARY",
      "OTHER",
      "ND",
      "NORM",
      "MEAN"
    ],
    "ImagingFrequency": 123.263,
    "InPlanePhaseEncodingDirectionDICOM": "ROW",
    "InstitutionAddress": "Curie_Blvd._422_Philadelphia_PA_US_19104",
    "InstitutionName": "SC3T",
    "InversionTime": 1.33,
    "MRAcquisitionType": "3D",
    "MagneticFieldStrength": 3,
    "Manufacturer": "Siemens",
    "ManufacturersModelName": "Prisma",
    "Modality": "MR",
    "NumberOfAverages": 4,
    "PartialFourier": 1,
    "PatientPosition": "HFS",
    "PercentPhaseFOV": 100,
    "PhaseEncodingSteps": 255,
    "PhaseResolution": 1,
    "PixelBandwidth": 650,
    "ProcedureStepDescription": "CAMRIS_Mackey",
    "ProtocolName": "vNav_MPRAGE_1mm_p3",
    "PulseSequenceDetails": "%CustomerSeq%_tfl_mgh_epinav_ABCD",
    "ReceiveCoilActiveElements": "HEA;HEP",
    "ReceiveCoilName": "Head_32",
    "ReconMatrixPE": 256,
    "RefLinesPE": 32,
    "RepetitionTime": 2.53,
    "SAR": 0.0411957,
    "ScanOptions": "IR_WE",
    "ScanningSequence": "GR_IR",
    "SequenceName": "tfl3d4_16ns",
    "SequenceVariant": "SK_SP_MP",
    "SeriesDescription": "vNav_MPRAGE_1mm_p3_RMS",
    "SeriesNumber": 9,
    "ShimSetting": [
      3776,
      2371,
      440,
      290,
      -54,
      -374,
      115,
      -22
    ],
    "SliceThickness": 1,
    "SoftwareVersions": "syngo_MR_E11",
    "StationName": "AWP66044",
    "TxRefAmp": 218.516,
    "WipMemBlock": "Prisma_epi_moco_navigator_ABCD_tfl.prot",
    "dataset": "ds004228",
    "modality": "T1w",
    "run_id": 1,
    "session_id": "01",
    "subject_id": "20"
  },
  "cjv": 0.329876911812247,
  "cnr": 4.076609786883369,
  "efc": 0.57762466597179,
  "fber": 23068.098346062776,
  "fwhm_avg": 3.5244932000397804,
  "fwhm_x": 3.6092796001193417,
  "fwhm_y": 3.6818,
  "fwhm_z": 3.2824,
  "icvs_csf": 0.1597770565056137,
  "icvs_gm": 0.5282903686711133,
  "icvs_wm": 0.3119325748232729,
  "inu_med": 0.4752831310033798,
  "inu_range": 0.19926384687423704,
  "provenance": {
    "md5sum": "2bd8e97b4f59b437632d8e5da3b5f624",
    "settings": {
      "testing": false
    },
    "software": "mriqc",
    "version": "23.0.1",
    "warnings": {
      "large_rot_frame": true,
      "small_air_mask": false
    },
    "webapi_port": null,
    "webapi_url": "https://mriqc.nimh.nih.gov/api/v1"
  },
  "qi_1": 0.0,
  "qi_2": 0.001889546269529231,
  "rpve_csf": 35.125190540614994,
  "rpve_gm": 12.429601094116942,
  "rpve_wm": 21.38276996084591,
  "size_x": 176,
  "size_y": 256,
  "size_z": 256,
  "snr_csf": 2.9080693395077173,
  "snr_gm": 16.803253268240024,
  "snr_total": 14.725038772650029,
  "snr_wm": 24.46379371020235,
  "snrd_csf": 39.339086295145385,
  "snrd_gm": 78.47503216224483,
  "snrd_total": 74.12985142557129,
  "snrd_wm": 104.57543581932364,
  "spacing_x": 0.9998920559883118,
  "spacing_y": 1.0,
  "spacing_z": 1.0,
  "summary_bg_k": 4.07534845961478,
  "summary_bg_mad": 6.264850752288439,
  "summary_bg_mean": 7.275587574765785,
  "summary_bg_median": 4.2255776189267635,
  "summary_bg_n": 1662310.0,
  "summary_bg_p05": 0.0,
  "summary_bg_p95": 26.635157503187656,
  "summary_bg_stdv": 9.113027486550182,
  "summary_csf_k": 0.6950898526506344,
  "summary_csf_mad": 115.26137734779013,
  "summary_csf_mean": 388.7526334696031,
  "summary_csf_median": 376.18655347265303,
  "summary_csf_n": 14996.0,
  "summary_csf_p05": 172.27740031667054,
  "summary_csf_p95": 606.3854081416503,
  "summary_csf_stdv": 129.3552410379137,
  "summary_gm_k": 0.18283206251825845,
  "summary_gm_mad": 43.527351672297875,
  "summary_gm_mean": 749.7262466018013,
  "summary_gm_median": 750.4305428266525,
  "summary_gm_n": 51738.0,
  "summary_gm_p05": 675.2082519577816,
  "summary_gm_p95": 822.0280491029843,
  "summary_gm_stdv": 44.659404854158296,
  "summary_wm_k": 0.42739317870462923,
  "summary_wm_mad": 38.80644518123692,
  "summary_wm_mean": 1000.1254272447363,
  "summary_wm_median": 1000.0199924223125,
  "summary_wm_n": 129578.0,
  "summary_wm_p05": 933.7525216117501,
  "summary_wm_p95": 1067.6492607593536,
  "summary_wm_stdv": 40.87739397675528,
  "tpm_overlap_csf": 0.1488039053699493,
  "tpm_overlap_gm": 0.4881938519796577,
  "tpm_overlap_wm": 0.4909216391812198,
  "wm2max": 0.901207385081846
}