{
  "aor": 0.0032846666666666666,
  "aqi": 0.0090284224,
  "bids_meta": {
    "AcquisitionMatrixPE": 96,
    "AcquisitionNumber": 1,
    "AcquisitionTime": "11:18:15.255000",
    "BandwidthPerPixelPhaseEncode": 16.276,
    "BaseResolution": 96,
    "BodyPartExamined": "BRAIN",
    "ConsistencyInfo": "N4_VE11C_LATEST_20160120",
    "ConversionSoftware": "dcm2niix",
    "ConversionSoftwareVersion": "v1.0.20190410  GCC6.3.0",
    "DerivedVendorReportedEchoSpacing": 0.000640002,
    "DeviceSerialNumber": "66044",
    "EchoTime": 0.0302,
    "EchoTrainLength": 84,
    "EffectiveEchoSpacing": 0.000640002,
    "FlipAngle": 90,
    "ImageComments": "Unaliased_MB3_PE3_CBPD0192@mackeylab:CBPD_data",
    "ImageOrientationPatientDICOM": [
      0.975804,
      0.20959,
      -0.0622721,
      -0.192507,
      0.958605,
      0.209804
    ],
    "ImageType": [
      "ORIGINAL",
      "PRIMARY",
      "M",
      "MB",
      "ND",
      "MOSAIC"
    ],
    "ImagingFrequency": 123.263,
    "InPlanePhaseEncodingDirectionDICOM": "COL",
    "InstitutionAddress": "Curie_Blvd._422_Philadelphia_PA_US_19104",
    "InstitutionName": "Hospital_Univ._of_Pennsylvania",
    "MRAcquisitionType": "2D",
    "MagneticFieldStrength": 3,
    "Manufacturer": "Siemens",
    "ManufacturersModelName": "Prisma",
    "Modality": "MR",
    "MultibandAccelerationFactor": 3,
    "PartialFourier": 0.875,
    "PatientPosition": "HFS",
    "PercentPhaseFOV": 100,
    "PhaseEncodingDirection": "j-",
    "PhaseEncodingSteps": 84,
    "PhaseResolution": 1,
    "PixelBandwidth": 1860,
    "ProcedureStepDescription": "CAMRIS_Mackey",
    "ProtocolName": "BOLD_piper",
    "PulseSequenceDetails": "%CustomerSeq%_cmrr_mbep2d_bold",
    "ReceiveCoilActiveElements": "HEA;HEP",
    "ReceiveCoilName": "Head_32",
    "ReconMatrixPE": 96,
    "RepetitionTime": 2,
    "SAR": 0.0976234,
    "ScanOptions": "PFP_FS_EXT",
    "ScanningSequence": "EP",
    "SequenceName": "epfid2d1_96",
    "SequenceVariant": "SK_SS",
    "SeriesDescription": "BOLD_piper",
    "SeriesNumber": 15,
    "ShimSetting": [
      3729,
      2376,
      468,
      461,
      -86,
      -468,
      75,
      30
    ],
    "SliceThickness": 2,
    "SliceTiming": [
      0,
      0.08,
      0.16,
      0.2375,
      0.3175,
      0.3975,
      0.475,
      0.555,
      0.635,
      0.7125,
      0.7925,
      0.8725,
      0.95,
      1.03,
      1.11,
      1.19,
      1.2675,
      1.3475,
      1.4275,
      1.505,
      1.585,
      1.665,
      1.7425,
      1.8225,
      1.9025,
      0,
      0.08,
      0.16,
      0.2375,
      0.3175,
      0.3975,
      0.475,
      0.555,
      0.635,
      0.7125,
      0.7925,
      0.8725,
      0.95,
      1.03,
      1.11,
      1.19,
      1.2675,
      1.3475,
      1.4275,
      1.505,
      1.585,
      1.665,
      1.7425,
      1.8225,
      1.9025,
      0,
      0.08,
      0.16,
      0.2375,
      0.3175,
      0.3975,
      0.475,
      0.555,
      0.635,
      0.7125,
      0.7925,
      0.8725,
      0.95,
      1.03,
      1.11,
      1.19,
      1.2675,
      1.3475,
      1.4275,
      1.505,
      1.585,
      1.665,
      1.7425,
      1.8225,
      1.9025
    ],
    "SoftwareVersions": "syngo_MR_E11",
    "SpacingBetweenSlices": 2,
    "StationName": "AWP66044",
    "TaskName": "piper",
    "TotalReadoutTime": 0.0608002,
    "TxRefAmp": 218.677,
    "WipMemBlock": "cd5d0691-08c4-4b75-8b5c-d6cedc034b71||Sequence: R016 ve11c/master r/e634e98; Dec 19 2017 11:00:25 by eja",
    "dataset": "ds004228",
    "modality": "bold",
    "run_id": 1,
    "session_id": "01",
    "subject_id": "18",
    "task_id": "piper"
  },
  "dummy_trs": 0,
  "dvars_nstd": 41.20721502107383,
  "dvars_std": 1.1951804898657719,
  "dvars_vstd": 0.9746840501342281,
  "efc": 0.5199259508653122,
  "fber": 676.884765625,
  "fd_mean": 0.1729582085646423,
  "fd_num": 23,
  "fd_perc": 15.333333333333334,
  "fwhm_avg": 3.2651800000000004,
  "fwhm_x": 3.067985,
  "fwhm_y": 3.339575,
  "fwhm_z": 3.38798,
  "gcor": 0.00665341,
  "gsr_x": -0.015776943415403366,
  "gsr_y": 0.05220973119139671,
  "provenance": {
    "md5sum": "10236a3fce51858144311b4eb6f52835",
    "settings": {
      "fd_thres": 0.2,
      "testing": false
    },
    "software": "mriqc",
    "version": "23.0.1",
    "webapi_port": null,
    "webapi_url": "https://mriqc.nimh.nih.gov/api/v1"
  },
  "size_t": 150,
  "size_x": 96,
  "size_y": 96,
  "size_z": 75,
  "snr": 2.7007922108848885,
  "spacing_tr": 2.0,
  "spacing_x": 2.0,
  "spacing_y": 2.0,
  "spacing_z": 2.0,
  "summary_bg_k": 19.65306515893241,
  "summary_bg_mad": 60.79657708497307,
  "summary_bg_mean": 408.4535827636719,
  "summary_bg_median": 222.53334045410156,
  "summary_bg_n": 464278.0,
  "summary_bg_p05": 172.18667602539062,
  "summary_bg_p95": 1420.7640197753897,
  "summary_bg_stdv": 493.65264892578125,
  "summary_fg_k": 1.354204679824119,
  "summary_fg_mad": 1945.2334726822392,
  "summary_fg_mean": 6214.14892578125,
  "summary_fg_median": 5856.5537109375,
  "summary_fg_n": 135365.0,
  "summary_fg_p05": 3428.066748046875,
  "summary_fg_p95": 10371.7267578125,
  "summary_fg_stdv": 2168.44970703125,
  "tsnr": 37.69331895688083
}