{
  "aor": 0.002853933333333334,
  "aqi": 0.014552625133333332,
  "bids_meta": {
    "AcquisitionMatrixPE": 96,
    "AcquisitionNumber": 1,
    "AcquisitionTime": "10:41:26.952500",
    "BandwidthPerPixelPhaseEncode": 16.276,
    "BaseResolution": 96,
    "BodyPartExamined": "BRAIN",
    "ConsistencyInfo": "N4_VE11C_LATEST_20160120",
    "ConversionSoftware": "dcm2niix",
    "ConversionSoftwareVersion": "v1.0.20190410  GCC6.3.0",
    "DerivedVendorReportedEchoSpacing": 0.000640002,
    "DeviceSerialNumber": "66044",
    "EchoTime": 0.0302,
    "EchoTrainLength": 84,
    "EffectiveEchoSpacing": 0.000640002,
    "FlipAngle": 90,
    "ImageComments": "Unaliased_MB3_PE3_CBPD0194@mackeylab:CBPD_data",
    "ImageOrientationPatientDICOM": [
      0.995241,
      0.0844443,
      0.0486195,
      -0.0881227,
      0.99295,
      0.0792755
    ],
    "ImageType": [
      "ORIGINAL",
      "PRIMARY",
      "M",
      "MB",
      "ND",
      "MOSAIC"
    ],
    "ImagingFrequency": 123.263,
    "InPlanePhaseEncodingDirectionDICOM": "COL",
    "InstitutionAddress": "Curie_Blvd._422_Philadelphia_PA_US_19104",
    "InstitutionName": "SC3T",
    "MRAcquisitionType": "2D",
    "MagneticFieldStrength": 3,
    "Manufacturer": "Siemens",
    "ManufacturersModelName": "Prisma",
    "Modality": "MR",
    "MultibandAccelerationFactor": 3,
    "PartialFourier": 0.875,
    "PatientPosition": "HFS",
    "PercentPhaseFOV": 100,
    "PhaseEncodingDirection": "j-",
    "PhaseEncodingSteps": 84,
    "PhaseResolution": 1,
    "PixelBandwidth": 1860,
    "ProcedureStepDescription": "CAMRIS_Mackey",
    "ProtocolName": "BOLD_piper",
    "PulseSequenceDetails": "%CustomerSeq%_cmrr_mbep2d_bold",
    "ReceiveCoilActiveElements": "HEA;HEP",
    "ReceiveCoilName": "Head_32",
    "ReconMatrixPE": 96,
    "RepetitionTime": 2,
    "SAR": 0.0979374,
    "ScanOptions": "PFP_FS_EXT",
    "ScanningSequence": "EP",
    "SequenceName": "epfid2d1_96",
    "SequenceVariant": "SK_SS",
    "SeriesDescription": "BOLD_piper",
    "SeriesNumber": 15,
    "ShimSetting": [
      3787,
      2369,
      487,
      468,
      -35,
      -360,
      90,
      -16
    ],
    "SliceThickness": 2,
    "SliceTiming": [
      0,
      0.08,
      0.16,
      0.2375,
      0.3175,
      0.3975,
      0.475,
      0.555,
      0.635,
      0.7125,
      0.7925,
      0.8725,
      0.95,
      1.03,
      1.11,
      1.1875,
      1.2675,
      1.3475,
      1.425,
      1.505,
      1.585,
      1.6625,
      1.7425,
      1.8225,
      1.9,
      0,
      0.08,
      0.16,
      0.2375,
      0.3175,
      0.3975,
      0.475,
      0.555,
      0.635,
      0.7125,
      0.7925,
      0.8725,
      0.95,
      1.03,
      1.11,
      1.1875,
      1.2675,
      1.3475,
      1.425,
      1.505,
      1.585,
      1.6625,
      1.7425,
      1.8225,
      1.9,
      0,
      0.08,
      0.16,
      0.2375,
      0.3175,
      0.3975,
      0.475,
      0.555,
      0.635,
      0.7125,
      0.7925,
      0.8725,
      0.95,
      1.03,
      1.11,
      1.1875,
      1.2675,
      1.3475,
      1.425,
      1.505,
      1.585,
      1.6625,
      1.7425,
      1.8225,
      1.9
    ],
    "SoftwareVersions": "syngo_MR_E11",
    "SpacingBetweenSlices": 2,
    "StationName": "AWP66044",
    "TaskName": "piper",
    "TotalReadoutTime": 0.0608002,
    "TxRefAmp": 218.516,
    "WipMemBlock": "e450fa1c-98ce-42f7-a6aa-af7602257e97||Sequence: R016 ve11c/master r/e634e98; Dec 19 2017 11:00:25 by eja",
    "dataset": "ds004228",
    "modality": "bold",
    "run_id": 1,
    "session_id": "01",
    "subject_id": "20",
    "task_id": "piper"
  },
  "dummy_trs": 0,
  "dvars_nstd": 49.60894511677852,
  "dvars_std": 1.169838376778524,
  "dvars_vstd": 0.9443531887248325,
  "efc": 0.506856602633023,
  "fber": 761.608154296875,
  "fd_mean": 0.3096634671923109,
  "fd_num": 59,
  "fd_perc": 39.333333333333336,
  "fwhm_avg": 3.479818333333333,
  "fwhm_x": 3.27961,
  "fwhm_y": 3.52136,
  "fwhm_z": 3.638485,
  "gcor": 0.015432,
  "gsr_x": -0.013494712300598621,
  "gsr_y": 0.05203462764620781,
  "provenance": {
    "md5sum": "c2cd8203fedf7897b47d3e2e45ffd8f5",
    "settings": {
      "fd_thres": 0.2,
      "testing": false
    },
    "software": "mriqc",
    "version": "23.0.1",
    "webapi_port": null,
    "webapi_url": "https://mriqc.nimh.nih.gov/api/v1"
  },
  "size_t": 150,
  "size_x": 96,
  "size_y": 96,
  "size_z": 75,
  "snr": 2.3524697314204177,
  "spacing_tr": 2.0,
  "spacing_x": 2.0,
  "spacing_y": 2.0,
  "spacing_z": 2.0,
  "summary_bg_k": 28.077762888349824,
  "summary_bg_mad": 60.005867967217824,
  "summary_bg_mean": 386.7102355957031,
  "summary_bg_median": 219.0066680908203,
  "summary_bg_n": 461473.0,
  "summary_bg_p05": 167.90000915527344,
  "summary_bg_p95": 1317.8027099609326,
  "summary_bg_stdv": 498.8059387207031,
  "summary_fg_k": 2.81092303748766,
  "summary_fg_mad": 2123.906948000938,
  "summary_fg_mean": 6645.81298828125,
  "summary_fg_median": 6097.21337890625,
  "summary_fg_n": 139148.0,
  "summary_fg_p05": 3671.774768066406,
  "summary_fg_p95": 11711.151025390624,
  "summary_fg_stdv": 2591.82568359375,
  "tsnr": 30.016941223293543
}