{
  "aor": 0.004890533333333333,
  "aqi": 0.0105656926,
  "bids_meta": {
    "ConversionSoftware": "dcm2niix",
    "ConversionSoftwareVersion": "v1.0.20170207",
    "EchoTime": 0.0302,
    "EffectiveEchoSpacing": 0.000640002,
    "FlipAngle": 90,
    "ImageType": [
      "ORIGINAL",
      "PRIMARY",
      "M",
      "MB",
      "ND",
      "MOSAIC"
    ],
    "MagneticFieldStrength": 3,
    "Manufacturer": "Siemens",
    "ManufacturersModelName": "Prisma",
    "PhaseEncodingDirection": "j-",
    "ProcedureStepDescription": "CAMRIS_CHOP",
    "ProtocolName": "BOLD_resting1",
    "RepetitionTime": 2,
    "SliceTiming": [
      0,
      0.08,
      0.1575,
      0.2375,
      0.3175,
      0.395,
      0.475,
      0.555,
      0.6325,
      0.7125,
      0.7925,
      0.87,
      0.95,
      1.03,
      1.1075,
      1.1875,
      1.2675,
      1.345,
      1.425,
      1.505,
      1.5825,
      1.6625,
      1.7425,
      1.82,
      1.9,
      0,
      0.08,
      0.1575,
      0.2375,
      0.3175,
      0.395,
      0.475,
      0.555,
      0.6325,
      0.7125,
      0.7925,
      0.87,
      0.95,
      1.03,
      1.1075,
      1.1875,
      1.2675,
      1.345,
      1.425,
      1.505,
      1.5825,
      1.6625,
      1.7425,
      1.82,
      1.9,
      0,
      0.08,
      0.1575,
      0.2375,
      0.3175,
      0.395,
      0.475,
      0.555,
      0.6325,
      0.7125,
      0.7925,
      0.87,
      0.95,
      1.03,
      1.1075,
      1.1875,
      1.2675,
      1.345,
      1.425,
      1.505,
      1.5825,
      1.6625,
      1.7425,
      1.82,
      1.9
    ],
    "TaskName": "piper",
    "dataset": "ds004228",
    "dcmmeta_affine": [
      [
        -2.0,
        0.0,
        0.0,
        96.0
      ],
      [
        0.0,
        2.0,
        0.0,
        -67.38400268554688
      ],
      [
        0.0,
        0.0,
        2.0,
        -43.46979904174805
      ],
      [
        0.0,
        0.0,
        0.0,
        1.0
      ]
    ],
    "dcmmeta_reorient_transform": [
      [
        0.0,
        -1.0,
        0.0,
        95.0
      ],
      [
        1.0,
        0.0,
        0.0,
        0.0
      ],
      [
        0.0,
        0.0,
        1.0,
        0.0
      ],
      [
        0.0,
        0.0,
        0.0,
        1.0
      ]
    ],
    "dcmmeta_shape": [
      96,
      96,
      75,
      150
    ],
    "dcmmeta_slice_dim": 2,
    "dcmmeta_version": 0.6,
    "global": {
      "const": {
        "AcquisitionMatrix": [
          96,
          0,
          0,
          96
        ],
        "AngioFlag": "N",
        "BitsAllocated": 16,
        "BitsStored": 16,
        "BodyPartExamined": "BRAIN",
        "CardiacNumberOfImages": 1,
        "Columns": 864,
        "EchoNumbers": 1,
        "EchoTime": 30.2,
        "EchoTrainLength": 84,
        "FlipAngle": 90.0,
        "HighBit": 15,
        "ImageOrientationPatient": [
          1.0,
          0.0,
          0.0,
          0.0,
          1.0,
          0.0
        ],
        "ImagePositionPatient": [
          -864.0,
          -890.616,
          -43.4698
        ],
        "ImageType": [
          "ORIGINAL",
          "PRIMARY",
          "M",
          "MB",
          "ND",
          "MOSAIC"
        ],
        "ImagedNucleus": "1H",
        "ImagingFrequency": 123.255,
        "InPlanePhaseEncodingDirection": "COL",
        "MRAcquisitionType": "2D",
        "MagneticFieldStrength": 3.0,
        "Manufacturer": "SIEMENS",
        "ManufacturerModelName": "Prisma",
        "Modality": "MR",
        "NominalInterval": 0,
        "NumberOfAverages": 1.0,
        "NumberOfFrames": 1,
        "NumberOfPhaseEncodingSteps": 84,
        "PercentPhaseFieldOfView": 100.0,
        "PercentSampling": 100.0,
        "PerformedProcedureStepStartTime": "150518.627000",
        "PhotometricInterpretation": "MONOCHROME2",
        "PixelBandwidth": 1860.0,
        "PixelRepresentation": 0,
        "PixelSpacing": [
          2.0,
          2.0
        ],
        "ProtocolName": "BOLD_resting1",
        "RepetitionTime": 2000.0,
        "Rows": 864,
        "SAR": 0.285315,
        "SamplesPerPixel": 1,
        "ScanOptions": [
          "PFP",
          "FS",
          "EXT"
        ],
        "ScanningSequence": "EP",
        "SequenceName": "epfid2d1_96",
        "SequenceVariant": [
          "SK",
          "SS"
        ],
        "SeriesDescription": "BOLD_resting1",
        "SeriesNumber": 19,
        "SeriesTime": "154754.220000",
        "SliceLocation": -43.4698,
        "SliceThickness": 2.0,
        "SmallestImagePixelValue": 0,
        "SoftwareVersions": "syngo MR E11",
        "SpacingBetweenSlices": 2.0,
        "SpecificCharacterSet": "ISO_IR 100",
        "StudyID": "1",
        "StudyTime": "150518.509000",
        "TransmitCoilName": "Body",
        "VariableFlipAngleFlag": "N",
        "WindowCenterWidthExplanation": "Algo1",
        "dBdt": 0.0
      },
