{
  "bids_meta": {
    "AcquisitionMatrixPE": 256,
    "AcquisitionNumber": 1,
    "AcquisitionTime": "10:34:1.967500",
    "BaseResolution": 256,
    "BodyPartExamined": "BRAIN",
    "ConsistencyInfo": "N4_VE11C_LATEST_20160120",
    "ConversionSoftware": "dcm2niix",
    "ConversionSoftwareVersion": "v1.0.20190410  GCC6.3.0",
    "DeviceSerialNumber": "66044",
    "EchoTime": 0.00169,
    "FlipAngle": 7,
    "ImageComments": "CBPD0208@mackeylab:CBPD_data",
    "ImageOrientationPatientDICOM": [
      0.0369678,
      0.999161,
      -0.0176246,
      0.0155864,
      -0.018211,
      -0.999713
    ],
    "ImageType": [
      "ORIGINAL",
      "PRIMARY",
      "OTHER",
      "ND",
      "NORM",
      "MEAN"
    ],
    "ImagingFrequency": 123.263,
    "InPlanePhaseEncodingDirectionDICOM": "ROW",
    "InstitutionAddress": "Curie_Blvd._422_Philadelphia_PA_US_19104",
    "InstitutionName": "SC3T",
    "InversionTime": 1.33,
    "MRAcquisitionType": "3D",
    "MagneticFieldStrength": 3,
    "Manufacturer": "Siemens",
    "ManufacturersModelName": "Prisma",
    "Modality": "MR",
    "NumberOfAverages": 4,
    "PartialFourier": 1,
    "PatientPosition": "HFS",
    "PercentPhaseFOV": 100,
    "PhaseEncodingSteps": 255,
    "PhaseResolution": 1,
    "PixelBandwidth": 650,
    "ProcedureStepDescription": "CAMRIS_Mackey",
    "ProtocolName": "Mackey_vNav_MPRAGE_1mm_p3",
    "PulseSequenceDetails": "%CustomerSeq%_tfl_mgh_epinav_ABCD",
    "ReceiveCoilActiveElements": "HEA;HEP",
    "ReceiveCoilName": "Head_32",
    "ReconMatrixPE": 256,
    "RefLinesPE": 32,
    "RepetitionTime": 2.53,
    "SAR": 0.033065,
    "ScanOptions": "IR_WE",
    "ScanningSequence": "GR_IR",
    "SequenceName": "tfl3d4_16ns",
    "SequenceVariant": "SK_SP_MP",
    "SeriesDescription": "Mackey_vNav_MPRAGE_1mm_p3_RMS",
    "SeriesNumber": 10,
    "ShimSetting": [
      3744,
      2482,
      374,
      346,
      32,
      -341,
      -142,
      98
    ],
    "SliceThickness": 1,
    "SoftwareVersions": "syngo_MR_E11",
    "StationName": "AWP66044",
    "TxRefAmp": 216.909,
    "WipMemBlock": "Prisma_epi_moco_navigator_ABCD_tfl.prot",
    "dataset": "ds004228",
    "modality": "T1w",
    "run_id": 1,
    "session_id": "01",
    "subject_id": "28"
  },
  "cjv": 0.40416395958638474,
  "cnr": 3.3007135183982195,
  "efc": 0.5689144555052367,
  "fber": 16213.109368218738,
  "fwhm_avg": 3.436947218251342,
  "fwhm_x": 3.592201654754025,
  "fwhm_y": 3.51428,
  "fwhm_z": 3.20436,
  "icvs_csf": 0.15739007311012798,
  "icvs_gm": 0.5327018792663644,
  "icvs_wm": 0.30990804762350765,
  "inu_med": 0.5301784873008728,
  "inu_range": 0.2340440660715103,
  "provenance": {
    "md5sum": "64db9b79d4091c30e8d81ea41687c384",
    "settings": {
      "testing": false
    },
    "software": "mriqc",
    "version": "23.0.1",
    "warnings": {
      "large_rot_frame": true,
      "small_air_mask": false
    },
    "webapi_port": null,
    "webapi_url": "https://mriqc.nimh.nih.gov/api/v1"
  },
  "qi_1": 0.0,
  "qi_2": 0.0016826097893778836,
  "rpve_csf": 43.651566620310206,
  "rpve_gm": 14.723193488968034,
  "rpve_wm": 24.359724503041132,
  "size_x": 176,
  "size_y": 256,
  "size_z": 256,
  "snr_csf": 2.5320221224055044,
  "snr_gm": 18.403934373436257,
  "snr_total": 13.833859560413904,
  "snr_wm": 20.565622185399945,
  "snrd_csf": 31.599757426735064,
  "snrd_gm": 71.64461425291432,
  "snrd_total": 64.8882606975222,
  "snrd_wm": 91.42041041291724,
  "spacing_x": 1.0008124113082886,
  "spacing_y": 1.0,
  "spacing_z": 1.0,
  "summary_bg_k": 5.348626527528012,
  "summary_bg_mad": 7.166516306591415,
  "summary_bg_mean": 8.561037914166679,
  "summary_bg_median": 4.83374179340899,
  "summary_bg_n": 1973892.0,
  "summary_bg_p05": 0.0,
  "summary_bg_p95": 31.138290157541633,
  "summary_bg_stdv": 10.838869699444766,
  "summary_csf_k": 0.49969453003948416,
  "summary_csf_mad": 118.93083805543336,
  "summary_csf_mean": 358.8673166247705,
  "summary_csf_median": 345.66874452866614,
  "summary_csf_n": 14152.0,
  "summary_csf_p05": 140.16052599288523,
  "summary_csf_p95": 606.1590897754766,
  "summary_csf_stdv": 136.5140251094809,
  "summary_gm_k": 0.008688527116087919,
  "summary_gm_mad": 42.53244096377045,
  "summary_gm_mean": 782.559138824903,
  "summary_gm_median": 783.7181636113673,
  "summary_gm_n": 38574.0,
  "summary_gm_p05": 710.4622446692549,
  "summary_gm_p95": 850.4912479203194,
  "summary_gm_stdv": 42.58372090504869,
  "summary_wm_k": 0.5874585050669063,
  "summary_wm_mad": 44.89905797664482,
  "summary_wm_mean": 1003.4063237207246,
  "summary_wm_median": 1000.0449707563967,
  "summary_wm_n": 85052.0,
  "summary_wm_p05": 927.9210466947407,
  "summary_wm_p95": 1087.9066587965935,
  "summary_wm_stdv": 48.62673653647937,
  "tpm_overlap_csf": 0.14427297534379335,
  "tpm_overlap_gm": 0.4843217731888481,
  "tpm_overlap_wm": 0.44607677935195944,
  "wm2max": 0.864500511220617
}