{
  "bids_meta": {
    "AcquisitionMatrixPE": 256,
    "AcquisitionNumber": 1,
    "AcquisitionTime": "10:41:38.460000",
    "BaseResolution": 256,
    "BodyPartExamined": "BRAIN",
    "ConsistencyInfo": "N4_VE11C_LATEST_20160120",
    "ConversionSoftware": "dcm2niix",
    "ConversionSoftwareVersion": "v1.0.20190410  GCC6.3.0",
    "DeviceSerialNumber": "66044",
    "EchoTime": 0.00169,
    "FlipAngle": 7,
    "ImageComments": "CBPD0212@mackeylab:CBPD_data",
    "ImageOrientationPatientDICOM": [
      -0.096927,
      0.990997,
      0.0923557,
      0.0548211,
      0.0979675,
      -0.993679
    ],
    "ImageType": [
      "ORIGINAL",
      "PRIMARY",
      "OTHER",
      "ND",
      "NORM",
      "MEAN"
    ],
    "ImagingFrequency": 123.263,
    "InPlanePhaseEncodingDirectionDICOM": "ROW",
    "InstitutionAddress": "Curie_Blvd._422_Philadelphia_PA_US_19104",
    "InstitutionName": "Hospital_Univ._of_Pennsylvania",
    "InversionTime": 1.33,
    "MRAcquisitionType": "3D",
    "MagneticFieldStrength": 3,
    "Manufacturer": "Siemens",
    "ManufacturersModelName": "Prisma",
    "Modality": "MR",
    "NumberOfAverages": 4,
    "PartialFourier": 1,
    "PatientPosition": "HFS",
    "PercentPhaseFOV": 100,
    "PhaseEncodingSteps": 255,
    "PhaseResolution": 1,
    "PixelBandwidth": 650,
    "ProcedureStepDescription": "CAMRIS_Mackey",
    "ProtocolName": "Mackey_vNav_MPRAGE_1mm_p3",
    "PulseSequenceDetails": "%CustomerSeq%_tfl_mgh_epinav_ABCD",
    "ReceiveCoilActiveElements": "HEA;HEP",
    "ReceiveCoilName": "Head_32",
    "ReconMatrixPE": 256,
    "RefLinesPE": 32,
    "RepetitionTime": 2.53,
    "SAR": 0.0343432,
    "ScanOptions": "IR_WE",
    "ScanningSequence": "GR_IR",
    "SequenceName": "tfl3d4_16ns",
    "SequenceVariant": "SK_SP_MP",
    "SeriesDescription": "Mackey_vNav_MPRAGE_1mm_p3_RMS",
    "SeriesNumber": 19,
    "ShimSetting": [
      3776,
      2476,
      442,
      387,
      -96,
      55,
      9,
      110
    ],
    "SliceThickness": 1,
    "SoftwareVersions": "syngo_MR_E11",
    "StationName": "AWP66044",
    "TxRefAmp": 217.628,
    "WipMemBlock": "Prisma_epi_moco_navigator_ABCD_tfl.prot",
    "dataset": "ds004228",
    "modality": "T1w",
    "run_id": 1,
    "session_id": "01",
    "subject_id": "30"
  },
  "cjv": 0.32111141126142123,
  "cnr": 4.182597813288122,
  "efc": 0.5750135836691275,
  "fber": 22589.171144715012,
  "fwhm_avg": 3.6619966666666666,
  "fwhm_x": 3.82301,
  "fwhm_y": 3.70131,
  "fwhm_z": 3.46167,
  "icvs_csf": 0.1372181091562682,
  "icvs_gm": 0.5297949082173831,
  "icvs_wm": 0.33298698262634874,
  "inu_med": 0.46756114065647125,
  "inu_range": 0.20377041250467304,
  "provenance": {
    "md5sum": "42cf0d0a0ed8785fc28aa34fd092188d",
    "settings": {
      "testing": false
    },
    "software": "mriqc",
    "version": "23.0.1",
    "warnings": {
      "large_rot_frame": true,
      "small_air_mask": false
    },
    "webapi_port": null,
    "webapi_url": "https://mriqc.nimh.nih.gov/api/v1"
  },
  "qi_1": 0.0,
  "qi_2": 0.0018302665724128453,
  "rpve_csf": 38.252477061774954,
  "rpve_gm": 11.672954191910922,
  "rpve_wm": 18.8072786368561,
  "size_x": 176,
  "size_y": 256,
  "size_z": 256,
  "snr_csf": 2.560419887810077,
  "snr_gm": 17.395542503634438,
  "snr_total": 15.046837204399969,
  "snr_wm": 25.18454922175539,
  "snrd_csf": 37.10056671495204,
  "snrd_gm": 78.75846187266869,
  "snrd_total": 73.54087407519579,
  "snrd_wm": 104.76359363796661,
  "spacing_x": 1.0,
  "spacing_y": 1.0,
  "spacing_z": 1.0,
  "summary_bg_k": 7.566682891152174,
  "summary_bg_mad": 6.253473973630787,
  "summary_bg_mean": 6.747816491704431,
  "summary_bg_median": 4.217904098331928,
  "summary_bg_n": 1885901.0,
  "summary_bg_p05": 0.0,
  "summary_bg_p95": 24.90871723741293,
  "summary_bg_stdv": 8.824053754312335,
  "summary_csf_k": 0.7704048179654914,
  "summary_csf_mad": 122.54942279667499,
  "summary_csf_mean": 357.1806409211432,
  "summary_csf_median": 354.13606747984886,
  "summary_csf_n": 13728.0,
  "summary_csf_p05": 118.36781914159656,
  "summary_csf_p95": 586.8143338356166,
  "summary_csf_stdv": 138.30667798606643,
  "summary_gm_k": 0.24798731027934817,
  "summary_gm_mad": 41.81427373412825,
  "summary_gm_mean": 751.4236055907265,
  "summary_gm_median": 751.7732055857778,
  "summary_gm_n": 82349.0,
  "summary_gm_p05": 680.1108051091433,
  "summary_gm_p95": 821.9666842371225,
  "summary_gm_stdv": 43.21616534000521,
  "summary_wm_k": 0.552270911820933,
  "summary_wm_mad": 37.89418557155373,
  "summary_wm_mean": 999.7293351436547,
  "summary_wm_median": 1000.0000094622374,
  "summary_wm_n": 164445.0,
  "summary_wm_p05": 934.5910190418363,
  "summary_wm_p95": 1064.2128778249025,
  "summary_wm_stdv": 39.70676465646173,
  "tpm_overlap_csf": 0.1412455588570378,
  "tpm_overlap_gm": 0.4891928948263354,
  "tpm_overlap_wm": 0.4928037637202086,
  "wm2max": 0.8980984150317559
}