{
  "bids_meta": {
    "AcquisitionMatrixPE": 256,
    "AcquisitionNumber": 1,
    "AcquisitionTime": "10:07:51.575000",
    "BaseResolution": 256,
    "BodyPartExamined": "BRAIN",
    "ConsistencyInfo": "N4_VE11C_LATEST_20160120",
    "ConversionSoftware": "dcm2niix",
    "ConversionSoftwareVersion": "v1.0.20190410  GCC6.3.0",
    "DeviceSerialNumber": "66044",
    "EchoTime": 0.00169,
    "FlipAngle": 7,
    "ImageComments": "CBPD0185@mackeylab:CBPD_data",
    "ImageOrientationPatientDICOM": [
      0.0625377,
      0.950498,
      0.304373,
      0.088683,
      0.298471,
      -0.95029
    ],
    "ImageType": [
      "ORIGINAL",
      "PRIMARY",
      "OTHER",
      "ND",
      "NORM",
      "MEAN"
    ],
    "ImagingFrequency": 123.263,
    "InPlanePhaseEncodingDirectionDICOM": "ROW",
    "InstitutionAddress": "Curie_Blvd._422_Philadelphia_PA_US_19104",
    "InstitutionName": "SC3T",
    "InversionTime": 1.33,
    "MRAcquisitionType": "3D",
    "MagneticFieldStrength": 3,
    "Manufacturer": "Siemens",
    "ManufacturersModelName": "Prisma",
    "Modality": "MR",
    "NumberOfAverages": 4,
    "PartialFourier": 1,
    "PatientPosition": "HFS",
    "PercentPhaseFOV": 100,
    "PhaseEncodingSteps": 255,
    "PhaseResolution": 1,
    "PixelBandwidth": 650,
    "ProcedureStepDescription": "CAMRIS_Mackey",
    "ProtocolName": "vNav_MPRAGE_1mm_p3",
    "PulseSequenceDetails": "%CustomerSeq%_tfl_mgh_epinav_ABCD",
    "ReceiveCoilActiveElements": "HEA;HEP",
    "ReceiveCoilName": "Head_32",
    "ReconMatrixPE": 256,
    "RefLinesPE": 32,
    "RepetitionTime": 2.53,
    "SAR": 0.0481168,
    "ScanOptions": "IR_WE",
    "ScanningSequence": "GR_IR",
    "SequenceName": "tfl3d4_16ns",
    "SequenceVariant": "SK_SP_MP",
    "SeriesDescription": "vNav_MPRAGE_1mm_p3_RMS",
    "SeriesNumber": 9,
    "ShimSetting": [
      3771,
      2288,
      502,
      367,
      -179,
      -494,
      119,
      91
    ],
    "SliceThickness": 1,
    "SoftwareVersions": "syngo_MR_E11",
    "StationName": "AWP66044",
    "TxRefAmp": 222.671,
    "WipMemBlock": "Prisma_epi_moco_navigator_ABCD_tfl.prot",
    "dataset": "ds004228",
    "modality": "T1w",
    "run_id": 1,
    "session_id": "01",
    "subject_id": "14"
  },
  "cjv": 0.30404514964754054,
  "cnr": 4.31891643127582,
  "efc": 0.5744758705772468,
  "fber": 16850.315455310236,
  "fwhm_avg": 3.69369,
  "fwhm_x": 3.8217,
  "fwhm_y": 3.81319,
  "fwhm_z": 3.44618,
  "icvs_csf": 0.14821902277180446,
  "icvs_gm": 0.5374702942555086,
  "icvs_wm": 0.314310682972687,
  "inu_med": 0.5252369940280914,
  "inu_range": 0.24924170970916737,
  "provenance": {
    "md5sum": "62e73a3231124a85c23a0be2ff24a22f",
    "settings": {
      "testing": false
    },
    "software": "mriqc",
    "version": "23.0.1",
    "warnings": {
      "large_rot_frame": true,
      "small_air_mask": false
    },
    "webapi_port": null,
    "webapi_url": "https://mriqc.nimh.nih.gov/api/v1"
  },
  "qi_1": 0.0,
  "qi_2": 0.0017224018197479758,
  "rpve_csf": 40.98156114892342,
  "rpve_gm": 13.097069410155296,
  "rpve_wm": 22.02970133423512,
  "size_x": 176,
  "size_y": 256,
  "size_z": 256,
  "snr_csf": 1.9143694329444114,
  "snr_gm": 16.150863203337526,
  "snr_total": 13.936402817356543,
  "snr_wm": 23.743975815787692,
  "snrd_csf": 24.337698760989205,
  "snrd_gm": 68.31507883624369,
  "snrd_total": 62.098591449492716,
  "snrd_wm": 93.64299675124525,
  "spacing_x": 1.0,
  "spacing_y": 1.0,
  "spacing_z": 1.0,
  "summary_bg_k": 5.103615939203861,
  "summary_bg_mad": 6.996257058470576,
  "summary_bg_mean": 8.29498554236535,
  "summary_bg_median": 4.718903675675392,
  "summary_bg_n": 1736498.0,
  "summary_bg_p05": 0.0,
  "summary_bg_p95": 29.9864879027009,
  "summary_bg_stdv": 10.388578826798536,
  "summary_csf_k": 0.2687291248564647,
  "summary_csf_mad": 152.3911992008682,
  "summary_csf_mean": 261.9561359207198,
  "summary_csf_median": 259.9043447189033,
  "summary_csf_n": 17371.0,
  "summary_csf_p05": 69.2391866594553,
  "summary_csf_p95": 493.57587491348386,
  "summary_csf_stdv": 135.76108098818705,
  "summary_gm_k": 0.33794004098256236,
  "summary_gm_mad": 43.15418558338442,
  "summary_gm_mean": 728.637176231706,
  "summary_gm_median": 729.5425082594156,
  "summary_gm_n": 88923.0,
  "summary_gm_p05": 652.2168366648257,
  "summary_gm_p95": 800.7765041999519,
  "summary_gm_stdv": 45.170242417426884,
  "summary_wm_k": 0.5927734370675473,
  "summary_wm_mad": 39.08363602209244,
  "summary_wm_mean": 999.2022781200118,
  "summary_wm_median": 1000.0214871242642,
  "summary_wm_n": 130627.0,
  "summary_wm_p05": 928.3370503783226,
  "summary_wm_p95": 1066.7081758864224,
  "summary_wm_stdv": 42.116689601628416,
  "tpm_overlap_csf": 0.11782113716148866,
  "tpm_overlap_gm": 0.4935243339621051,
  "tpm_overlap_wm": 0.48367075135679055,
  "wm2max": 0.897684657312439
}