{
  "aor": 0.00195255033557047,
  "aqi": 0.004249767651006712,
  "bids_meta": {
    "AcquisitionMatrixPE": 96,
    "AcquisitionNumber": 1,
    "AcquisitionTime": "11:32:51.727500",
    "BandwidthPerPixelPhaseEncode": 16.276,
    "BaseResolution": 96,
    "BodyPartExamined": "BRAIN",
    "ConsistencyInfo": "N4_VE11C_LATEST_20160120",
    "ConversionSoftware": "dcm2niix",
    "ConversionSoftwareVersion": "v1.0.20190410  GCC6.3.0",
    "DerivedVendorReportedEchoSpacing": 0.000640002,
    "DeviceSerialNumber": "66044",
    "EchoTime": 0.0302,
    "EchoTrainLength": 84,
    "EffectiveEchoSpacing": 0.000640002,
    "FlipAngle": 90,
    "ImageComments": "Unaliased_MB3_PE3_CBPD0204@mackeylab:CBPD_data",
    "ImageOrientationPatientDICOM": [
      0.986989,
      0.035386,
      0.156847,
      -0.0676323,
      0.976357,
      0.205314
    ],
    "ImageType": [
      "ORIGINAL",
      "PRIMARY",
      "M",
      "MB",
      "ND",
      "MOSAIC"
    ],
    "ImagingFrequency": 123.263,
    "InPlanePhaseEncodingDirectionDICOM": "COL",
    "InstitutionAddress": "Curie_Blvd._422_Philadelphia_PA_US_19104",
    "InstitutionName": "SC3T",
    "MRAcquisitionType": "2D",
    "MagneticFieldStrength": 3,
    "Manufacturer": "Siemens",
    "ManufacturersModelName": "Prisma",
    "Modality": "MR",
    "MultibandAccelerationFactor": 3,
    "PartialFourier": 0.875,
    "PatientPosition": "HFS",
    "PercentPhaseFOV": 100,
    "PhaseEncodingDirection": "j-",
    "PhaseEncodingSteps": 84,
    "PhaseResolution": 1,
    "PixelBandwidth": 1860,
    "ProcedureStepDescription": "CAMRIS_Mackey",
    "ProtocolName": "BOLD_piper",
    "PulseSequenceDetails": "%CustomerSeq%_cmrr_mbep2d_bold",
    "ReceiveCoilActiveElements": "HEA;HEP",
    "ReceiveCoilName": "Head_32",
    "ReconMatrixPE": 96,
    "RepetitionTime": 2,
    "SAR": 0.0980042,
    "ScanOptions": "PFP_FS_EXT",
    "ScanningSequence": "EP",
    "SequenceName": "epfid2d1_96",
    "SequenceVariant": "SK_SS",
    "SeriesDescription": "BOLD_piper",
    "SeriesNumber": 15,
    "ShimSetting": [
      3811,
      2455,
      494,
      455,
      -41,
      42,
      85,
      28
    ],
    "SliceThickness": 2,
    "SliceTiming": [
      0,
      0.0775,
      0.1575,
      0.2375,
      0.315,
      0.395,
      0.475,
      0.5525,
      0.6325,
      0.7125,
      0.79,
      0.87,
      0.95,
      1.0275,
      1.1075,
      1.1875,
      1.265,
      1.345,
      1.425,
      1.5025,
      1.5825,
      1.6625,
      1.7425,
      1.82,
      1.9,
      0,
      0.0775,
      0.1575,
      0.2375,
      0.315,
      0.395,
      0.475,
      0.5525,
      0.6325,
      0.7125,
      0.79,
      0.87,
      0.95,
      1.0275,
      1.1075,
      1.1875,
      1.265,
      1.345,
      1.425,
      1.5025,
      1.5825,
      1.6625,
      1.7425,
      1.82,
      1.9,
      0,
      0.0775,
      0.1575,
      0.2375,
      0.315,
      0.395,
      0.475,
      0.5525,
      0.6325,
      0.7125,
      0.79,
      0.87,
      0.95,
      1.0275,
      1.1075,
      1.1875,
      1.265,
      1.345,
      1.425,
      1.5025,
      1.5825,
      1.6625,
      1.7425,
      1.82,
      1.9
    ],
    "SoftwareVersions": "syngo_MR_E11",
    "SpacingBetweenSlices": 2,
    "StationName": "AWP66044",
    "TaskName": "piper",
    "TotalReadoutTime": 0.0608002,
    "TxRefAmp": 216.778,
    "WipMemBlock": "b49a0b94-2318-4f93-8f37-d96dce7b3774||Sequence: R016 ve11c/master r/e634e98; Dec 19 2017 11:00:25 by eja",
    "dataset": "ds004228",
    "modality": "bold",
    "run_id": 1,
    "session_id": "01",
    "subject_id": "26",
    "task_id": "piper"
  },
  "dummy_trs": 1,
  "dvars_nstd": 37.78507170783785,
  "dvars_std": 1.2801069752027023,
  "dvars_vstd": 1.0177562403378373,
  "efc": 0.5473215002233992,
  "fber": 732.7301635742188,
  "fd_mean": 0.1169363722589417,
  "fd_num": 14,
  "fd_perc": 9.395973154362416,
  "fwhm_avg": 3.5009417388837583,
  "fwhm_x": 3.3158,
  "fwhm_y": 3.55222,
  "fwhm_z": 3.634805216651274,
  "gcor": 0.00822634,
  "gsr_x": -0.011856324970722198,
  "gsr_y": 0.04632294178009033,
  "provenance": {
    "md5sum": "a18419660f2ff8fd3c4d7060c2d85047",
    "settings": {
      "fd_thres": 0.2,
      "testing": false
    },
    "software": "mriqc",
    "version": "23.0.1",
    "webapi_port": null,
    "webapi_url": "https://mriqc.nimh.nih.gov/api/v1"
  },
  "size_t": 149,
  "size_x": 96,
  "size_y": 96,
  "size_z": 75,
  "snr": 2.5490138937303986,
  "spacing_tr": 2.0,
  "spacing_x": 2.0,
  "spacing_y": 2.0,
  "spacing_z": 1.9999998807907104,
  "summary_bg_k": 28.807116435338752,
  "summary_bg_mad": 68.66735880572772,
  "summary_bg_mean": 412.34881591796875,
  "summary_bg_median": 230.65771484375,
  "summary_bg_n": 423187.0,
  "summary_bg_p05": 172.51678466796875,
  "summary_bg_p95": 1409.8081054687493,
  "summary_bg_stdv": 514.2279663085938,
  "summary_fg_k": 0.7614568126919226,
  "summary_fg_mad": 2350.6513389033416,
  "summary_fg_mean": 6751.1220703125,
  "summary_fg_median": 6335.55712890625,
  "summary_fg_n": 170603.0,
  "summary_fg_p05": 3523.1597900390625,
  "summary_fg_p95": 11466.86611328125,
  "summary_fg_stdv": 2485.486083984375,
  "tsnr": 53.64751893701032
}