{
  "aor": 0.000735,
  "aqi": 0.0032330915333333337,
  "bids_meta": {
    "AcquisitionMatrixPE": 96,
    "AcquisitionNumber": 1,
    "AcquisitionTime": "11:04:3.817500",
    "BandwidthPerPixelPhaseEncode": 16.276,
    "BaseResolution": 96,
    "BodyPartExamined": "BRAIN",
    "ConsistencyInfo": "N4_VE11C_LATEST_20160120",
    "ConversionSoftware": "dcm2niix",
    "ConversionSoftwareVersion": "v1.0.20190410  GCC6.3.0",
    "DerivedVendorReportedEchoSpacing": 0.000640002,
    "DeviceSerialNumber": "66044",
    "EchoTime": 0.0302,
    "EchoTrainLength": 84,
    "EffectiveEchoSpacing": 0.000640002,
    "FlipAngle": 90,
    "ImageComments": "Unaliased_MB3_PE3_CBPD0125_2@mackeylab:CBPD_data",
    "ImageOrientationPatientDICOM": [
      0.999921,
      0.00331114,
      -0.0120903,
      -0.00174517,
      0.991862,
      0.127304
    ],
    "ImageType": [
      "ORIGINAL",
      "PRIMARY",
      "M",
      "MB",
      "ND",
      "MOSAIC"
    ],
    "ImagingFrequency": 123.263,
    "InPlanePhaseEncodingDirectionDICOM": "COL",
    "InstitutionAddress": "Curie_Blvd._422_Philadelphia_PA_US_19104",
    "InstitutionName": "Hospital_Univ._of_Pennsylvania",
    "MRAcquisitionType": "2D",
    "MagneticFieldStrength": 3,
    "Manufacturer": "Siemens",
    "ManufacturersModelName": "Prisma",
    "Modality": "MR",
    "MultibandAccelerationFactor": 3,
    "PartialFourier": 0.875,
    "PatientPosition": "HFS",
    "PercentPhaseFOV": 100,
    "PhaseEncodingDirection": "j-",
    "PhaseEncodingSteps": 84,
    "PhaseResolution": 1,
    "PixelBandwidth": 1860,
    "ProcedureStepDescription": "CAMRIS_Mackey",
    "ProtocolName": "BOLD_piper",
    "PulseSequenceDetails": "%CustomerSeq%_cmrr_mbep2d_bold",
    "ReceiveCoilActiveElements": "HEA;HEP",
    "ReceiveCoilName": "Head_32",
    "ReconMatrixPE": 96,
    "RepetitionTime": 2,
    "SAR": 0.0818156,
    "ScanOptions": "PFP_FS_EXT",
    "ScanningSequence": "EP",
    "SequenceName": "epfid2d1_96",
    "SequenceVariant": "SK_SS",
    "SeriesDescription": "BOLD_piper",
    "SeriesNumber": 21,
    "ShimSetting": [
      3762,
      2432,
      440,
      363,
      18,
      -165,
      110,
      67
    ],
    "SliceThickness": 2,
    "SliceTiming": [
      0,
      0.0775,
      0.1575,
      0.2375,
      0.315,
      0.395,
      0.475,
      0.5525,
      0.6325,
      0.7125,
      0.7925,
      0.87,
      0.95,
      1.03,
      1.1075,
      1.1875,
      1.2675,
      1.345,
      1.425,
      1.505,
      1.5825,
      1.6625,
      1.7425,
      1.82,
      1.9,
      0,
      0.0775,
      0.1575,
      0.2375,
      0.315,
      0.395,
      0.475,
      0.5525,
      0.6325,
      0.7125,
      0.7925,
      0.87,
      0.95,
      1.03,
      1.1075,
      1.1875,
      1.2675,
      1.345,
      1.425,
      1.505,
      1.5825,
      1.6625,
      1.7425,
      1.82,
      1.9,
      0,
      0.0775,
      0.1575,
      0.2375,
      0.315,
      0.395,
      0.475,
      0.5525,
      0.6325,
      0.7125,
      0.7925,
      0.87,
      0.95,
      1.03,
      1.1075,
      1.1875,
      1.2675,
      1.345,
      1.425,
      1.505,
      1.5825,
      1.6625,
      1.7425,
      1.82,
      1.9
    ],
    "SoftwareVersions": "syngo_MR_E11",
    "SpacingBetweenSlices": 2,
    "StationName": "AWP66044",
    "TaskName": "piper",
    "TotalReadoutTime": 0.0608002,
    "TxRefAmp": 217.893,
    "WipMemBlock": "516371dc-01c1-4a41-b6e2-539374bf485a||Sequence: R016 ve11c/master r/e634e98; Dec 19 2017 11:00:25 by eja",
    "dataset": "ds004228",
    "modality": "bold",
    "run_id": 1,
    "session_id": "01",
    "subject_id": "10",
    "task_id": "piper"
  },
  "dummy_trs": 0,
  "dvars_nstd": 38.484529329127525,
  "dvars_std": 1.3309170700671151,
  "dvars_vstd": 1.004841706711409,
  "efc": 0.5469893678375699,
  "fber": 610.1177368164062,
  "fd_mean": 0.08255602735095861,
  "fd_num": 0,
  "fd_perc": 0.0,
  "fwhm_avg": 3.6160083333333333,
  "fwhm_x": 3.478385,
  "fwhm_y": 3.585385,
  "fwhm_z": 3.784255,
  "gcor": 0.00559871,
  "gsr_x": -0.0050253793597221375,
  "gsr_y": 0.05230921879410744,
  "provenance": {
    "md5sum": "92a15012c8d87c2f4aa0f98b8fc0acb6",
    "settings": {
      "fd_thres": 0.2,
      "testing": false
    },
    "software": "mriqc",
    "version": "23.0.1",
    "webapi_port": null,
    "webapi_url": "https://mriqc.nimh.nih.gov/api/v1"
  },
  "size_t": 150,
  "size_x": 96,
  "size_y": 96,
  "size_z": 75,
  "snr": 2.090262246273064,
  "spacing_tr": 2.0,
  "spacing_x": 2.0,
  "spacing_y": 2.0,
  "spacing_z": 2.0,
  "summary_bg_k": 20.787370060919976,
  "summary_bg_mad": 92.94926844951495,
  "summary_bg_mean": 512.5932006835938,
  "summary_bg_median": 260.1600036621094,
  "summary_bg_n": 421921.0,
  "summary_bg_p05": 181.9600067138672,
  "summary_bg_p95": 1878.6199951171875,
  "summary_bg_stdv": 667.1409301757812,
  "summary_fg_k": 1.5815898322080484,
  "summary_fg_mad": 2704.4249865375446,
  "summary_fg_mean": 7189.3681640625,
  "summary_fg_median": 6515.03369140625,
  "summary_fg_n": 171475.0,
  "summary_fg_p05": 3496.574731445313,
  "summary_fg_p95": 13373.581640624998,
  "summary_fg_stdv": 3116.8408203125,
  "tsnr": 59.397718174383044
}