{
  "aor": 0.0009965999999999998,
  "aqi": 0.007027173466666666,
  "bids_meta": {
    "AcquisitionMatrixPE": 96,
    "AcquisitionNumber": 1,
    "AcquisitionTime": "10:45:9.202500",
    "BandwidthPerPixelPhaseEncode": 16.276,
    "BaseResolution": 96,
    "BodyPartExamined": "BRAIN",
    "ConsistencyInfo": "N4_VE11C_LATEST_20160120",
    "ConversionSoftware": "dcm2niix",
    "ConversionSoftwareVersion": "v1.0.20190410  GCC6.3.0",
    "DerivedVendorReportedEchoSpacing": 0.000640002,
    "DeviceSerialNumber": "66044",
    "EchoTime": 0.0302,
    "EchoTrainLength": 84,
    "EffectiveEchoSpacing": 0.000640002,
    "FlipAngle": 90,
    "ImageComments": "Unaliased_MB3_PE3_CBPD0002_2@mackeylab:CBPD_data",
    "ImageOrientationPatientDICOM": [
      0.997563,
      -0.0145887,
      0.0682363,
      -0.00243755,
      0.970018,
      0.243021
    ],
    "ImageType": [
      "ORIGINAL",
      "PRIMARY",
      "M",
      "MB",
      "ND",
      "MOSAIC"
    ],
    "ImagingFrequency": 123.263,
    "InPlanePhaseEncodingDirectionDICOM": "COL",
    "InstitutionAddress": "Curie_Blvd._422_Philadelphia_PA_US_19104",
    "InstitutionName": "SC3T",
    "MRAcquisitionType": "2D",
    "MagneticFieldStrength": 3,
    "Manufacturer": "Siemens",
    "ManufacturersModelName": "Prisma",
    "Modality": "MR",
    "MultibandAccelerationFactor": 3,
    "PartialFourier": 0.875,
    "PatientPosition": "HFS",
    "PercentPhaseFOV": 100,
    "PhaseEncodingDirection": "j-",
    "PhaseEncodingSteps": 84,
    "PhaseResolution": 1,
    "PixelBandwidth": 1860,
    "ProcedureStepDescription": "CAMRIS_Mackey",
    "ProtocolName": "BOLD_piper",
    "PulseSequenceDetails": "%CustomerSeq%_cmrr_mbep2d_bold",
    "ReceiveCoilActiveElements": "HEA;HEP",
    "ReceiveCoilName": "Head_32",
    "ReconMatrixPE": 96,
    "RepetitionTime": 2,
    "SAR": 0.0948893,
    "ScanOptions": "PFP_FS_EXT",
    "ScanningSequence": "EP",
    "SequenceName": "epfid2d1_96",
    "SequenceVariant": "SK_SS",
    "SeriesDescription": "BOLD_piper",
    "SeriesNumber": 15,
    "ShimSetting": [
      3754,
      2383,
      513,
      410,
      -129,
      -205,
      55,
      37
    ],
    "SliceThickness": 2,
    "SliceTiming": [
      0,
      0.08,
      0.1575,
      0.2375,
      0.3175,
      0.395,
      0.475,
      0.555,
      0.6325,
      0.7125,
      0.7925,
      0.87,
      0.95,
      1.03,
      1.11,
      1.1875,
      1.2675,
      1.3475,
      1.425,
      1.505,
      1.585,
      1.6625,
      1.7425,
      1.8225,
      1.9,
      0,
      0.08,
      0.1575,
      0.2375,
      0.3175,
      0.395,
      0.475,
      0.555,
      0.6325,
      0.7125,
      0.7925,
      0.87,
      0.95,
      1.03,
      1.11,
      1.1875,
      1.2675,
      1.3475,
      1.425,
      1.505,
      1.585,
      1.6625,
      1.7425,
      1.8225,
      1.9,
      0,
      0.08,
      0.1575,
      0.2375,
      0.3175,
      0.395,
      0.475,
      0.555,
      0.6325,
      0.7125,
      0.7925,
      0.87,
      0.95,
      1.03,
      1.11,
      1.1875,
      1.2675,
      1.3475,
      1.425,
      1.505,
      1.585,
      1.6625,
      1.7425,
      1.8225,
      1.9
    ],
    "SoftwareVersions": "syngo_MR_E11",
    "SpacingBetweenSlices": 2,
    "StationName": "AWP66044",
    "TaskName": "piper",
    "TotalReadoutTime": 0.0608002,
    "TxRefAmp": 222.126,
    "WipMemBlock": "47ee3afb-57c5-4142-bb7f-10770dbf78a2||Sequence: R016 ve11c/master r/e634e98; Dec 19 2017 11:00:25 by eja",
    "dataset": "ds004228",
    "modality": "bold",
    "run_id": 1,
    "session_id": "01",
    "subject_id": "01",
    "task_id": "piper"
  },
  "dummy_trs": 0,
  "dvars_nstd": 38.24115133624158,
  "dvars_std": 1.2164826104697986,
  "dvars_vstd": 0.9448905974496646,
  "efc": 0.5540401924538915,
  "fber": 586.6482543945312,
  "fd_mean": 0.09897719846936014,
  "fd_num": 7,
  "fd_perc": 4.666666666666667,
  "fwhm_avg": 3.393625,
  "fwhm_x": 3.095465,
  "fwhm_y": 3.46356,
  "fwhm_z": 3.62185,
  "gcor": 0.0169361,
  "gsr_x": -0.010854092426598072,
  "gsr_y": 0.051356419920921326,
  "provenance": {
    "md5sum": "fd66922a4f50a3f3a3b95e428ab0d30b",
    "settings": {
      "fd_thres": 0.2,
      "testing": false
    },
    "software": "mriqc",
    "version": "23.0.1",
    "webapi_port": null,
    "webapi_url": "https://mriqc.nimh.nih.gov/api/v1"
  },
  "size_t": 150,
  "size_x": 96,
  "size_y": 96,
  "size_z": 75,
  "snr": 2.4497224284927626,
  "spacing_tr": 2.0,
  "spacing_x": 2.0,
  "spacing_y": 2.0,
  "spacing_z": 2.0,
  "summary_bg_k": 24.927395964305006,
  "summary_bg_mad": 87.83924969469248,
  "summary_bg_mean": 457.042236328125,
  "summary_bg_median": 247.89334106445312,
  "summary_bg_n": 424598.0,
  "summary_bg_p05": 173.40667724609375,
  "summary_bg_p95": 1562.886010742186,
  "summary_bg_stdv": 576.62744140625,
  "summary_fg_k": 1.1590854140538456,
  "summary_fg_mad": 2318.3352436718524,
  "summary_fg_mean": 6534.60400390625,
  "summary_fg_median": 6088.9365234375,
  "summary_fg_n": 168610.0,
  "summary_fg_p05": 3399.1304321289062,
  "summary_fg_p95": 11313.345068359373,
  "summary_fg_stdv": 2485.554443359375,
  "tsnr": 41.8689727387391
}