{
  "aor": 0.0011896666666666666,
  "aqi": 0.0042239966,
  "bids_meta": {
    "AcquisitionMatrixPE": 96,
    "AcquisitionNumber": 1,
    "AcquisitionTime": "10:22:53.377500",
    "BandwidthPerPixelPhaseEncode": 16.276,
    "BaseResolution": 96,
    "BodyPartExamined": "BRAIN",
    "ConsistencyInfo": "N4_VE11C_LATEST_20160120",
    "ConversionSoftware": "dcm2niix",
    "ConversionSoftwareVersion": "v1.0.20190410  GCC6.3.0",
    "DerivedVendorReportedEchoSpacing": 0.000640002,
    "DeviceSerialNumber": "66044",
    "EchoTime": 0.0302,
    "EchoTrainLength": 84,
    "EffectiveEchoSpacing": 0.000640002,
    "FlipAngle": 90,
    "ImageComments": "Unaliased_MB3_PE3_CBPD0193@mackeylab:CBPD_data",
    "ImageOrientationPatientDICOM": [
      0.977446,
      -0.210969,
      0.00956134,
      0.20598,
      0.962366,
      0.177268
    ],
    "ImageType": [
      "ORIGINAL",
      "PRIMARY",
      "M",
      "MB",
      "ND",
      "MOSAIC"
    ],
    "ImagingFrequency": 123.263,
    "InPlanePhaseEncodingDirectionDICOM": "COL",
    "InstitutionAddress": "Curie_Blvd._422_Philadelphia_PA_US_19104",
    "InstitutionName": "Hospital_Univ._of_Pennsylvania",
    "MRAcquisitionType": "2D",
    "MagneticFieldStrength": 3,
    "Manufacturer": "Siemens",
    "ManufacturersModelName": "Prisma",
    "Modality": "MR",
    "MultibandAccelerationFactor": 3,
    "PartialFourier": 0.875,
    "PatientPosition": "HFS",
    "PercentPhaseFOV": 100,
    "PhaseEncodingDirection": "j-",
    "PhaseEncodingSteps": 84,
    "PhaseResolution": 1,
    "PixelBandwidth": 1860,
    "ProcedureStepDescription": "CAMRIS_Mackey",
    "ProtocolName": "BOLD_piper",
    "PulseSequenceDetails": "%CustomerSeq%_cmrr_mbep2d_bold",
    "ReceiveCoilActiveElements": "HEA;HEP",
    "ReceiveCoilName": "Head_32",
    "ReconMatrixPE": 96,
    "RepetitionTime": 2,
    "SAR": 0.0814062,
    "ScanOptions": "PFP_FS_EXT",
    "ScanningSequence": "EP",
    "SequenceName": "epfid2d1_96",
    "SequenceVariant": "SK_SS",
    "SeriesDescription": "BOLD_piper",
    "SeriesNumber": 15,
    "ShimSetting": [
      3748,
      2398,
      471,
      530,
      -50,
      -444,
      143,
      80
    ],
    "SliceThickness": 2,
    "SliceTiming": [
      0,
      0.08,
      0.16,
      0.2375,
      0.3175,
      0.3975,
      0.475,
      0.555,
      0.635,
      0.7125,
      0.7925,
      0.8725,
      0.95,
      1.03,
      1.11,
      1.1875,
      1.2675,
      1.3475,
      1.4275,
      1.505,
      1.585,
      1.665,
      1.7425,
      1.8225,
      1.9025,
      0,
      0.08,
      0.16,
      0.2375,
      0.3175,
      0.3975,
      0.475,
      0.555,
      0.635,
      0.7125,
      0.7925,
      0.8725,
      0.95,
      1.03,
      1.11,
      1.1875,
      1.2675,
      1.3475,
      1.4275,
      1.505,
      1.585,
      1.665,
      1.7425,
      1.8225,
      1.9025,
      0,
      0.08,
      0.16,
      0.2375,
      0.3175,
      0.3975,
      0.475,
      0.555,
      0.635,
      0.7125,
      0.7925,
      0.8725,
      0.95,
      1.03,
      1.11,
      1.1875,
      1.2675,
      1.3475,
      1.4275,
      1.505,
      1.585,
      1.665,
      1.7425,
      1.8225,
      1.9025
    ],
    "SoftwareVersions": "syngo_MR_E11",
    "SpacingBetweenSlices": 2,
    "StationName": "AWP66044",
    "TaskName": "piper",
    "TotalReadoutTime": 0.0608002,
    "TxRefAmp": 216.645,
    "WipMemBlock": "4105783b-7950-4d87-9f77-81b9e60cc87b||Sequence: R016 ve11c/master r/e634e98; Dec 19 2017 11:00:25 by eja",
    "dataset": "ds004228",
    "modality": "bold",
    "run_id": 1,
    "session_id": "01",
    "subject_id": "19",
    "task_id": "piper"
  },
  "dummy_trs": 0,
  "dvars_nstd": 34.03141506872481,
  "dvars_std": 1.2345197779865769,
  "dvars_vstd": 1.0075876700671145,
  "efc": 0.512461882626906,
  "fber": 761.7227783203125,
  "fd_mean": 0.10076871626430563,
  "fd_num": 7,
  "fd_perc": 4.666666666666667,
  "fwhm_avg": 3.298245,
  "fwhm_x": 3.100045,
  "fwhm_y": 3.37581,
  "fwhm_z": 3.41888,
  "gcor": 0.0068351,
  "gsr_x": -0.01798498071730137,
  "gsr_y": 0.06340470165014267,
  "provenance": {
    "md5sum": "2081df55091d93e994908a5e5abe2df6",
    "settings": {
      "fd_thres": 0.2,
      "testing": false
    },
    "software": "mriqc",
    "version": "23.0.1",
    "webapi_port": null,
    "webapi_url": "https://mriqc.nimh.nih.gov/api/v1"
  },
  "size_t": 150,
  "size_x": 96,
  "size_y": 96,
  "size_z": 75,
  "snr": 2.4647607780036034,
  "spacing_tr": 2.0,
  "spacing_x": 2.0,
  "spacing_y": 2.0,
  "spacing_z": 2.0,
  "summary_bg_k": 22.68044014428772,
  "summary_bg_mad": 63.59373999856113,
  "summary_bg_mean": 429.12127685546875,
  "summary_bg_median": 225.14666748046875,
  "summary_bg_n": 463044.0,
  "summary_bg_p05": 172.260009765625,
  "summary_bg_p95": 1566.623706054687,
  "summary_bg_stdv": 556.6556396484375,
  "summary_fg_k": 0.8764288492425796,
  "summary_fg_mad": 2423.6097741984213,
  "summary_fg_mean": 6761.03564453125,
  "summary_fg_median": 6291.1298828125,
  "summary_fg_n": 136982.0,
  "summary_fg_p05": 3496.871374511719,
  "summary_fg_p95": 11605.336865234374,
  "summary_fg_stdv": 2552.4208984375,
  "tsnr": 52.09598485054448
}