{
  "aor": 0.0051270469798657715,
  "aqi": 0.0062372286577181205,
  "bids_meta": {
    "AcquisitionMatrixPE": 96,
    "AcquisitionNumber": 1,
    "AcquisitionTime": "10:43:10.660000",
    "BandwidthPerPixelPhaseEncode": 16.276,
    "BaseResolution": 96,
    "BodyPartExamined": "BRAIN",
    "ConsistencyInfo": "N4_VE11C_LATEST_20160120",
    "ConversionSoftware": "dcm2niix",
    "ConversionSoftwareVersion": "v1.0.20190410  GCC6.3.0",
    "DerivedVendorReportedEchoSpacing": 0.000640002,
    "DeviceSerialNumber": "66044",
    "EchoTime": 0.0302,
    "EchoTrainLength": 84,
    "EffectiveEchoSpacing": 0.000640002,
    "FlipAngle": 90,
    "ImageComments": "Unaliased_MB3_PE3_CBPD0187@mackeylab:_CBPD_data",
    "ImageOrientationPatientDICOM": [
      0.986473,
      -0.150429,
      0.0651364,
      0.140396,
      0.980432,
      0.137993
    ],
    "ImageType": [
      "ORIGINAL",
      "PRIMARY",
      "M",
      "MB",
      "ND",
      "MOSAIC"
    ],
    "ImagingFrequency": 123.263,
    "InPlanePhaseEncodingDirectionDICOM": "COL",
    "InstitutionAddress": "Curie_Blvd._422_Philadelphia_PA_US_19104",
    "InstitutionName": "SC3T",
    "MRAcquisitionType": "2D",
    "MagneticFieldStrength": 3,
    "Manufacturer": "Siemens",
    "ManufacturersModelName": "Prisma",
    "Modality": "MR",
    "MultibandAccelerationFactor": 3,
    "PartialFourier": 0.875,
    "PatientPosition": "HFS",
    "PercentPhaseFOV": 100,
    "PhaseEncodingDirection": "j-",
    "PhaseEncodingSteps": 84,
    "PhaseResolution": 1,
    "PixelBandwidth": 1860,
    "ProcedureStepDescription": "CAMRIS_Mackey",
    "ProtocolName": "BOLD_piper",
    "PulseSequenceDetails": "%CustomerSeq%_cmrr_mbep2d_bold",
    "ReceiveCoilActiveElements": "HEA;HEP",
    "ReceiveCoilName": "Head_32",
    "ReconMatrixPE": 96,
    "RepetitionTime": 2,
    "SAR": 0.104227,
    "ScanOptions": "PFP_FS_EXT",
    "ScanningSequence": "EP",
    "SequenceName": "epfid2d1_96",
    "SequenceVariant": "SK_SS",
    "SeriesDescription": "BOLD_piper",
    "SeriesNumber": 16,
    "ShimSetting": [
      3818,
      2394,
      517,
      629,
      11,
      -175,
      -14,
      84
    ],
    "SliceThickness": 2,
    "SliceTiming": [
      0,
      0.08,
      0.1575,
      0.2375,
      0.3175,
      0.395,
      0.475,
      0.555,
      0.6325,
      0.7125,
      0.7925,
      0.87,
      0.95,
      1.03,
      1.1075,
      1.1875,
      1.2675,
      1.345,
      1.425,
      1.505,
      1.5825,
      1.6625,
      1.7425,
      1.8225,
      1.9,
      0,
      0.08,
      0.1575,
      0.2375,
      0.3175,
      0.395,
      0.475,
      0.555,
      0.6325,
      0.7125,
      0.7925,
      0.87,
      0.95,
      1.03,
      1.1075,
      1.1875,
      1.2675,
      1.345,
      1.425,
      1.505,
      1.5825,
      1.6625,
      1.7425,
      1.8225,
      1.9,
      0,
      0.08,
      0.1575,
      0.2375,
      0.3175,
      0.395,
      0.475,
      0.555,
      0.6325,
      0.7125,
      0.7925,
      0.87,
      0.95,
      1.03,
      1.1075,
      1.1875,
      1.2675,
      1.345,
      1.425,
      1.505,
      1.5825,
      1.6625,
      1.7425,
      1.8225,
      1.9
    ],
    "SoftwareVersions": "syngo_MR_E11",
    "SpacingBetweenSlices": 2,
    "StationName": "AWP66044",
    "TaskName": "piper",
    "TotalReadoutTime": 0.0608002,
    "TxRefAmp": 217.404,
    "WipMemBlock": "dcc2aecd-1d31-47a3-90c2-7351ad5ca1f3||Sequence: R016 ve11c/master r/e634e98; Dec 19 2017 11:00:25 by eja",
    "dataset": "ds004228",
    "modality": "bold",
    "run_id": 1,
    "session_id": "01",
    "subject_id": "16",
    "task_id": "piper"
  },
  "dummy_trs": 1,
  "dvars_nstd": 44.1070707554054,
  "dvars_std": 1.3198030612837839,
  "dvars_vstd": 1.0639256185135137,
  "efc": 0.5098435228161579,
  "fber": 649.706787109375,
  "fd_mean": 0.1696126157454894,
  "fd_num": 40,
  "fd_perc": 26.845637583892618,
  "fwhm_avg": 3.3344883333333333,
  "fwhm_x": 3.12142,
  "fwhm_y": 3.462635,
  "fwhm_z": 3.41941,
  "gcor": 0.0139947,
  "gsr_x": -0.0007828624220564961,
  "gsr_y": 0.04449180141091347,
  "provenance": {
    "md5sum": "849b994a75fe957bc3fa27c34596e926",
    "settings": {
      "fd_thres": 0.2,
      "testing": false
    },
    "software": "mriqc",
    "version": "23.0.1",
    "webapi_port": null,
    "webapi_url": "https://mriqc.nimh.nih.gov/api/v1"
  },
  "size_t": 149,
  "size_x": 96,
  "size_y": 96,
  "size_z": 75,
  "snr": 2.385946868153633,
  "spacing_tr": 2.0,
  "spacing_x": 2.0,
  "spacing_y": 2.0,
  "spacing_z": 2.0,
  "summary_bg_k": 24.00972667112439,
  "summary_bg_mad": 64.65736954423464,
  "summary_bg_mean": 397.33343505859375,
  "summary_bg_median": 222.7785186767578,
  "summary_bg_n": 466248.0,
  "summary_bg_p05": 167.7986602783203,
  "summary_bg_p95": 1361.8208618164058,
  "summary_bg_stdv": 488.0259704589844,
  "summary_fg_k": 1.6752790587565878,
  "summary_fg_mad": 1959.6168135896505,
  "summary_fg_mean": 6268.966796875,
  "summary_fg_median": 5758.66796875,
  "summary_fg_n": 133810.0,
  "summary_fg_p05": 3403.1423461914064,
  "summary_fg_p95": 11226.574316406246,
  "summary_fg_stdv": 2413.568603515625,
  "tsnr": 46.07908749952912
}