{
  "aor": 0.002532533333333333,
  "aqi": 0.004689310666666667,
  "bids_meta": {
    "AcquisitionMatrixPE": 96,
    "AcquisitionNumber": 1,
    "AcquisitionTime": "10:52:4.957500",
    "BandwidthPerPixelPhaseEncode": 16.276,
    "BaseResolution": 96,
    "BodyPartExamined": "BRAIN",
    "ConsistencyInfo": "N4_VE11C_LATEST_20160120",
    "ConversionSoftware": "dcm2niix",
    "ConversionSoftwareVersion": "v1.0.20190410  GCC6.3.0",
    "DerivedVendorReportedEchoSpacing": 0.000640002,
    "DeviceSerialNumber": "66044",
    "EchoTime": 0.0302,
    "EchoTrainLength": 84,
    "EffectiveEchoSpacing": 0.000640002,
    "FlipAngle": 90,
    "ImageComments": "Unaliased_MB3_PE3_CBPD0023_3@mackeylab:CBPD_data",
    "ImageOrientationPatientDICOM": [
      0.997137,
      0.0368534,
      -0.0660216,
      -0.0283751,
      0.991746,
      0.125041
    ],
    "ImageType": [
      "ORIGINAL",
      "PRIMARY",
      "M",
      "MB",
      "ND",
      "MOSAIC"
    ],
    "ImagingFrequency": 123.263,
    "InPlanePhaseEncodingDirectionDICOM": "COL",
    "InstitutionAddress": "Curie_Blvd._422_Philadelphia_PA_US_19104",
    "InstitutionName": "SC3T",
    "MRAcquisitionType": "2D",
    "MagneticFieldStrength": 3,
    "Manufacturer": "Siemens",
    "ManufacturersModelName": "Prisma",
    "Modality": "MR",
    "MultibandAccelerationFactor": 3,
    "PartialFourier": 0.875,
    "PatientPosition": "HFS",
    "PercentPhaseFOV": 100,
    "PhaseEncodingDirection": "j-",
    "PhaseEncodingSteps": 84,
    "PhaseResolution": 1,
    "PixelBandwidth": 1860,
    "ProcedureStepDescription": "CAMRIS_Mackey",
    "ProtocolName": "BOLD_piper",
    "PulseSequenceDetails": "%CustomerSeq%_cmrr_mbep2d_bold",
    "ReceiveCoilActiveElements": "HEA;HEP",
    "ReceiveCoilName": "Head_32",
    "ReconMatrixPE": 96,
    "RepetitionTime": 2,
    "SAR": 0.0841224,
    "ScanOptions": "PFP_FS_EXT",
    "ScanningSequence": "EP",
    "SequenceName": "epfid2d1_96",
    "SequenceVariant": "SK_SS",
    "SeriesDescription": "BOLD_piper",
    "SeriesNumber": 15,
    "ShimSetting": [
      3723,
      2424,
      448,
      401,
      -18,
      -159,
      31,
      -40
    ],
    "SliceThickness": 2,
    "SliceTiming": [
      0,
      0.0775,
      0.1575,
      0.2375,
      0.315,
      0.395,
      0.475,
      0.5525,
      0.6325,
      0.7125,
      0.7925,
      0.87,
      0.95,
      1.03,
      1.1075,
      1.1875,
      1.2675,
      1.345,
      1.425,
      1.505,
      1.5825,
      1.6625,
      1.7425,
      1.82,
      1.9,
      0,
      0.0775,
      0.1575,
      0.2375,
      0.315,
      0.395,
      0.475,
      0.5525,
      0.6325,
      0.7125,
      0.7925,
      0.87,
      0.95,
      1.03,
      1.1075,
      1.1875,
      1.2675,
      1.345,
      1.425,
      1.505,
      1.5825,
      1.6625,
      1.7425,
      1.82,
      1.9,
      0,
      0.0775,
      0.1575,
      0.2375,
      0.315,
      0.395,
      0.475,
      0.5525,
      0.6325,
      0.7125,
      0.7925,
      0.87,
      0.95,
      1.03,
      1.1075,
      1.1875,
      1.2675,
      1.345,
      1.425,
      1.505,
      1.5825,
      1.6625,
      1.7425,
      1.82,
      1.9
    ],
    "SoftwareVersions": "syngo_MR_E11",
    "SpacingBetweenSlices": 2,
    "StationName": "AWP66044",
    "TaskName": "piper",
    "TotalReadoutTime": 0.0608002,
    "TxRefAmp": 215.027,
    "WipMemBlock": "dc0173be-1777-49c5-a515-68d98ec1f2a5||Sequence: R016 ve11c/master r/e634e98; Dec 19 2017 11:00:25 by eja",
    "dataset": "ds004228",
    "modality": "bold",
    "run_id": 1,
    "session_id": "01",
    "subject_id": "03",
    "task_id": "piper"
  },
  "dummy_trs": 0,
  "dvars_nstd": 33.76222805060402,
  "dvars_std": 1.18979595818792,
  "dvars_vstd": 1.0546818069798658,
  "efc": 0.5374210373924676,
  "fber": 655.0657958984375,
  "fd_mean": 0.15045655773141384,
  "fd_num": 35,
  "fd_perc": 23.333333333333332,
  "fwhm_avg": 3.3746700683530215,
  "fwhm_x": 3.117445,
  "fwhm_y": 3.566245,
  "fwhm_z": 3.4403202050590638,
  "gcor": 0.0163191,
  "gsr_x": -0.006714221555739641,
  "gsr_y": 0.07080529630184174,
  "provenance": {
    "md5sum": "a0832d29bf2319919496b1146b83cf5c",
    "settings": {
      "fd_thres": 0.2,
      "testing": false
    },
    "software": "mriqc",
    "version": "23.0.1",
    "webapi_port": null,
    "webapi_url": "https://mriqc.nimh.nih.gov/api/v1"
  },
  "size_t": 150,
  "size_x": 96,
  "size_y": 96,
  "size_z": 75,
  "snr": 2.468495449557216,
  "spacing_tr": 2.0,
  "spacing_x": 2.0,
  "spacing_y": 2.0,
  "spacing_z": 1.9999998807907104,
  "summary_bg_k": 26.07888951172487,
  "summary_bg_mad": 75.82029917218242,
  "summary_bg_mean": 514.3720703125,
  "summary_bg_median": 237.41334533691406,
  "summary_bg_n": 449082.0,
  "summary_bg_p05": 171.19334411621094,
  "summary_bg_p95": 2046.2740295410101,
  "summary_bg_stdv": 765.1494750976562,
  "summary_fg_k": 0.18033333486529424,
  "summary_fg_mad": 2464.025525153421,
  "summary_fg_mean": 6624.42236328125,
  "summary_fg_median": 6171.9736328125,
  "summary_fg_n": 147961.0,
  "summary_fg_p05": 3334.21337890625,
  "summary_fg_p95": 11261.3798828125,
  "summary_fg_stdv": 2500.289306640625,
  "tsnr": 46.819032803643495
}