{
  "bids_meta": {
    "AcquisitionMatrixPE": 256,
    "AcquisitionNumber": 1,
    "AcquisitionTime": "10:20:25.172500",
    "BaseResolution": 256,
    "BodyPartExamined": "BRAIN",
    "ConsistencyInfo": "N4_VE11C_LATEST_20160120",
    "ConversionSoftware": "dcm2niix",
    "ConversionSoftwareVersion": "v1.0.20190410  GCC6.3.0",
    "DeviceSerialNumber": "66044",
    "EchoTime": 0.00169,
    "FlipAngle": 7,
    "ImageComments": "CBPD0078_3@mackeylab:CBPD_data",
    "ImageOrientationPatientDICOM": [
      0.0885721,
      0.995589,
      -0.030945,
      -0.0890973,
      -0.0230237,
      -0.995757
    ],
    "ImageType": [
      "ORIGINAL",
      "PRIMARY",
      "OTHER",
      "ND",
      "NORM",
      "MEAN"
    ],
    "ImagingFrequency": 123.263,
    "InPlanePhaseEncodingDirectionDICOM": "ROW",
    "InstitutionAddress": "Curie_Blvd._422_Philadelphia_PA_US_19104",
    "InstitutionName": "SC3T",
    "InversionTime": 1.33,
    "MRAcquisitionType": "3D",
    "MagneticFieldStrength": 3,
    "Manufacturer": "Siemens",
    "ManufacturersModelName": "Prisma",
    "Modality": "MR",
    "NumberOfAverages": 4,
    "PartialFourier": 1,
    "PatientPosition": "HFS",
    "PercentPhaseFOV": 100,
    "PhaseEncodingSteps": 255,
    "PhaseResolution": 1,
    "PixelBandwidth": 650,
    "ProcedureStepDescription": "CAMRIS_Mackey",
    "ProtocolName": "vNav_MPRAGE_1mm_p3",
    "PulseSequenceDetails": "%CustomerSeq%_tfl_mgh_epinav_ABCD",
    "ReceiveCoilActiveElements": "HEA;HEP",
    "ReceiveCoilName": "Head_32",
    "ReconMatrixPE": 256,
    "RefLinesPE": 32,
    "RepetitionTime": 2.53,
    "SAR": 0.0349743,
    "ScanOptions": "IR_WE",
    "ScanningSequence": "GR_IR",
    "SequenceName": "tfl3d4_16ns",
    "SequenceVariant": "SK_SP_MP",
    "SeriesDescription": "vNav_MPRAGE_1mm_p3_RMS",
    "SeriesNumber": 9,
    "ShimSetting": [
      3757,
      2421,
      391,
      397,
      19,
      -318,
      -37,
      84
    ],
    "SliceThickness": 1,
    "SoftwareVersions": "syngo_MR_E11",
    "StationName": "AWP66044",
    "TxRefAmp": 217.748,
    "WipMemBlock": "Prisma_epi_moco_navigator_ABCD_tfl.prot",
    "dataset": "ds004228",
    "modality": "T1w",
    "run_id": 1,
    "session_id": "01",
    "subject_id": "07"
  },
  "cjv": 0.31781596084494595,
  "cnr": 4.1328625249721,
  "efc": 0.5686300545302021,
  "fber": 15221.83763915144,
  "fwhm_avg": 3.705576666666667,
  "fwhm_x": 3.7888,
  "fwhm_y": 3.87058,
  "fwhm_z": 3.45735,
  "icvs_csf": 0.17691041784350106,
  "icvs_gm": 0.5042315859062922,
  "icvs_wm": 0.3188579962502067,
  "inu_med": 0.46197548508644104,
  "inu_range": 0.18716495633125302,
  "provenance": {
    "md5sum": "5d670bda77b299c2c61aa923fa57dc28",
    "settings": {
      "testing": false
    },
    "software": "mriqc",
    "version": "23.0.1",
    "warnings": {
      "large_rot_frame": true,
      "small_air_mask": false
    },
    "webapi_port": null,
    "webapi_url": "https://mriqc.nimh.nih.gov/api/v1"
  },
  "qi_1": 0.0,
  "qi_2": 0.0017223874453155725,
  "rpve_csf": 34.57175347169925,
  "rpve_gm": 13.58995339066813,
  "rpve_wm": 22.488155562179376,
  "size_x": 176,
  "size_y": 256,
  "size_z": 256,
  "snr_csf": 2.609214082670297,
  "snr_gm": 15.485642538758366,
  "snr_total": 14.760275503855198,
  "snr_wm": 26.185969890136924,
  "snrd_csf": 34.117893859681736,
  "snrd_gm": 76.79881536785952,
  "snrd_total": 71.40812068551718,
  "snrd_wm": 103.30765282901028,
  "spacing_x": 1.0,
  "spacing_y": 1.0,
  "spacing_z": 1.0,
  "summary_bg_k": 5.049423118211157,
  "summary_bg_mad": 6.341605601806426,
  "summary_bg_mean": 7.907913669684774,
  "summary_bg_median": 4.277347978204489,
  "summary_bg_n": 1903239.0,
  "summary_bg_p05": 0.0,
  "summary_bg_p95": 27.9226875025779,
  "summary_bg_stdv": 9.595386810651057,
  "summary_csf_k": 0.29072759434227624,
  "summary_csf_mad": 108.01473092796459,
  "summary_csf_mean": 323.21721776870686,
  "summary_csf_median": 330.25523665361106,
  "summary_csf_n": 22438.0,
  "summary_csf_p05": 99.8121149474755,
  "summary_csf_p95": 533.744070434477,
  "summary_csf_stdv": 126.56986618340608,
  "summary_gm_k": 0.2998071530556792,
  "summary_gm_mad": 45.813655422395954,
  "summary_gm_mean": 742.8364511613112,
  "summary_gm_median": 743.3990810904652,
  "summary_gm_n": 47288.0,
  "summary_gm_p05": 662.6231634067371,
  "summary_gm_p95": 821.023952471558,
  "summary_gm_stdv": 48.005190540392704,
  "summary_wm_k": 0.5600965687726056,
  "summary_wm_mad": 35.738207269993225,
  "summary_wm_mean": 999.7792394413985,
  "summary_wm_median": 999.9999845679849,
  "summary_wm_n": 132813.0,
  "summary_wm_p05": 936.8911130428314,
  "summary_wm_p95": 1062.6011708658189,
  "summary_wm_stdv": 38.18824447078818,
  "tpm_overlap_csf": 0.15699906275777264,
  "tpm_overlap_gm": 0.4899563110575266,
  "tpm_overlap_wm": 0.49749200562252005,
  "wm2max": 0.9126746689043744
}