{
  "aor": 0.0010486,
  "aqi": 0.003610182400000001,
  "bids_meta": {
    "AcquisitionMatrixPE": 96,
    "AcquisitionNumber": 1,
    "AcquisitionTime": "14:16:59.265000",
    "BandwidthPerPixelPhaseEncode": 16.276,
    "BaseResolution": 96,
    "BodyPartExamined": "BRAIN",
    "ConsistencyInfo": "N4_VE11C_LATEST_20160120",
    "ConversionSoftware": "dcm2niix",
    "ConversionSoftwareVersion": "v1.0.20190410  GCC6.3.0",
    "DerivedVendorReportedEchoSpacing": 0.000640002,
    "DeviceSerialNumber": "66044",
    "EchoTime": 0.0302,
    "EchoTrainLength": 84,
    "EffectiveEchoSpacing": 0.000640002,
    "FlipAngle": 90,
    "ImageComments": "Unaliased_MB3_PE3_CBPD0195@mackeylab:CBPD_data",
    "ImageOrientationPatientDICOM": [
      0.996741,
      -0.0430121,
      -0.0682432,
      0.0435187,
      0.999035,
      0.00595255
    ],
    "ImageType": [
      "ORIGINAL",
      "PRIMARY",
      "M",
      "MB",
      "ND",
      "MOSAIC"
    ],
    "ImagingFrequency": 123.263,
    "InPlanePhaseEncodingDirectionDICOM": "COL",
    "InstitutionAddress": "Curie_Blvd._422_Philadelphia_PA_US_19104",
    "InstitutionName": "SC3T",
    "MRAcquisitionType": "2D",
    "MagneticFieldStrength": 3,
    "Manufacturer": "Siemens",
    "ManufacturersModelName": "Prisma",
    "Modality": "MR",
    "MultibandAccelerationFactor": 3,
    "PartialFourier": 0.875,
    "PatientPosition": "HFS",
    "PercentPhaseFOV": 100,
    "PhaseEncodingDirection": "j-",
    "PhaseEncodingSteps": 84,
    "PhaseResolution": 1,
    "PixelBandwidth": 1860,
    "ProcedureStepDescription": "CAMRIS_Mackey",
    "ProtocolName": "BOLD_piper",
    "PulseSequenceDetails": "%CustomerSeq%_cmrr_mbep2d_bold",
    "ReceiveCoilActiveElements": "HEA;HEP",
    "ReceiveCoilName": "Head_32",
    "ReconMatrixPE": 96,
    "RepetitionTime": 2,
    "SAR": 0.0908335,
    "ScanOptions": "PFP_FS_EXT",
    "ScanningSequence": "EP",
    "SequenceName": "epfid2d1_96",
    "SequenceVariant": "SK_SS",
    "SeriesDescription": "BOLD_piper",
    "SeriesNumber": 15,
    "ShimSetting": [
      3716,
      2446,
      491,
      455,
      -71,
      -228,
      57,
      85
    ],
    "SliceThickness": 2,
    "SliceTiming": [
      0,
      0.0775,
      0.1575,
      0.2375,
      0.315,
      0.395,
      0.475,
      0.5525,
      0.6325,
      0.7125,
      0.79,
      0.87,
      0.95,
      1.0275,
      1.1075,
      1.1875,
      1.265,
      1.345,
      1.425,
      1.5025,
      1.5825,
      1.6625,
      1.74,
      1.82,
      1.9,
      0,
      0.0775,
      0.1575,
      0.2375,
      0.315,
      0.395,
      0.475,
      0.5525,
      0.6325,
      0.7125,
      0.79,
      0.87,
      0.95,
      1.0275,
      1.1075,
      1.1875,
      1.265,
      1.345,
      1.425,
      1.5025,
      1.5825,
      1.6625,
      1.74,
      1.82,
      1.9,
      0,
      0.0775,
      0.1575,
      0.2375,
      0.315,
      0.395,
      0.475,
      0.5525,
      0.6325,
      0.7125,
      0.79,
      0.87,
      0.95,
      1.0275,
      1.1075,
      1.1875,
      1.265,
      1.345,
      1.425,
      1.5025,
      1.5825,
      1.6625,
      1.74,
      1.82,
      1.9
    ],
    "SoftwareVersions": "syngo_MR_E11",
    "SpacingBetweenSlices": 2,
    "StationName": "AWP66044",
    "TaskName": "piper",
    "TotalReadoutTime": 0.0608002,
    "TxRefAmp": 221.877,
    "WipMemBlock": "79d7a144-6c46-441f-ac41-d727f97e7d89||Sequence: R016 ve11c/master r/e634e98; Dec 19 2017 11:00:25 by eja",
    "dataset": "ds004228",
    "modality": "bold",
    "run_id": 1,
    "session_id": "01",
    "subject_id": "21",
    "task_id": "piper"
  },
  "dummy_trs": 0,
  "dvars_nstd": 33.36742808181208,
  "dvars_std": 1.2972562152348985,
  "dvars_vstd": 1.0045326046979866,
  "efc": 0.5313279543363881,
  "fber": 770.7288208007812,
  "fd_mean": 0.10746029487054673,
  "fd_num": 13,
  "fd_perc": 8.666666666666666,
  "fwhm_avg": 3.752435,
  "fwhm_x": 3.517765,
  "fwhm_y": 3.95359,
  "fwhm_z": 3.78595,
  "gcor": 0.0178455,
  "gsr_x": -0.021135278046131134,
  "gsr_y": 0.0748654454946518,
  "provenance": {
    "md5sum": "fbc9c33cc040897196c8836f8f6ea620",
    "settings": {
      "fd_thres": 0.2,
      "testing": false
    },
    "software": "mriqc",
    "version": "23.0.1",
    "webapi_port": null,
    "webapi_url": "https://mriqc.nimh.nih.gov/api/v1"
  },
  "size_t": 150,
  "size_x": 96,
  "size_y": 96,
  "size_z": 75,
  "snr": 2.0299663962239114,
  "spacing_tr": 2.0,
  "spacing_x": 2.0,
  "spacing_y": 2.0,
  "spacing_z": 2.0,
  "summary_bg_k": 21.693446877379053,
  "summary_bg_mad": 94.62269326496109,
  "summary_bg_mean": 548.245361328125,
  "summary_bg_median": 268.03411865234375,
  "summary_bg_n": 428039.0,
  "summary_bg_p05": 190.6883331298828,
  "summary_bg_p95": 2053.0699218749987,
  "summary_bg_stdv": 721.5752563476562,
  "summary_fg_k": 0.2471455158097493,
  "summary_fg_mad": 3772.03070051435,
  "summary_fg_mean": 8447.560546875,
  "summary_fg_median": 7648.9287109375,
  "summary_fg_n": 164426.0,
  "summary_fg_p05": 3761.611328125,
  "summary_fg_p95": 15537.863037109375,
  "summary_fg_stdv": 3767.99609375,
  "tsnr": 54.15331268310547
}