{
  "aor": 0.009596133333333335,
  "aqi": 0.004814706466666666,
  "bids_meta": {
    "AcquisitionMatrixPE": 96,
    "AcquisitionNumber": 1,
    "AcquisitionTime": "09:38:31.752500",
    "BandwidthPerPixelPhaseEncode": 16.276,
    "BaseResolution": 96,
    "BodyPartExamined": "BRAIN",
    "ConsistencyInfo": "N4_VE11C_LATEST_20160120",
    "ConversionSoftware": "dcm2niix",
    "ConversionSoftwareVersion": "v1.0.20190410  GCC6.3.0",
    "DerivedVendorReportedEchoSpacing": 0.000640002,
    "DeviceSerialNumber": "66044",
    "EchoTime": 0.0302,
    "EchoTrainLength": 84,
    "EffectiveEchoSpacing": 0.000640002,
    "FlipAngle": 90,
    "ImageComments": "Unaliased_MB3_PE3_CBPD0097_2@mackeylab:CBPD_data",
    "ImageOrientationPatientDICOM": [
      0.99889,
      -0.000277646,
      0.0471015,
      -0.00784546,
      0.985033,
      0.172187
    ],
    "ImageType": [
      "ORIGINAL",
      "PRIMARY",
      "M",
      "MB",
      "ND",
      "MOSAIC"
    ],
    "ImagingFrequency": 123.255,
    "InPlanePhaseEncodingDirectionDICOM": "COL",
    "InstitutionAddress": "Curie_Blvd._422_Philadelphia_PA_US_19104",
    "InstitutionName": "SC3T",
    "MRAcquisitionType": "2D",
    "MagneticFieldStrength": 3,
    "Manufacturer": "Siemens",
    "ManufacturersModelName": "Prisma",
    "Modality": "MR",
    "MultibandAccelerationFactor": 3,
    "PartialFourier": 0.875,
    "PatientPosition": "HFS",
    "PercentPhaseFOV": 100,
    "PhaseEncodingDirection": "j-",
    "PhaseEncodingSteps": 84,
    "PhaseResolution": 1,
    "PixelBandwidth": 1860,
    "ProcedureStepDescription": "CAMRIS_Mackey",
    "ProtocolName": "BOLD_piper",
    "PulseSequenceDetails": "%CustomerSeq%_cmrr_mbep2d_bold",
    "ReceiveCoilActiveElements": "HEA;HEP",
    "ReceiveCoilName": "Head_32",
    "ReconMatrixPE": 96,
    "RepetitionTime": 2,
    "SAR": 0.0824083,
    "ScanOptions": "PFP_FS_EXT",
    "ScanningSequence": "EP",
    "SequenceName": "epfid2d1_96",
    "SequenceVariant": "SK_SS",
    "SeriesDescription": "BOLD_piper",
    "SeriesNumber": 15,
    "ShimSetting": [
      3839,
      2759,
      577,
      599,
      -16,
      61,
      144,
      17
    ],
    "SliceThickness": 2,
    "SliceTiming": [
      0,
      0.08,
      0.16,
      0.2375,
      0.3175,
      0.3975,
      0.4775,
      0.555,
      0.635,
      0.715,
      0.7925,
      0.8725,
      0.9525,
      1.03,
      1.11,
      1.19,
      1.2675,
      1.3475,
      1.4275,
      1.505,
      1.585,
      1.665,
      1.7425,
      1.8225,
      1.9025,
      0,
      0.08,
      0.16,
      0.2375,
      0.3175,
      0.3975,
      0.4775,
      0.555,
      0.635,
      0.715,
      0.7925,
      0.8725,
      0.9525,
      1.03,
      1.11,
      1.19,
      1.2675,
      1.3475,
      1.4275,
      1.505,
      1.585,
      1.665,
      1.7425,
      1.8225,
      1.9025,
      0,
      0.08,
      0.16,
      0.2375,
      0.3175,
      0.3975,
      0.4775,
      0.555,
      0.635,
      0.715,
      0.7925,
      0.8725,
      0.9525,
      1.03,
      1.11,
      1.19,
      1.2675,
      1.3475,
      1.4275,
      1.505,
      1.585,
      1.665,
      1.7425,
      1.8225,
      1.9025
    ],
    "SoftwareVersions": "syngo_MR_E11",
    "SpacingBetweenSlices": 2,
    "StationName": "AWP66044",
    "TaskName": "piper",
    "TotalReadoutTime": 0.0608002,
    "TxRefAmp": 216.652,
    "WipMemBlock": "549b7f2b-a150-448c-9cc9-90e1dbe1ba39||Sequence: R016 ve11c/master r/e634e98; Dec 19 2017 11:00:25 by eja",
    "dataset": "ds004228",
    "modality": "bold",
    "run_id": 1,
    "session_id": "01",
    "subject_id": "09",
    "task_id": "piper"
  },
  "dummy_trs": 0,
  "dvars_nstd": 44.38701519577178,
  "dvars_std": 1.3593885655704703,
  "dvars_vstd": 1.0982231375167781,
  "efc": 0.547465683417195,
  "fber": 622.8451538085938,
  "fd_mean": 0.2782096464964983,
  "fd_num": 101,
  "fd_perc": 67.33333333333333,
  "fwhm_avg": 3.6408265163564857,
  "fwhm_x": 3.390965,
  "fwhm_y": 3.748835,
  "fwhm_z": 3.7826795490694582,
  "gcor": 0.00907185,
  "gsr_x": 0.0008191955275833607,
  "gsr_y": 0.08030614256858826,
  "provenance": {
    "md5sum": "d673e12b30553f1b0ddbbdbf18c77996",
    "settings": {
      "fd_thres": 0.2,
      "testing": false
    },
    "software": "mriqc",
    "version": "23.0.1",
    "webapi_port": null,
    "webapi_url": "https://mriqc.nimh.nih.gov/api/v1"
  },
  "size_t": 150,
  "size_x": 96,
  "size_y": 96,
  "size_z": 75,
  "snr": 2.1004105260705765,
  "spacing_tr": 2.0,
  "spacing_x": 2.0,
  "spacing_y": 2.0,
  "spacing_z": 2.000000238418579,
  "summary_bg_k": 22.570038250382648,
  "summary_bg_mad": 105.08190942382402,
  "summary_bg_mean": 593.28369140625,
  "summary_bg_median": 264.6400146484375,
  "summary_bg_n": 427184.0,
  "summary_bg_p05": 172.52000427246094,
  "summary_bg_p95": 2339.0924804687497,
  "summary_bg_stdv": 858.4155883789062,
  "summary_fg_k": 0.30111871460258666,
  "summary_fg_mad": 3102.1373752128593,
  "summary_fg_mean": 7386.5986328125,
  "summary_fg_median": 6705.11328125,
  "summary_fg_n": 164775.0,
  "summary_fg_p05": 3370.1894287109376,
  "summary_fg_p95": 13413.438476562498,
  "summary_fg_stdv": 3192.27734375,
  "tsnr": 45.70905893831514
}