{
  "bids_meta": {
    "AcquisitionMatrixPE": 256,
    "AcquisitionNumber": 1,
    "AcquisitionTime": "11:10:22.712500",
    "BaseResolution": 256,
    "BodyPartExamined": "BRAIN",
    "ConsistencyInfo": "N4_VE11C_LATEST_20160120",
    "ConversionSoftware": "dcm2niix",
    "ConversionSoftwareVersion": "v1.0.20190410  GCC6.3.0",
    "DeviceSerialNumber": "66044",
    "EchoTime": 0.00169,
    "FlipAngle": 7,
    "ImageComments": "CBPD0202@mackeylab:CBPD_data",
    "ImageOrientationPatientDICOM": [
      0.110626,
      0.95846,
      0.262899,
      0.144671,
      0.246176,
      -0.958367
    ],
    "ImageType": [
      "ORIGINAL",
      "PRIMARY",
      "OTHER",
      "ND",
      "NORM",
      "MEAN"
    ],
    "ImagingFrequency": 123.263,
    "InPlanePhaseEncodingDirectionDICOM": "ROW",
    "InstitutionAddress": "Curie_Blvd._422_Philadelphia_PA_US_19104",
    "InstitutionName": "SC3T",
    "InversionTime": 1.33,
    "MRAcquisitionType": "3D",
    "MagneticFieldStrength": 3,
    "Manufacturer": "Siemens",
    "ManufacturersModelName": "Prisma",
    "Modality": "MR",
    "NumberOfAverages": 4,
    "PartialFourier": 1,
    "PatientPosition": "HFS",
    "PercentPhaseFOV": 100,
    "PhaseEncodingSteps": 255,
    "PhaseResolution": 1,
    "PixelBandwidth": 650,
    "ProcedureStepDescription": "CAMRIS_Mackey",
    "ProtocolName": "vNav_MPRAGE_1mm_p3",
    "PulseSequenceDetails": "%CustomerSeq%_tfl_mgh_epinav_ABCD",
    "ReceiveCoilActiveElements": "HEA;HEP",
    "ReceiveCoilName": "Head_32",
    "ReconMatrixPE": 256,
    "RefLinesPE": 32,
    "RepetitionTime": 2.53,
    "SAR": 0.0414005,
    "ScanOptions": "IR_WE",
    "ScanningSequence": "GR_IR",
    "SequenceName": "tfl3d4_16ns",
    "SequenceVariant": "SK_SP_MP",
    "SeriesDescription": "vNav_MPRAGE_1mm_p3_RMS",
    "SeriesNumber": 9,
    "ShimSetting": [
      3822,
      2365,
      403,
      251,
      -20,
      -396,
      129,
      37
    ],
    "SliceThickness": 1,
    "SoftwareVersions": "syngo_MR_E11",
    "StationName": "AWP66044",
    "TxRefAmp": 220.838,
    "WipMemBlock": "Prisma_epi_moco_navigator_ABCD_tfl.prot",
    "dataset": "ds004228",
    "modality": "T1w",
    "run_id": 1,
    "session_id": "01",
    "subject_id": "25"
  },
  "cjv": 0.30992320269842705,
  "cnr": 4.289524222787346,
  "efc": 0.5780496132932132,
  "fber": 19036.115102040814,
  "fwhm_avg": 3.7229079871461095,
  "fwhm_x": 3.8924939614383276,
  "fwhm_y": 3.85275,
  "fwhm_z": 3.42348,
  "icvs_csf": 0.1612227474173507,
  "icvs_gm": 0.5159857935587439,
  "icvs_wm": 0.32279145902390544,
  "inu_med": 0.47079285979270935,
  "inu_range": 0.22236675620079038,
  "provenance": {
    "md5sum": "e8b24357e00a844d6d03712789d625cc",
    "settings": {
      "testing": false
    },
    "software": "mriqc",
    "version": "23.0.1",
    "warnings": {
      "large_rot_frame": true,
      "small_air_mask": false
    },
    "webapi_port": null,
    "webapi_url": "https://mriqc.nimh.nih.gov/api/v1"
  },
  "qi_1": 0.0,
  "qi_2": 0.0021193066929499744,
  "rpve_csf": 34.795750717661285,
  "rpve_gm": 12.380383899450255,
  "rpve_wm": 20.211533543677593,
  "size_x": 176,
  "size_y": 256,
  "size_z": 256,
  "snr_csf": 2.441817401059922,
  "snr_gm": 17.233519301242403,
  "snr_total": 15.275027251568824,
  "snr_wm": 26.149745052404153,
  "snrd_csf": 32.58107589852374,
  "snrd_gm": 73.46975564522567,
  "snrd_total": 68.05582710421872,
  "snrd_wm": 98.11664976890675,
  "spacing_x": 1.0006592273712158,
  "spacing_y": 1.0,
  "spacing_z": 1.0,
  "summary_bg_k": 4.240905390129616,
  "summary_bg_mad": 6.6772584691201375,
  "summary_bg_mean": 7.778335761317811,
  "summary_bg_median": 4.5037423968315125,
  "summary_bg_n": 1916442.0,
  "summary_bg_p05": 0.0,
  "summary_bg_p95": 25.542351245880127,
  "summary_bg_stdv": 8.896484530958057,
  "summary_csf_k": 0.034936319549401684,
  "summary_csf_mad": 133.6078666450236,
  "summary_csf_mean": 339.87914791320867,
  "summary_csf_median": 332.0717105269432,
  "summary_csf_n": 19330.0,
  "summary_csf_p05": 124.10559066236019,
  "summary_csf_p95": 576.2041504979134,
  "summary_csf_stdv": 135.99015255165102,
  "summary_gm_k": 0.32947368395940657,
  "summary_gm_mad": 41.48991353934508,
  "summary_gm_mean": 748.4423381035556,
  "summary_gm_median": 748.815892547369,
  "summary_gm_n": 61222.0,
  "summary_gm_p05": 676.0053904652596,
  "summary_gm_p95": 818.8564873337746,
  "summary_gm_stdv": 43.45077542518683,
  "summary_wm_k": 0.4552510401877914,
  "summary_wm_mad": 36.36441232009089,
  "summary_wm_mean": 999.3678811317975,
  "summary_wm_median": 1000.0211110711098,
  "summary_wm_n": 143873.0,
  "summary_wm_p05": 935.5013009786605,
  "summary_wm_p95": 1060.7053396105766,
  "summary_wm_stdv": 38.24196502491452,
  "tpm_overlap_csf": 0.12598248823081348,
  "tpm_overlap_gm": 0.48305191503918266,
  "tpm_overlap_wm": 0.4865346807915502,
  "wm2max": 0.9080698116467946
}