{
  "bids_meta": {
    "AcquisitionMatrixPE": 256,
    "AcquisitionNumber": 1,
    "AcquisitionTime": "12:36:10.597500",
    "BaseResolution": 256,
    "BodyPartExamined": "BRAIN",
    "ConsistencyInfo": "N4_VE11C_LATEST_20160120",
    "ConversionSoftware": "dcm2niix",
    "ConversionSoftwareVersion": "v1.0.20190410  GCC6.3.0",
    "DeviceSerialNumber": "66044",
    "EchoTime": 0.00169,
    "FlipAngle": 7,
    "ImageComments": "CBPD0207@mackeylab:CBPD_data",
    "ImageOrientationPatientDICOM": [
      -0.0572254,
      0.991854,
      0.113799,
      -0.0480937,
      0.111115,
      -0.992643
    ],
    "ImageType": [
      "ORIGINAL",
      "PRIMARY",
      "OTHER",
      "ND",
      "NORM",
      "MEAN"
    ],
    "ImagingFrequency": 123.263,
    "InPlanePhaseEncodingDirectionDICOM": "ROW",
    "InstitutionAddress": "Curie_Blvd._422_Philadelphia_PA_US_19104",
    "InstitutionName": "SC3T",
    "InversionTime": 1.33,
    "MRAcquisitionType": "3D",
    "MagneticFieldStrength": 3,
    "Manufacturer": "Siemens",
    "ManufacturersModelName": "Prisma",
    "Modality": "MR",
    "NumberOfAverages": 4,
    "PartialFourier": 1,
    "PatientPosition": "HFS",
    "PercentPhaseFOV": 100,
    "PhaseEncodingSteps": 255,
    "PhaseResolution": 1,
    "PixelBandwidth": 650,
    "ProcedureStepDescription": "CAMRIS_Mackey",
    "ProtocolName": "Mackey_vNav_MPRAGE_1mm_p3",
    "PulseSequenceDetails": "%CustomerSeq%_tfl_mgh_epinav_ABCD",
    "ReceiveCoilActiveElements": "HEA;HEP",
    "ReceiveCoilName": "Head_32",
    "ReconMatrixPE": 256,
    "RefLinesPE": 32,
    "RepetitionTime": 2.53,
    "SAR": 0.0345942,
    "ScanOptions": "IR_WE",
    "ScanningSequence": "GR_IR",
    "SequenceName": "tfl3d4_16ns",
    "SequenceVariant": "SK_SP_MP",
    "SeriesDescription": "Mackey_vNav_MPRAGE_1mm_p3_RMS",
    "SeriesNumber": 9,
    "ShimSetting": [
      3741,
      2451,
      452,
      345,
      24,
      -259,
      60,
      61
    ],
    "SliceThickness": 1,
    "SoftwareVersions": "syngo_MR_E11",
    "StationName": "AWP66044",
    "TxRefAmp": 216.723,
    "WipMemBlock": "Prisma_epi_moco_navigator_ABCD_tfl.prot",
    "dataset": "ds004228",
    "modality": "T1w",
    "run_id": 1,
    "session_id": "01",
    "subject_id": "27"
  },
  "cjv": 0.3218546032701595,
  "cnr": 4.146200730834382,
  "efc": 0.5645691635351806,
  "fber": 31283.502244897958,
  "fwhm_avg": 3.6905866666666665,
  "fwhm_x": 3.81641,
  "fwhm_y": 3.80016,
  "fwhm_z": 3.45519,
  "icvs_csf": 0.15414533981314674,
  "icvs_gm": 0.498201323614294,
  "icvs_wm": 0.3476533365725593,
  "inu_med": 0.398746058344841,
  "inu_range": 0.1589188992977142,
  "provenance": {
    "md5sum": "2efedef12a695d23185c79dbb4c38398",
    "settings": {
      "testing": false
    },
    "software": "mriqc",
    "version": "23.0.1",
    "warnings": {
      "large_rot_frame": true,
      "small_air_mask": false
    },
    "webapi_port": null,
    "webapi_url": "https://mriqc.nimh.nih.gov/api/v1"
  },
  "qi_1": 0.0,
  "qi_2": 0.003123774624718974,
  "rpve_csf": 34.24564518680112,
  "rpve_gm": 12.367964185150369,
  "rpve_wm": 18.95249399108002,
  "size_x": 176,
  "size_y": 256,
  "size_z": 256,
  "snr_csf": 2.6773163632807617,
  "snr_gm": 16.684574767163745,
  "snr_total": 16.048992678803987,
  "snr_wm": 28.785086905967457,
  "snrd_csf": 45.66279664034054,
  "snrd_gm": 92.59216640214778,
  "snrd_total": 86.64762203168186,
  "snrd_wm": 121.68790305255727,
  "spacing_x": 1.0,
  "spacing_y": 1.0,
  "spacing_z": 1.0,
  "summary_bg_k": 4.740535820092713,
  "summary_bg_mad": 5.383847758675479,
  "summary_bg_mean": 4.8706209741381254,
  "summary_bg_median": 3.631350129842758,
  "summary_bg_n": 1953474.0,
  "summary_bg_p05": 0.0,
  "summary_bg_p95": 17.94314181804657,
  "summary_bg_stdv": 6.237072025152859,
  "summary_csf_k": 0.2625639677702334,
  "summary_csf_mad": 131.4148293822151,
  "summary_csf_mean": 381.23553222396436,
  "summary_csf_median": 375.2524594068527,
  "summary_csf_n": 14208.0,
  "summary_csf_p05": 120.398675788939,
  "summary_csf_p95": 601.2874988526105,
  "summary_csf_stdv": 140.15499200838374,
  "summary_gm_k": 0.2762461337198068,
  "summary_gm_mad": 43.76175718281673,
  "summary_gm_mean": 761.0055177916797,
  "summary_gm_median": 760.9134945869446,
  "summary_gm_n": 58421.0,
  "summary_gm_p05": 686.2086606323719,
  "summary_gm_p95": 836.6281157433987,
  "summary_gm_stdv": 45.60541655086223,
  "summary_wm_k": 0.39129781024806665,
  "summary_wm_mad": 33.19559607354453,
  "summary_wm_mean": 999.7818651824858,
  "summary_wm_median": 1000.0194526016712,
  "summary_wm_n": 180246.0,
  "summary_wm_p05": 942.5975149869919,
  "summary_wm_p95": 1056.3733460605145,
  "summary_wm_stdv": 34.74079066788871,
  "tpm_overlap_csf": 0.13365277489162702,
  "tpm_overlap_gm": 0.466222961769554,
  "tpm_overlap_wm": 0.4904423690990307,
  "wm2max": 0.9146404276859137
}