{
  "bids_meta": {
    "AcquisitionMatrixPE": 256,
    "AcquisitionNumber": 1,
    "AcquisitionTime": "10:32:11.020000",
    "BaseResolution": 256,
    "BodyPartExamined": "BRAIN",
    "ConsistencyInfo": "N4_VE11C_LATEST_20160120",
    "ConversionSoftware": "dcm2niix",
    "ConversionSoftwareVersion": "v1.0.20190410  GCC6.3.0",
    "DeviceSerialNumber": "66044",
    "EchoTime": 0.00169,
    "FlipAngle": 7,
    "ImageComments": "CBPD0039_2@mackeylab:CBPD_data",
    "ImageOrientationPatientDICOM": [
      -0.163836,
      0.97503,
      0.149912,
      -0.129295,
      0.129431,
      -0.983123
    ],
    "ImageType": [
      "ORIGINAL",
      "PRIMARY",
      "OTHER",
      "ND",
      "NORM",
      "MEAN"
    ],
    "ImagingFrequency": 123.255,
    "InPlanePhaseEncodingDirectionDICOM": "ROW",
    "InstitutionAddress": "Curie_Blvd._422_Philadelphia_PA_US_19104",
    "InstitutionName": "SC3T",
    "InversionTime": 1.33,
    "MRAcquisitionType": "3D",
    "MagneticFieldStrength": 3,
    "Manufacturer": "Siemens",
    "ManufacturersModelName": "Prisma",
    "Modality": "MR",
    "NumberOfAverages": 4,
    "PartialFourier": 1,
    "PatientPosition": "HFS",
    "PercentPhaseFOV": 100,
    "PhaseEncodingSteps": 255,
    "PhaseResolution": 1,
    "PixelBandwidth": 650,
    "ProcedureStepDescription": "CAMRIS_Mackey",
    "ProtocolName": "vNav_MPRAGE_1mm_p3",
    "PulseSequenceDetails": "%CustomerSeq%_tfl_mgh_epinav_ABCD",
    "ReceiveCoilActiveElements": "HEA;HEP",
    "ReceiveCoilName": "Head_32",
    "ReconMatrixPE": 256,
    "RefLinesPE": 32,
    "RepetitionTime": 2.53,
    "SAR": 0.0444072,
    "ScanOptions": "IR_WE",
    "ScanningSequence": "GR_IR",
    "SequenceName": "tfl3d4_16ns",
    "SequenceVariant": "SK_SP_MP",
    "SeriesDescription": "vNav_MPRAGE_1mm_p3_RMS",
    "SeriesNumber": 9,
    "ShimSetting": [
      3802,
      2713,
      479,
      489,
      -2,
      -53,
      -107,
      58
    ],
    "SliceThickness": 1,
    "SoftwareVersions": "syngo_MR_E11",
    "StationName": "AWP66044",
    "TxRefAmp": 263.82,
    "WipMemBlock": "Prisma_epi_moco_navigator_ABCD_tfl.prot",
    "dataset": "ds004228",
    "modality": "T1w",
    "run_id": 1,
    "session_id": "01",
    "subject_id": "04"
  },
  "cjv": 0.3391809330684548,
  "cnr": 3.892415287982204,
  "efc": 0.5774011626651061,
  "fber": 17728.61285018929,
  "fwhm_avg": 3.6634542243473653,
  "fwhm_x": 3.799892673042095,
  "fwhm_y": 3.73909,
  "fwhm_z": 3.45138,
  "icvs_csf": 0.1707800031724864,
  "icvs_gm": 0.500302765740648,
  "icvs_wm": 0.3289172310868656,
  "inu_med": 0.4458574652671814,
  "inu_range": 0.179142689704895,
  "provenance": {
    "md5sum": "9750264fbf7912834403f0e9865d6cb7",
    "settings": {
      "testing": false
    },
    "software": "mriqc",
    "version": "23.0.1",
    "warnings": {
      "large_rot_frame": true,
      "small_air_mask": false
    },
    "webapi_port": null,
    "webapi_url": "https://mriqc.nimh.nih.gov/api/v1"
  },
  "qi_1": 0.00024252662566015329,
  "qi_2": 0.00167119447476904,
  "rpve_csf": 32.16093174996006,
  "rpve_gm": 12.364226958259291,
  "rpve_wm": 19.650638041795467,
  "size_x": 176,
  "size_y": 256,
  "size_z": 256,
  "snr_csf": 3.172696523682993,
  "snr_gm": 16.282079557231185,
  "snr_total": 15.045182046143118,
  "snr_wm": 25.680770057515176,
  "snrd_csf": 36.07067892932091,
  "snrd_gm": 83.17511780565745,
  "snrd_total": 76.23143558085883,
  "snrd_wm": 109.44851000759813,
  "spacing_x": 0.9998571872711182,
  "spacing_y": 1.0,
  "spacing_z": 1.0,
  "summary_bg_k": 59.46094292965118,
  "summary_bg_mad": 5.985795326977425,
  "summary_bg_mean": 7.881052993097757,
  "summary_bg_median": 4.037357594817877,
  "summary_bg_n": 2183610.0,
  "summary_bg_p05": 0.0,
  "summary_bg_p95": 28.21286030113697,
  "summary_bg_stdv": 10.427535346474444,
  "summary_csf_k": 1.5717292234795686,
  "summary_csf_mad": 80.06902725032153,
  "summary_csf_mean": 346.4015995607117,
  "summary_csf_median": 329.56755475047976,
  "summary_csf_n": 27798.0,
  "summary_csf_p05": 208.47601262349636,
  "summary_csf_p95": 549.278852560278,
  "summary_csf_stdv": 103.87429882960383,
  "summary_gm_k": 0.22653015047274572,
  "summary_gm_mad": 45.36223205625061,
  "summary_gm_mean": 759.5526151423732,
  "summary_gm_median": 759.947442214936,
  "summary_gm_n": 44906.0,
  "summary_gm_p05": 681.9242906235158,
  "summary_gm_p95": 834.9060934633017,
  "summary_gm_stdv": 46.67333665586028,
  "summary_wm_k": 0.6283172455752615,
  "summary_wm_mad": 36.05900799383991,
  "summary_wm_mean": 1000.2674156626912,
  "summary_wm_median": 999.9999690875411,
  "summary_wm_n": 151107.0,
  "summary_wm_p05": 936.8128905855119,
  "summary_wm_p95": 1064.5004048794508,
  "summary_wm_stdv": 38.939512247062865,
  "tpm_overlap_csf": 0.13572744547742746,
  "tpm_overlap_gm": 0.4520027954046184,
  "tpm_overlap_wm": 0.45628754254832044,
  "wm2max": 0.8979841439709961
}