{
  "bids_meta": {
    "AcquisitionMatrixPE": 256,
    "AcquisitionNumber": 1,
    "AcquisitionTime": "10:27:28.302500",
    "BaseResolution": 256,
    "BodyPartExamined": "BRAIN",
    "ConsistencyInfo": "N4_VE11C_LATEST_20160120",
    "ConversionSoftware": "dcm2niix",
    "ConversionSoftwareVersion": "v1.0.20190410  GCC6.3.0",
    "DeviceSerialNumber": "66044",
    "EchoTime": 0.00169,
    "FlipAngle": 7,
    "ImageComments": "CBPD0125_2@mackeylab:CBPD_data",
    "ImageOrientationPatientDICOM": [
      -0.00174689,
      0.991872,
      0.127228,
      -0.0124133,
      0.127197,
      -0.9918
    ],
    "ImageType": [
      "ORIGINAL",
      "PRIMARY",
      "OTHER",
      "ND",
      "NORM",
      "MEAN"
    ],
    "ImagingFrequency": 123.263,
    "InPlanePhaseEncodingDirectionDICOM": "ROW",
    "InstitutionAddress": "Curie_Blvd._422_Philadelphia_PA_US_19104",
    "InstitutionName": "Hospital_Univ._of_Pennsylvania",
    "InversionTime": 1.33,
    "MRAcquisitionType": "3D",
    "MagneticFieldStrength": 3,
    "Manufacturer": "Siemens",
    "ManufacturersModelName": "Prisma",
    "Modality": "MR",
    "NumberOfAverages": 4,
    "PartialFourier": 1,
    "PatientPosition": "HFS",
    "PercentPhaseFOV": 100,
    "PhaseEncodingSteps": 255,
    "PhaseResolution": 1,
    "PixelBandwidth": 650,
    "ProcedureStepDescription": "CAMRIS_Mackey",
    "ProtocolName": "vNav_MPRAGE_1mm_p3",
    "PulseSequenceDetails": "%CustomerSeq%_tfl_mgh_epinav_ABCD",
    "ReceiveCoilActiveElements": "HEA;HEP",
    "ReceiveCoilName": "Head_32",
    "ReconMatrixPE": 256,
    "RefLinesPE": 32,
    "RepetitionTime": 2.53,
    "SAR": 0.0344143,
    "ScanOptions": "IR_WE",
    "ScanningSequence": "GR_IR",
    "SequenceName": "tfl3d4_16ns",
    "SequenceVariant": "SK_SP_MP",
    "SeriesDescription": "vNav_MPRAGE_1mm_p3_RMS",
    "SeriesNumber": 9,
    "ShimSetting": [
      3766,
      2408,
      424,
      329,
      32,
      -271,
      109,
      66
    ],
    "SliceThickness": 1,
    "SoftwareVersions": "syngo_MR_E11",
    "StationName": "AWP66044",
    "TxRefAmp": 217.893,
    "WipMemBlock": "Prisma_epi_moco_navigator_ABCD_tfl.prot",
    "dataset": "ds004228",
    "modality": "T1w",
    "run_id": 1,
    "session_id": "01",
    "subject_id": "10"
  },
  "cjv": 0.2906461823850587,
  "cnr": 4.452602544803893,
  "efc": 0.5759752174895029,
  "fber": 31691.228838671443,
  "fwhm_avg": 3.767533333333333,
  "fwhm_x": 3.93737,
  "fwhm_y": 3.87962,
  "fwhm_z": 3.48561,
  "icvs_csf": 0.16885238959586654,
  "icvs_gm": 0.5015468513833263,
  "icvs_wm": 0.3296007590208071,
  "inu_med": 0.43463078141212463,
  "inu_range": 0.17056958377361287,
  "provenance": {
    "md5sum": "ab874b2d5b291bcad0e1bc14880591e4",
    "settings": {
      "testing": false
    },
    "software": "mriqc",
    "version": "23.0.1",
    "warnings": {
      "large_rot_frame": true,
      "small_air_mask": false
    },
    "webapi_port": null,
    "webapi_url": "https://mriqc.nimh.nih.gov/api/v1"
  },
  "qi_1": 0.0,
  "qi_2": 0.002174280415345232,
  "rpve_csf": 28.675971186326258,
  "rpve_gm": 10.850526269671418,
  "rpve_wm": 17.42527576493207,
  "size_x": 176,
  "size_y": 256,
  "size_z": 256,
  "snr_csf": 3.0171562675620023,
  "snr_gm": 16.700578492558652,
  "snr_total": 16.300065856056207,
  "snr_wm": 29.182462808047966,
  "snrd_csf": 42.682421136494014,
  "snrd_gm": 91.85977865298315,
  "snrd_total": 85.81001655166246,
  "snrd_wm": 122.88784986551023,
  "spacing_x": 1.0,
  "spacing_y": 1.0,
  "spacing_z": 1.0,
  "summary_bg_k": 4.676156687992972,
  "summary_bg_mad": 5.3311732643774,
  "summary_bg_mean": 4.817693167322171,
  "summary_bg_median": 3.595821723341942,
  "summary_bg_n": 2110632.0,
  "summary_bg_p05": 0.0,
  "summary_bg_p95": 17.396545320749283,
  "summary_bg_stdv": 6.164449832217563,
  "summary_csf_k": 1.7181941359955735,
  "summary_csf_mad": 88.05370813481443,
  "summary_csf_mean": 357.6429750064272,
  "summary_csf_median": 347.32825472950935,
  "summary_csf_n": 32882.0,
  "summary_csf_p05": 173.50442466810347,
  "summary_csf_p95": 565.9090166322886,
  "summary_csf_stdv": 115.11600409599053,
  "summary_gm_k": 0.4102888881460327,
  "summary_gm_mad": 41.398496298796566,
  "summary_gm_mean": 747.6067401573362,
  "summary_gm_median": 747.5090622752905,
  "summary_gm_n": 68687.0,
  "summary_gm_p05": 673.4692850366234,
  "summary_gm_p95": 822.418666779995,
  "summary_gm_stdv": 44.75914538964589,
  "summary_wm_k": 0.5963624875150288,
  "summary_wm_mad": 31.987039586264398,
  "summary_wm_mean": 999.7172216068353,
  "summary_wm_median": 1000.0000301003456,
  "summary_wm_n": 191033.0,
  "summary_wm_p05": 943.0092690438032,
  "summary_wm_p95": 1055.4238967746496,
  "summary_wm_stdv": 34.267067153503795,
  "tpm_overlap_csf": 0.14783047694836723,
  "tpm_overlap_gm": 0.48690042947788564,
  "tpm_overlap_wm": 0.5087209714050912,
  "wm2max": 0.9150567085163875
}