{
  "aor": 0.002296933333333333,
  "aqi": 0.004843322066666667,
  "bids_meta": {
    "AcquisitionMatrixPE": 96,
    "AcquisitionNumber": 1,
    "AcquisitionTime": "11:00:40.247500",
    "BandwidthPerPixelPhaseEncode": 16.276,
    "BaseResolution": 96,
    "BodyPartExamined": "BRAIN",
    "ConsistencyInfo": "N4_VE11C_LATEST_20160120",
    "ConversionSoftware": "dcm2niix",
    "ConversionSoftwareVersion": "v1.0.20190410  GCC6.3.0",
    "DerivedVendorReportedEchoSpacing": 0.000640002,
    "DeviceSerialNumber": "66044",
    "EchoTime": 0.0302,
    "EchoTrainLength": 84,
    "EffectiveEchoSpacing": 0.000640002,
    "FlipAngle": 90,
    "ImageComments": "Unaliased_MB3_PE3_CBPD0039_2@mackeylab:CBPD_data",
    "ImageOrientationPatientDICOM": [
      0.977978,
      0.180455,
      -0.104861,
      -0.163833,
      0.975026,
      0.149946
    ],
    "ImageType": [
      "ORIGINAL",
      "PRIMARY",
      "M",
      "MB",
      "ND",
      "MOSAIC"
    ],
    "ImagingFrequency": 123.255,
    "InPlanePhaseEncodingDirectionDICOM": "COL",
    "InstitutionAddress": "Curie_Blvd._422_Philadelphia_PA_US_19104",
    "InstitutionName": "SC3T",
    "MRAcquisitionType": "2D",
    "MagneticFieldStrength": 3,
    "Manufacturer": "Siemens",
    "ManufacturersModelName": "Prisma",
    "Modality": "MR",
    "MultibandAccelerationFactor": 3,
    "PartialFourier": 0.875,
    "PatientPosition": "HFS",
    "PercentPhaseFOV": 100,
    "PhaseEncodingDirection": "j-",
    "PhaseEncodingSteps": 84,
    "PhaseResolution": 1,
    "PixelBandwidth": 1860,
    "ProcedureStepDescription": "CAMRIS_Mackey",
    "ProtocolName": "BOLD_piper",
    "PulseSequenceDetails": "%CustomerSeq%_cmrr_mbep2d_bold",
    "ReceiveCoilActiveElements": "HEA;HEP",
    "ReceiveCoilName": "Head_32",
    "ReconMatrixPE": 96,
    "RepetitionTime": 2,
    "SAR": 0.105572,
    "ScanOptions": "PFP_FS_EXT",
    "ScanningSequence": "EP",
    "SequenceName": "epfid2d1_96",
    "SequenceVariant": "SK_SS",
    "SeriesDescription": "BOLD_piper",
    "SeriesNumber": 15,
    "ShimSetting": [
      3801,
      2725,
      489,
      530,
      -9,
      18,
      -107,
      50
    ],
    "SliceThickness": 2,
    "SliceTiming": [
      0,
      0.0775,
      0.1575,
      0.2375,
      0.315,
      0.395,
      0.475,
      0.5525,
      0.6325,
      0.7125,
      0.79,
      0.87,
      0.95,
      1.0275,
      1.1075,
      1.1875,
      1.265,
      1.345,
      1.425,
      1.5025,
      1.5825,
      1.6625,
      1.74,
      1.82,
      1.9,
      0,
      0.0775,
      0.1575,
      0.2375,
      0.315,
      0.395,
      0.475,
      0.5525,
      0.6325,
      0.7125,
      0.79,
      0.87,
      0.95,
      1.0275,
      1.1075,
      1.1875,
      1.265,
      1.345,
      1.425,
      1.5025,
      1.5825,
      1.6625,
      1.74,
      1.82,
      1.9,
      0,
      0.0775,
      0.1575,
      0.2375,
      0.315,
      0.395,
      0.475,
      0.5525,
      0.6325,
      0.7125,
      0.79,
      0.87,
      0.95,
      1.0275,
      1.1075,
      1.1875,
      1.265,
      1.345,
      1.425,
      1.5025,
      1.5825,
      1.6625,
      1.74,
      1.82,
      1.9
    ],
    "SoftwareVersions": "syngo_MR_E11",
    "SpacingBetweenSlices": 2,
    "StationName": "AWP66044",
    "TaskName": "piper",
    "TotalReadoutTime": 0.0608002,
    "TxRefAmp": 263.82,
    "WipMemBlock": "1a8861de-065e-490c-a98d-d3cdc88477a3||Sequence: R016 ve11c/master r/e634e98; Dec 19 2017 11:00:25 by eja",
    "dataset": "ds004228",
    "modality": "bold",
    "run_id": 1,
    "session_id": "01",
    "subject_id": "04",
    "task_id": "piper"
  },
  "dummy_trs": 0,
  "dvars_nstd": 34.77222411912752,
  "dvars_std": 1.1957822791946313,
  "dvars_vstd": 1.0111326754362417,
  "efc": 0.5454254104194995,
  "fber": 547.66552734375,
  "fd_mean": 0.10991226377567685,
  "fd_num": 11,
  "fd_perc": 7.333333333333333,
  "fwhm_avg": 3.33227680547119,
  "fwhm_x": 3.01057,
  "fwhm_y": 3.4140802034950375,
  "fwhm_z": 3.5721802129185325,
  "gcor": 0.005965,
  "gsr_x": -0.007843573577702045,
  "gsr_y": 0.049438316375017166,
  "provenance": {
    "md5sum": "0b08f10ec7505aa59fdd9010ffcd4059",
    "settings": {
      "fd_thres": 0.2,
      "testing": false
    },
    "software": "mriqc",
    "version": "23.0.1",
    "webapi_port": null,
    "webapi_url": "https://mriqc.nimh.nih.gov/api/v1"
  },
  "size_t": 150,
  "size_x": 96,
  "size_y": 96,
  "size_z": 75,
  "snr": 2.5359808558638335,
  "spacing_tr": 2.0,
  "spacing_x": 2.0,
  "spacing_y": 1.9999998807907104,
  "spacing_z": 1.9999998807907104,
  "summary_bg_k": 24.68269739672578,
  "summary_bg_mad": 69.57357950380049,
  "summary_bg_mean": 436.358154296875,
  "summary_bg_median": 234.92666625976562,
  "summary_bg_n": 439298.0,
  "summary_bg_p05": 175.9600067138672,
  "summary_bg_p95": 1479.7687194824214,
  "summary_bg_stdv": 567.653564453125,
  "summary_fg_k": 1.098275848904497,
  "summary_fg_mad": 1965.426688640733,
  "summary_fg_mean": 5968.97705078125,
  "summary_fg_median": 5592.06689453125,
  "summary_fg_n": 155491.0,
  "summary_fg_p05": 3218.7333984375,
  "summary_fg_p95": 10326.8837890625,
  "summary_fg_stdv": 2205.083251953125,
  "tsnr": 47.20459236530587
}