{
  "bids_meta": {
    "AcquisitionMatrixPE": 256,
    "AcquisitionNumber": 1,
    "AcquisitionTime": "10:23:17.265000",
    "BaseResolution": 256,
    "BodyPartExamined": "BRAIN",
    "ConsistencyInfo": "N4_VE11C_LATEST_20160120",
    "ConversionSoftware": "dcm2niix",
    "ConversionSoftwareVersion": "v1.0.20190410  GCC6.3.0",
    "DeviceSerialNumber": "66044",
    "EchoTime": 0.00169,
    "FlipAngle": 7,
    "ImageComments": "CBPD0002_2@mackeylab:CBPD_data",
    "ImageOrientationPatientDICOM": [
      -0.00241085,
      0.970011,
      0.243047,
      0.0697357,
      0.242619,
      -0.967612
    ],
    "ImageType": [
      "ORIGINAL",
      "PRIMARY",
      "OTHER",
      "ND",
      "NORM",
      "MEAN"
    ],
    "ImagingFrequency": 123.263,
    "InPlanePhaseEncodingDirectionDICOM": "ROW",
    "InstitutionAddress": "Curie_Blvd._422_Philadelphia_PA_US_19104",
    "InstitutionName": "SC3T",
    "InversionTime": 1.33,
    "MRAcquisitionType": "3D",
    "MagneticFieldStrength": 3,
    "Manufacturer": "Siemens",
    "ManufacturersModelName": "Prisma",
    "Modality": "MR",
    "NumberOfAverages": 4,
    "PartialFourier": 1,
    "PatientPosition": "HFS",
    "PercentPhaseFOV": 100,
    "PhaseEncodingSteps": 255,
    "PhaseResolution": 1,
    "PixelBandwidth": 650,
    "ProcedureStepDescription": "CAMRIS_Mackey",
    "ProtocolName": "vNav_MPRAGE_1mm_p3",
    "PulseSequenceDetails": "%CustomerSeq%_tfl_mgh_epinav_ABCD",
    "ReceiveCoilActiveElements": "HEA;HEP",
    "ReceiveCoilName": "Head_32",
    "ReconMatrixPE": 256,
    "RefLinesPE": 32,
    "RepetitionTime": 2.53,
    "SAR": 0.0399136,
    "ScanOptions": "IR_WE",
    "ScanningSequence": "GR_IR",
    "SequenceName": "tfl3d4_16ns",
    "SequenceVariant": "SK_SP_MP",
    "SeriesDescription": "vNav_MPRAGE_1mm_p3_RMS",
    "SeriesNumber": 9,
    "ShimSetting": [
      3756,
      2357,
      483,
      343,
      -115,
      -299,
      56,
      29
    ],
    "SliceThickness": 1,
    "SoftwareVersions": "syngo_MR_E11",
    "StationName": "AWP66044",
    "TxRefAmp": 222.126,
    "WipMemBlock": "Prisma_epi_moco_navigator_ABCD_tfl.prot",
    "dataset": "ds004228",
    "modality": "T1w",
    "run_id": 1,
    "session_id": "01",
    "subject_id": "01"
  },
  "cjv": 0.29057338305729524,
  "cnr": 4.550487896370821,
  "efc": 0.5670102348367052,
  "fber": 31619.952400000002,
  "fwhm_avg": 3.682033333333333,
  "fwhm_x": 3.82794,
  "fwhm_y": 3.77745,
  "fwhm_z": 3.44071,
  "icvs_csf": 0.1394745797326951,
  "icvs_gm": 0.5272758222047704,
  "icvs_wm": 0.33324959806253446,
  "inu_med": 0.44545111060142517,
  "inu_range": 0.18805730044841762,
  "provenance": {
    "md5sum": "f5de2168a788cdb43901a9f175ba3a6d",
    "settings": {
      "testing": false
    },
    "software": "mriqc",
    "version": "23.0.1",
    "warnings": {
      "large_rot_frame": true,
      "small_air_mask": false
    },
    "webapi_port": null,
    "webapi_url": "https://mriqc.nimh.nih.gov/api/v1"
  },
  "qi_1": 0.0,
  "qi_2": 0.0027556945278621793,
  "rpve_csf": 33.969775909534945,
  "rpve_gm": 10.53057568586852,
  "rpve_wm": 16.99169832601211,
  "size_x": 176,
  "size_y": 256,
  "size_z": 256,
  "snr_csf": 2.289927225833809,
  "snr_gm": 17.70537273697966,
  "snr_total": 16.06545601221656,
  "snr_wm": 28.20106807383622,
  "snrd_csf": 39.43260573506378,
  "snrd_gm": 89.07439410677983,
  "snrd_total": 82.56004377015533,
  "snrd_wm": 119.1731314686224,
  "spacing_x": 1.0,
  "spacing_y": 1.0,
  "spacing_z": 1.0,
  "summary_bg_k": 4.345055613837337,
  "summary_bg_mad": 5.497461312023756,
  "summary_bg_mean": 4.871381698794276,
  "summary_bg_median": 3.7079813070595264,
  "summary_bg_n": 2135605.0,
  "summary_bg_p05": 0.0,
  "summary_bg_p95": 17.628107853233814,
  "summary_bg_stdv": 6.405633434106219,
  "summary_csf_k": 0.47549221114005524,
  "summary_csf_mad": 126.90724214559756,
  "summary_csf_mean": 330.7887583855229,
  "summary_csf_median": 330.89174172095954,
  "summary_csf_n": 19034.0,
  "summary_csf_p05": 91.58511206507683,
  "summary_csf_p95": 575.3348372858014,
  "summary_csf_stdv": 144.49500654468238,
  "summary_gm_k": 0.4374700265583371,
  "summary_gm_mad": 40.04434933840255,
  "summary_gm_mean": 746.9417024960692,
  "summary_gm_median": 747.4520351700485,
  "summary_gm_n": 93892.0,
  "summary_gm_p05": 676.889961384423,
  "summary_gm_p95": 815.087235186249,
  "summary_gm_stdv": 42.215889260349684,
  "summary_wm_k": 0.5595631226572721,
  "summary_wm_mad": 33.34525713850475,
  "summary_wm_mean": 999.9241355573273,
  "summary_wm_median": 1000.020270101726,
  "summary_wm_n": 177910.0,
  "summary_wm_p05": 941.3906017353759,
  "summary_wm_p95": 1057.098867598921,
  "summary_wm_stdv": 35.46026898742982,
  "tpm_overlap_csf": 0.12314525294070806,
  "tpm_overlap_gm": 0.4765634813847588,
  "tpm_overlap_wm": 0.4805720503356392,
  "wm2max": 0.8977535243292406
}